{
  "AcquisitionMatrixPE": 96,
  "AcquisitionNumber": 1,
  "AcquisitionTime": "17:22:37.857500",
  "BandwidthPerPixelPhaseEncode": 18.539,
  "BaseResolution": 96,
  "BodyPartExamined": "BRAIN",
  "ConsistencyInfo": "N4_VD13D_LATEST_20130810",
  "ConversionSoftware": "dcm2niix",
  "ConversionSoftwareVersion": "v1.0.20191031",
  "DerivedVendorReportedEchoSpacing": 0.000936464,
  "DeviceSerialNumber": "67007",
  "DiffusionScheme": "Bipolar",
  "DwellTime": 2.9e-06,
  "EchoTime": 0.077,
  "EchoTrainLength": 47,
  "EffectiveEchoSpacing": 0.000561879,
  "FlipAngle": 90,
  "ImageOrientationPatientDICOM": [0.999984, -0.00336003, 0.00465511, 0.00349065, 0.999592, -0.0283416],
  "ImageType": [
    "ORIGINAL",
    "PRIMARY",
    "DIFFUSION",
    "NONE",
    "ND",
    "MOSAIC"
],
  "ImagingFrequency": 123.211,
  "InPlanePhaseEncodingDirectionDICOM": "COL",
  "InstitutionAddress": "Perth_Drive_100_London_Ontario_CA_N6A_5K8",
  "InstitutionName": "Robarts_Research_Institute",
  "InstitutionalDepartmentName": "CFMM",
  "MRAcquisitionType": "2D",
  "MagneticFieldStrength": 3,
  "Manufacturer": "Siemens",
  "ManufacturersModelName": "Prisma_fit",
  "Modality": "MR",
  "ParallelReductionFactorInPlane": 2,
  "PartialFourier": 0.75,
  "PatientPosition": "HFS",
  "PercentPhaseFOV": 100,
  "PhaseEncodingDirection": "j-",
  "PhaseEncodingSteps": 94,
  "PhaseOversampling": 0.2,
  "PhaseResolution": 1,
  "PixelBandwidth": 1795,
  "ProcedureStepDescription": "Owen_Naci",
  "ProtocolName": "ax_ep2d_diff_mddw_iPAT3-32CH",
  "PulseSequenceDetails": "%SiemensSeq%_ep2d_diff",
  "ReceiveCoilActiveElements": "HEA;HEP",
  "ReceiveCoilName": "Head_32",
  "ReconMatrixPE": 96,
  "RefLinesPE": 36,
  "RepetitionTime": 9.6,
  "SAR": 0.499518,
  "ScanOptions": "PFP_SAT1_FS",
  "ScanningSequence": "EP",
  "SequenceName": "_ep_b0",
  "SequenceVariant": "SK_SP_OSP",
  "SeriesDescription": "ax_ep2d_diff_mddw_iPAT3-32CH",
  "SeriesNumber": 15,
  "ShimSetting": [5248, -6235, -3792, 356, 0, -127, -53, 5],
  "SliceThickness": 2,
  "SliceTiming": [0, 4.8525, 0.125, 4.9775, 0.2475, 5.1, 0.3725, 5.225, 0.4975, 5.35, 0.6225, 5.475, 0.7475, 5.5975, 0.87, 5.7225, 0.995, 5.8475, 1.12, 5.9725, 1.245, 6.095, 1.3675, 6.22, 1.4925, 6.345, 1.6175, 6.47, 1.7425, 6.5925, 1.865, 6.7175, 1.99, 6.8425, 2.115, 6.9675, 2.24, 7.09, 2.3625, 7.215, 2.4875, 7.34, 2.6125, 7.465, 2.7375, 7.59, 2.8625, 7.7125, 2.985, 7.8375, 3.11, 7.9625, 3.235, 8.0875, 3.36, 8.21, 3.4825, 8.335, 3.6075, 8.46, 3.7325, 8.585, 3.8575, 8.7075, 3.98, 8.8325, 4.105, 8.9575, 4.23, 9.0825, 4.355, 9.205, 4.4775, 9.33, 4.6025, 9.455, 4.7275],
  "SoftwareVersions": "syngo_MR_D13D",
  "SpacingBetweenSlices": 2,
  "StationName": "AWP67007",
  "TotalReadoutTime": 0.0533785,
  "TxRefAmp": 325.354,
  "dcmmeta_affine": [
    [-1.999967098236084, 0.006981295999139547, 0.009115963242948055, 91.90933990478516],
    [0.006720054429024458, 1.9991843700408936, -0.056714821606874466, -78.31625366210938],
    [0.009310217574238777, 0.0566832572221756, 1.9991748332977295, -43.2564697265625],
    [0.0, 0.0, 0.0, 1.0]
],
  "dcmmeta_reorient_transform": [
    [0.0, -1.0, 0.0, 95.0],
    [1.0, 0.0, 0.0, 0.0],
    [0.0, 0.0, 1.0, 0.0],
    [0.0, 0.0, 0.0, 1.0]
],
  "dcmmeta_shape": [96, 96, 77, 65],
  "dcmmeta_slice_dim": 2,
  "dcmmeta_version": 0.6,
  "global": {
    "const": {
      "AcquisitionMatrix": [96, 0, 0, 96],
      "AngioFlag": "N",
      "BitsAllocated": 16,
      "BitsStored": 12,
      "BodyPartExamined": "BRAIN",
      "Columns": 864,
      "EchoNumbers": 1,
      "EchoTime": 77.0,
      "EchoTrainLength": 47,
      "FlipAngle": 90.0,
      "HighBit": 11,
      "ImageOrientationPatient": [0.99998351995347, -0.0033600272111, 0.00465510887225, 0.00349064788732, 0.99959220057892, -0.0283416287308],
      "ImagePositionPatient": [-863.2407225813, -876.7125724526, -19.680312693051],
      "ImageType": [
        "ORIGINAL",
        "PRIMARY",
        "DIFFUSION",
        "NONE",
        "ND",
        "MOSAIC"
],
      "ImagedNucleus": "1H",
      "ImagingFrequency": 123.211157,
      "InPlanePhaseEncodingDirection": "COL",
      "MRAcquisitionType": "2D",
      "MagneticFieldStrength": 3.0,
      "Manufacturer": "SIEMENS",
      "ManufacturerModelName": "Prisma_fit",
      "Modality": "MR",
      "NumberOfAverages": 1.0,
      "NumberOfPhaseEncodingSteps": 94,
      "PercentPhaseFieldOfView": 100.0,
      "PercentSampling": 100.0,
      "PerformedProcedureStepStartTime": "154514.560000",
      "PhotometricInterpretation": "MONOCHROME2",
      "PixelBandwidth": 1795.0,
      "PixelRepresentation": 0,
      "PixelSpacing": [2.0, 2.0],
      "ProtocolName": "ax _ep2d_diff_mddw_iPAT3-32CH",
      "RepetitionTime": 9600.0,
      "Rows": 864,
      "SAR": 0.49951790214055,
      "SamplesPerPixel": 1,
      "ScanOptions": [
        "PFP",
        "SAT1",
        "FS"
],
      "ScanningSequence": "EP",
      "SequenceVariant": [
        "SK",
        "SP",
        "OSP"
],
      "SeriesDescription": "ax _ep2d_diff_mddw_iPAT3-32CH",
      "SeriesNumber": 15,
      "SeriesTime": "172307.942000",
      "SliceLocation": -40.598856877566,
      "SliceThickness": 2.0,
      "SmallestImagePixelValue": 0,
      "SoftwareVersions": "syngo MR D13D",
      "SpacingBetweenSlices": 1.9999999591433,
      "SpecificCharacterSet": "ISO_IR 100",
      "StudyID": "1",
      "StudyTime": "154514.455000",
      "TimeOfLastCalibration": ["123723.000000", "123723.000000"],
      "TransmitCoilName": "Body",
      "VariableFlipAngleFlag": "N",
      "WindowCenterWidthExplanation": "Algo1",
      "dBdt": 0.0},
