{
  "AcquisitionMatrixPE": 64,
  "AcquisitionNumber": 2,
  "AcquisitionTime": "15:45:32.950000",
  "BandwidthPerPixelPhaseEncode": 40.064,
  "BaseResolution": 64,
  "BodyPartExamined": "BRAIN",
  "ConsistencyInfo": "N4_VD13D_LATEST_20130810",
  "ConversionSoftware": "dcm2niix",
  "ConversionSoftwareVersion": "v1.0.20191031",
  "DerivedVendorReportedEchoSpacing": 0.000780002,
  "DeviceSerialNumber": "67007",
  "DwellTime": 5.3e-06,
  "EchoTime": 0.03,
  "EchoTrainLength": 31,
  "EffectiveEchoSpacing": 0.000390001,
  "FlipAngle": 75,
  "ImageOrientationPatientDICOM": [0.99993, 0.00369369, -0.0112199, -0.00349043, 0.99983, 0.0180818],
  "ImageType": [
    "ORIGINAL",
    "PRIMARY",
    "M",
    "ND",
    "NORM",
    "MOSAIC"
],
  "ImagingFrequency": 123.211,
  "InPlanePhaseEncodingDirectionDICOM": "ROW",
  "InstitutionAddress": "Perth_Drive_100_London_Ontario_CA_N6A_5K8",
  "InstitutionName": "Robarts_Research_Institute",
  "InstitutionalDepartmentName": "CFMM",
  "MRAcquisitionType": "2D",
  "MagneticFieldStrength": 3,
  "Manufacturer": "Siemens",
  "ManufacturersModelName": "Prisma_fit",
  "Modality": "MR",
  "ParallelReductionFactorInPlane": 2,
  "PartialFourier": 1,
  "PatientPosition": "HFS",
  "PercentPhaseFOV": 100,
  "PhaseEncodingDirection": "i",
  "PhaseEncodingSteps": 63,
  "PhaseResolution": 1,
  "PixelBandwidth": 1475,
  "ProcedureStepDescription": "Owen_Naci",
  "ProtocolName": "taken",
  "PulseSequenceDetails": "%SiemensSeq%_ep2d_bold",
  "ReceiveCoilActiveElements": "HEA;HEP",
  "ReceiveCoilName": "Head_32",
  "ReconMatrixPE": 64,
  "RefLinesPE": 24,
  "RepetitionTime": 2,
  "SAR": 0.0926481,
  "ScanOptions": "FS",
  "ScanningSequence": "EP",
  "SequenceName": "_epfid2d1_64",
  "SequenceVariant": "SK",
  "SeriesDescription": "taken",
  "SeriesNumber": 3,
  "ShimSetting": [5238, -6182, -3817, 454, 34, -33, -19, 3],
  "SliceThickness": 3,
  "SliceTiming": [1.92, 1.86, 1.8, 1.74, 1.68, 1.62, 1.56, 1.5, 1.44, 1.38, 1.32, 1.26, 1.2, 1.14, 1.08, 1.02, 0.96, 0.9, 0.84, 0.78, 0.72, 0.66, 0.6, 0.54, 0.48, 0.42, 0.36, 0.3, 0.24, 0.18, 0.12, 0.06, 0],
  "SoftwareVersions": "syngo_MR_D13D",
  "SpacingBetweenSlices": 3.75,
  "StationName": "AWP67007",
  "TaskName": "movie",
  "TotalReadoutTime": 0.0245701,
  "TxRefAmp": 271.463,
  "dcmmeta_affine": [
    [-2.999790668487549, -0.010471288114786148, -0.042318008840084076, 95.87667846679688],
    [-0.01108106505125761, 2.9994912147521973, 0.06765512377023697, -71.85334777832031],
    [-0.03365974873304367, -0.054245367646217346, 3.7491509914398193, -42.570335388183594],
    [0.0, 0.0, 0.0, 1.0]
],
  "dcmmeta_reorient_transform": [
    [0.0, -1.0, 0.0, 63.0],
    [1.0, 0.0, 0.0, 0.0],
    [0.0, 0.0, 1.0, 0.0],
    [0.0, 0.0, 0.0, 1.0]
],
  "dcmmeta_shape": [64, 64, 33, 76],
  "dcmmeta_slice_dim": 2,
  "dcmmeta_version": 0.6,
  "global": {
    "const": {
      "AcquisitionMatrix": [0, 64, 64, 0],
      "AngioFlag": "N",
      "BitsAllocated": 16,
      "BitsStored": 12,
      "BodyPartExamined": "BRAIN",
      "Columns": 384,
      "EchoNumbers": 1,
      "EchoTime": 30.0,
      "EchoTrainLength": 31,
      "FlipAngle": 75.0,
      "HighBit": 11,
      "ImageOrientationPatient": [0.99993023264032, 0.00369368824165, -0.0112199161782, -0.0034904292199, 0.99983041852343, 0.01808178915698],
      "ImagePositionPatient": [-573.50809498297, -598.80617066819, -49.28149080722],
      "ImageType": [
        "ORIGINAL",
        "PRIMARY",
        "M",
        "ND",
        "NORM",
        "MOSAIC"
],
      "ImagedNucleus": "1H",
      "ImagingFrequency": 123.211017,
      "InPlanePhaseEncodingDirection": "ROW",
      "MRAcquisitionType": "2D",
      "MagneticFieldStrength": 3.0,
      "Manufacturer": "SIEMENS",
      "ManufacturerModelName": "Prisma_fit",
      "Modality": "MR",
      "NumberOfAverages": 1.0,
      "NumberOfPhaseEncodingSteps": 63,
      "PercentPhaseFieldOfView": 100.0,
      "PercentSampling": 100.0,
      "PerformedProcedureStepStartTime": "153227.866000",
      "PhotometricInterpretation": "MONOCHROME2",
      "PixelBandwidth": 1475.0,
      "PixelRepresentation": 0,
      "PixelSpacing": [3.0, 3.0],
      "ProtocolName": "taken",
      "RepetitionTime": 2000.0,
      "Rows": 384,
      "SAR": 0.09264814043676,
      "SamplesPerPixel": 1,
      "ScanOptions": "FS",
      "ScanningSequence": "EP",
      "SequenceName": "*epfid2d1_64",
      "SequenceVariant": "SK",
      "SeriesDescription": "taken",
      "SeriesNumber": 3,
      "SeriesTime": "154613.748000",
      "SliceLocation": -44.938975695286,
      "SliceThickness": 3.0,
      "SmallestImagePixelValue": 0,
      "SoftwareVersions": "syngo MR D13D",
      "SpacingBetweenSlices": 3.7500000394098,
      "SpecificCharacterSet": "ISO_IR 100",
      "StudyID": "1",
      "StudyTime": "153227.809000",
      "TimeOfLastCalibration": ["123723.000000", "123723.000000"],
      "TransmitCoilName": "Body",
      "VariableFlipAngleFlag": "N",
      "WindowCenterWidthExplanation": "Algo1",
      "dBdt": 0.0},
    "slices": {}
  },
  "time": {
    "samples": {
      "AcquisitionNumber": [2, 3, 9, 10, 11, 13, 14, 16, 17, 20, 21, 24, 25, 26, 28, 29, 32, 36, 37, 40, 46, 47, 48, 52, 54, 55, 56, 59, 61, 62, 65, 66, 67, 68, 71, 72, 73, 76, 78, 79, 81, 85, 86, 89, 94, 95, 97, 101, 104, 106, 109, 111, 112, 113, 115, 120, 123, 124, 125, 126, 128, 129, 130, 132, 133, 136, 137, 139, 140, 143, 144, 149, 150, 152, 153, 154],
      "AcquisitionTime": ["154532.950000", "154534.950000", "154546.950000", "154548.950000", "154550.950000", "154554.950000", "154556.950000", "154600.950000", "154602.950000", "154608.950000", "154610.950000", "154616.950000", "154618.950000", "154620.950000", "154624.950000", "154626.950000", "154632.950000", "154640.950000", "154642.950000", "154648.950000", "154700.950000", "154702.950000", "154704.950000", "154712.950000", "154716.950000", "154718.950000", "154720.950000", "154726.950000", "154730.950000", "154732.950000", "154738.950000", "154740.950000", "154742.950000", "154744.950000", "154750.950000", "154752.950000", "154754.950000", "154800.950000", "154804.950000", "154806.950000", "154810.950000", "154818.950000", "154820.950000", "154826.950000", "154836.950000", "154838.950000", "154842.950000", "154850.950000", "154856.950000", "154900.950000", "154906.950000", "154910.950000", "154912.950000", "154914.950000", "154918.950000", "154928.950000", "154934.950000", "154936.950000", "154938.950000", "154940.950000", "154944.950000", "154946.950000", "154948.950000", "154952.950000", "154954.950000", "155000.950000", "155002.950000", "155006.950000", "155008.950000", "155014.950000", "155016.950000", "155026.950000", "155028.950000", "155032.950000", "155034.950000", "155036.950000"],
      "ContentTime": ["154613.757000", "154613.765000", "154613.788000", "154613.790000", "154613.793000", "154613.799000", "154613.801000", "154613.807000", "154613.810000", "154613.818000", "154613.821000", "154653.751000", "154653.754000", "154653.757000", "154653.770000", "154653.773000", "154653.781000", "154653.792000", "154653.795000", "154653.804000", "154733.756000", "154733.759000", "154733.762000", "154733.773000", "154733.779000", "154733.782000", "154733.784000", "154733.793000", "154733.799000", "154813.746000", "154813.754000", "154813.757000", "154813.760000", "154813.762000", "154813.771000", "154813.773000", "154813.776000", "154813.784000", "154813.790000", "154813.801000", "154813.807000", "154853.754000", "154853.757000", "154853.765000", "154853.779000", "154853.782000", "154853.788000", "154853.800000", "154913.752000", "154913.758000", "154913.766000", "154913.772000", "154953.745000", "154953.748000", "154953.754000", "154953.768000", "154953.777000", "154953.779000", "154953.782000", "154953.785000", "154953.791000", "154953.794000", "154953.797000", "155033.746000", "155033.749000", "155033.757000", "155033.760000", "155033.766000", "155033.769000", "155033.778000", "155033.780000", "155033.795000", "155033.798000", "155039.990000", "155039.994000", "155039.996000"],
      "InstanceCreationTime": ["154613.757000", "154613.765000", "154613.788000", "154613.790000", "154613.793000", "154613.799000", "154613.801000", "154613.807000", "154613.810000", "154613.818000", "154613.821000", "154653.751000", "154653.754000", "154653.757000", "154653.770000", "154653.773000", "154653.781000", "154653.792000", "154653.795000", "154653.804000", "154733.756000", "154733.759000", "154733.762000", "154733.773000", "154733.779000", "154733.782000", "154733.784000", "154733.793000", "154733.799000", "154813.746000", "154813.754000", "154813.757000", "154813.760000", "154813.762000", "154813.771000", "154813.773000", "154813.776000", "154813.784000", "154813.790000", "154813.801000", "154813.807000", "154853.754000", "154853.757000", "154853.765000", "154853.779000", "154853.782000", "154853.788000", "154853.800000", "154913.752000", "154913.758000", "154913.766000", "154913.772000", "154953.745000", "154953.748000", "154953.754000", "154953.768000", "154953.777000", "154953.779000", "154953.782000", "154953.785000", "154953.791000", "154953.794000", "154953.797000", "155033.746000", "155033.749000", "155033.757000", "155033.760000", "155033.766000", "155033.769000", "155033.778000", "155033.780000", "155033.795000", "155033.798000", "155039.990000", "155039.994000", "155039.996000"],
      "InstanceNumber": [2, 3, 9, 10, 11, 13, 14, 16, 17, 20, 21, 24, 25, 26, 28, 29, 32, 36, 37, 40, 46, 47, 48, 52, 54, 55, 56, 59, 61, 62, 65, 66, 67, 68, 71, 72, 73, 76, 78, 79, 81, 85, 86, 89, 94, 95, 97, 101, 104, 106, 109, 111, 112, 113, 115, 120, 123, 124, 125, 126, 128, 129, 130, 132, 133, 136, 137, 139, 140, 143, 144, 149, 150, 152, 153, 154],
      "LargestImagePixelValue": [918, 1065, 900, 1109, 935, 1046, 1006, 1323, 1127, 1462, 1172, 985, 954, 1358, 1142, 1122, 906, 1388, 991, 1054, 1005, 925, 937, 962, 1089, 988, 984, 1179, 964, 925, 927, 1036, 1027, 968, 938, 1017, 904, 1252, 1219, 1020, 939, 944, 1260, 982, 1002, 1149, 953, 1059, 1023, 1136, 932, 1195, 1283, 1530, 959, 944, 890, 1190, 1014, 1059, 975, 995, 924, 942, 1089, 1154, 1036, 1069, 1069, 979, 1308, 1257, 944, 1106, 920, 1314],
      "WindowCenter": [479.0, 481.0, 478.0, 480.0, 478.0, 480.0, 480.0, 482.0, 480.0, 483.0, 480.0, 479.0, 479.0, 481.0, 480.0, 480.0, 477.0, 481.0, 477.0, 480.0, 477.0, 477.0, 476.0, 478.0, 479.0, 477.0, 478.0, 481.0, 478.0, 479.0, 479.0, 479.0, 479.0, 478.0, 477.0, 478.0, 478.0, 481.0, 480.0, 478.0, 477.0, 478.0, 479.0, 479.0, 479.0, 481.0, 479.0, 481.0, 479.0, 480.0, 478.0, 481.0, 481.0, 481.0, 476.0, 477.0, 479.0, 481.0, 479.0, 479.0, 478.0, 479.0, 479.0, 479.0, 480.0, 482.0, 481.0, 479.0, 479.0, 480.0, 482.0, 482.0, 479.0, 481.0, 480.0, 482.0],
      "WindowWidth": [998.0, 1002.0, 996.0, 998.0, 996.0, 999.0, 999.0, 1002.0, 999.0, 1003.0, 998.0, 996.0, 998.0, 1001.0, 998.0, 998.0, 993.0, 1001.0, 994.0, 999.0, 993.0, 994.0, 992.0, 996.0, 997.0, 994.0, 995.0, 1001.0, 995.0, 998.0, 997.0, 997.0, 997.0, 996.0, 994.0, 996.0, 996.0, 1001.0, 998.0, 995.0, 995.0, 996.0, 997.0, 996.0, 998.0, 1001.0, 998.0, 1000.0, 998.0, 999.0, 996.0, 1000.0, 1000.0, 1000.0, 993.0, 994.0, 997.0, 1001.0, 997.0, 997.0, 995.0, 997.0, 997.0, 997.0, 999.0, 1003.0, 1000.0, 998.0, 998.0, 999.0, 1001.0, 1002.0, 998.0, 1000.0, 999.0, 1002.0]
    },
    "slices": {}
  }
}