{
  "AcquisitionMatrixPE": 64,
  "AcquisitionNumber": 5,
  "AcquisitionTime": "18:18:59.145000",
  "BandwidthPerPixelPhaseEncode": 40.064,
  "BaseResolution": 64,
  "BodyPartExamined": "BRAIN",
  "ConsistencyInfo": "N4_VD13D_LATEST_20130810",
  "ConversionSoftware": "dcm2niix",
  "ConversionSoftwareVersion": "v1.0.20191031",
  "DerivedVendorReportedEchoSpacing": 0.000780002,
  "DeviceSerialNumber": "67007",
  "DwellTime": 5.3e-06,
  "EchoTime": 0.03,
  "EchoTrainLength": 31,
  "EffectiveEchoSpacing": 0.000390001,
  "FlipAngle": 75,
  "ImageOrientationPatientDICOM": [0.99932, -0.029433, 0.0222249, 0.034897, 0.949593, -0.311538],
  "ImageType": [
    "ORIGINAL",
    "PRIMARY",
    "M",
    "ND",
    "NORM",
    "MOSAIC"
],
  "ImagingFrequency": 123.21,
  "InPlanePhaseEncodingDirectionDICOM": "ROW",
  "InstitutionAddress": "Perth_Drive_100_London_Ontario_CA_N6A_5K8",
  "InstitutionName": "Robarts-CFMM",
  "InstitutionalDepartmentName": "CFMM",
  "MRAcquisitionType": "2D",
  "MagneticFieldStrength": 3,
  "Manufacturer": "Siemens",
  "ManufacturersModelName": "Prisma_fit",
  "Modality": "MR",
  "ParallelReductionFactorInPlane": 2,
  "PartialFourier": 1,
  "PatientPosition": "HFS",
  "PercentPhaseFOV": 100,
  "PhaseEncodingDirection": "i",
  "PhaseEncodingSteps": 63,
  "PhaseResolution": 1,
  "PixelBandwidth": 1475,
  "ProcedureStepDescription": "Owen_Naci",
  "ProtocolName": "Resting_State_recov",
  "PulseSequenceDetails": "%SiemensSeq%_ep2d_bold",
  "ReceiveCoilActiveElements": "HEA;HEP",
  "ReceiveCoilName": "Head_32",
  "ReconMatrixPE": 64,
  "RefLinesPE": 24,
  "RepetitionTime": 2,
  "SAR": 0.0848424,
  "ScanOptions": "FS",
  "ScanningSequence": "EP",
  "SequenceName": "_epfid2d1_64",
  "SequenceVariant": "SK",
  "SeriesDescription": "Resting_State_recov",
  "SeriesNumber": 22,
  "ShimSetting": [5245, -6140, -3832, 270, -17, -122, -27, 14],
  "SliceThickness": 3,
  "SliceTiming": [1.92, 1.86, 1.8, 1.74, 1.68, 1.62, 1.56, 1.5, 1.44, 1.38, 1.32, 1.26, 1.2, 1.14, 1.08, 1.02, 0.96, 0.9, 0.84, 0.78, 0.72, 0.66, 0.6, 0.54, 0.48, 0.42, 0.36, 0.3, 0.24, 0.18, 0.12, 0.06, 0],
  "SoftwareVersions": "syngo_MR_D13D",
  "SpacingBetweenSlices": 3.75,
  "StationName": "AWP67007",
  "TaskName": "rest",
  "TotalReadoutTime": 0.0245701,
  "TxRefAmp": 253.945,
  "dcmmeta_affine": [
    [-2.9979588985443115, 0.1046910434961319, 0.04475642740726471, 93.71014404296875],
    [0.08829907327890396, 2.848778009414673, -1.1703815460205078, -54.875518798828125],
    [0.06667455285787582, 0.9346143007278442, 3.562401533126831, -87.03402709960938],
    [0.0, 0.0, 0.0, 1.0]
],
  "dcmmeta_reorient_transform": [
    [0.0, -1.0, 0.0, 63.0],
    [1.0, 0.0, 0.0, 0.0],
    [0.0, 0.0, 1.0, 0.0],
    [0.0, 0.0, 0.0, 1.0]
],
  "dcmmeta_shape": [64, 64, 33, 122],
  "dcmmeta_slice_dim": 2,
  "dcmmeta_version": 0.6,
  "global": {
    "const": {
      "AcquisitionMatrix": [0, 64, 64, 0],
      "AngioFlag": "N",
      "BitsAllocated": 16,
      "BitsStored": 12,
      "BodyPartExamined": "BRAIN",
      "Columns": 384,
      "EchoNumbers": 1,
      "EchoTime": 30.0,
      "EchoTrainLength": 31,
      "FlipAngle": 75.0,
      "HighBit": 11,
      "ImageOrientationPatient": [0.99931964510563, -0.0294330235543, 0.02222485164003, 0.03489701348822, 0.94959265263866, -0.3115381076278],
      "ImagePositionPatient": [-596.72967247294, -566.2741152369, 110.71704058199],
      "ImageType": [
        "ORIGINAL",
        "PRIMARY",
        "M",
        "ND",
        "NORM",
        "MOSAIC"
],
      "ImagedNucleus": "1H",
      "ImagingFrequency": 123.210426,
      "InPlanePhaseEncodingDirection": "ROW",
      "MRAcquisitionType": "2D",
      "MagneticFieldStrength": 3.0,
      "Manufacturer": "SIEMENS",
      "ManufacturerModelName": "Prisma_fit",
      "Modality": "MR",
      "NumberOfAverages": 1.0,
      "NumberOfPhaseEncodingSteps": 63,
      "PercentPhaseFieldOfView": 100.0,
      "PercentSampling": 100.0,
      "PerformedProcedureStepStartTime": "162835.248000",
      "PhotometricInterpretation": "MONOCHROME2",
      "PixelBandwidth": 1475.0,
      "PixelRepresentation": 0,
      "PixelSpacing": [3.0, 3.0],
      "ProtocolName": "Resting State_recov",
      "RepetitionTime": 2000.0,
      "Rows": 384,
      "SAR": 0.08484235164639,
      "SamplesPerPixel": 1,
      "ScanOptions": "FS",
      "ScanningSequence": "EP",
      "SequenceName": "*epfid2d1_64",
      "SequenceVariant": "SK",
      "SeriesDescription": "Resting State_recov",
      "SeriesNumber": 22,
      "SeriesTime": "181946.751000",
      "SliceLocation": -64.434856699476,
      "SliceThickness": 3.0,
      "SmallestImagePixelValue": 0,
      "SoftwareVersions": "syngo MR D13D",
      "SpacingBetweenSlices": 3.7500000545764,
      "SpecificCharacterSet": "ISO_IR 100",
      "StudyID": "1",
      "StudyTime": "162835.183000",
      "TimeOfLastCalibration": ["123723.000000", "123723.000000"],
      "TransmitCoilName": "Body",
      "VariableFlipAngleFlag": "N",
      "WindowCenterWidthExplanation": "Algo1",
      "dBdt": 0.0},
