{
  "AcquisitionMatrixPE": 64,
  "AcquisitionNumber": 1,
  "AcquisitionTime": "16:36:22.300000",
  "BandwidthPerPixelPhaseEncode": 40.064,
  "BaseResolution": 64,
  "BodyPartExamined": "BRAIN",
  "ConsistencyInfo": "N4_VD13D_LATEST_20130810",
  "ConversionSoftware": "dcm2niix",
  "ConversionSoftwareVersion": "v1.0.20191031",
  "DerivedVendorReportedEchoSpacing": 0.000780002,
  "DeviceSerialNumber": "67007",
  "DwellTime": 5.3e-06,
  "EchoTime": 0.03,
  "EchoTrainLength": 31,
  "EffectiveEchoSpacing": 0.000390001,
  "FlipAngle": 75,
  "ImageOrientationPatientDICOM": [0.99932, -0.029433, 0.0222249, 0.034897, 0.949593, -0.311538],
  "ImageType": [
    "ORIGINAL",
    "PRIMARY",
    "M",
    "ND",
    "NORM",
    "MOSAIC"
],
  "ImagingFrequency": 123.21,
  "InPlanePhaseEncodingDirectionDICOM": "ROW",
  "InstitutionAddress": "Perth_Drive_100_London_Ontario_CA_N6A_5K8",
  "InstitutionName": "Robarts-CFMM",
  "InstitutionalDepartmentName": "CFMM",
  "MRAcquisitionType": "2D",
  "MagneticFieldStrength": 3,
  "Manufacturer": "Siemens",
  "ManufacturersModelName": "Prisma_fit",
  "Modality": "MR",
  "ParallelReductionFactorInPlane": 2,
  "PartialFourier": 1,
  "PatientPosition": "HFS",
  "PercentPhaseFOV": 100,
  "PhaseEncodingDirection": "i",
  "PhaseEncodingSteps": 63,
  "PhaseResolution": 1,
  "PixelBandwidth": 1475,
  "ProcedureStepDescription": "Owen_Naci",
  "ProtocolName": "taken",
  "PulseSequenceDetails": "%SiemensSeq%_ep2d_bold",
  "ReceiveCoilActiveElements": "HEA;HEP",
  "ReceiveCoilName": "Head_32",
  "ReconMatrixPE": 64,
  "RefLinesPE": 24,
  "RepetitionTime": 2,
  "SAR": 0.084685,
  "ScanOptions": "FS",
  "ScanningSequence": "EP",
  "SequenceName": "_epfid2d1_64",
  "SequenceVariant": "SK",
  "SeriesDescription": "taken",
  "SeriesNumber": 2,
  "ShimSetting": [5245, -6140, -3832, 270, -17, -122, -27, 14],
  "SliceThickness": 3,
  "SliceTiming": [1.92, 1.86, 1.8, 1.74, 1.68, 1.62, 1.56, 1.5, 1.44, 1.38, 1.32, 1.26, 1.2, 1.14, 1.08, 1.02, 0.96, 0.9, 0.84, 0.78, 0.72, 0.66, 0.6, 0.54, 0.48, 0.42, 0.36, 0.3, 0.24, 0.18, 0.12, 0.06, 0],
  "SoftwareVersions": "syngo_MR_D13D",
  "SpacingBetweenSlices": 3.75,
  "StationName": "AWP67007",
  "TaskName": "movie",
  "TotalReadoutTime": 0.0245701,
  "TxRefAmp": 253.945,
  "dcmmeta_affine": [
    [-2.9979588985443115, 0.1046910434961319, 0.04475642740726471, 93.71014404296875],
    [0.08829907327890396, 2.848778009414673, -1.1703815460205078, -54.875518798828125],
    [0.06667455285787582, 0.9346143007278442, 3.562401533126831, -87.03402709960938],
    [0.0, 0.0, 0.0, 1.0]
],
  "dcmmeta_reorient_transform": [
    [0.0, -1.0, 0.0, 63.0],
    [1.0, 0.0, 0.0, 0.0],
    [0.0, 0.0, 1.0, 0.0],
    [0.0, 0.0, 0.0, 1.0]
],
  "dcmmeta_shape": [64, 64, 33, 84],
  "dcmmeta_slice_dim": 2,
  "dcmmeta_version": 0.6,
  "global": {
    "const": {
      "AcquisitionMatrix": [0, 64, 64, 0],
      "AngioFlag": "N",
      "BitsAllocated": 16,
      "BitsStored": 12,
      "BodyPartExamined": "BRAIN",
      "Columns": 384,
      "EchoNumbers": 1,
      "EchoTime": 30.0,
      "EchoTrainLength": 31,
      "FlipAngle": 75.0,
      "HighBit": 11,
      "ImageOrientationPatient": [0.99931964510563, -0.0294330235543, 0.02222485164003, 0.03489701348822, 0.94959265263866, -0.3115381076278],
      "ImagePositionPatient": [-596.72967247294, -566.2741152369, 110.71704058199],
      "ImageType": [
        "ORIGINAL",
        "PRIMARY",
        "M",
        "ND",
        "NORM",
        "MOSAIC"
],
      "ImagedNucleus": "1H",
      "ImagingFrequency": 123.210423,
      "InPlanePhaseEncodingDirection": "ROW",
      "MRAcquisitionType": "2D",
      "MagneticFieldStrength": 3.0,
      "Manufacturer": "SIEMENS",
      "ManufacturerModelName": "Prisma_fit",
      "Modality": "MR",
      "NumberOfAverages": 1.0,
      "NumberOfPhaseEncodingSteps": 63,
      "PercentPhaseFieldOfView": 100.0,
      "PercentSampling": 100.0,
      "PerformedProcedureStepStartTime": "162835.248000",
      "PhotometricInterpretation": "MONOCHROME2",
      "PixelBandwidth": 1475.0,
      "PixelRepresentation": 0,
      "PixelSpacing": [3.0, 3.0],
      "ProtocolName": "taken",
      "RepetitionTime": 2000.0,
      "Rows": 384,
      "SAR": 0.08468500112895,
      "SamplesPerPixel": 1,
      "ScanOptions": "FS",
      "ScanningSequence": "EP",
      "SequenceName": "*epfid2d1_64",
      "SequenceVariant": "SK",
      "SeriesDescription": "taken",
      "SeriesNumber": 2,
      "SeriesTime": "163706.750000",
      "SliceLocation": -64.434856699476,
      "SliceThickness": 3.0,
      "SmallestImagePixelValue": 0,
      "SoftwareVersions": "syngo MR D13D",
      "SpacingBetweenSlices": 3.7500000545764,
      "SpecificCharacterSet": "ISO_IR 100",
      "StudyID": "1",
      "StudyTime": "162835.183000",
      "TimeOfLastCalibration": ["123723.000000", "123723.000000"],
      "TransmitCoilName": "Body",
      "VariableFlipAngleFlag": "N",
      "WindowCenterWidthExplanation": "Algo1",
      "dBdt": 0.0},
    "slices": {}
  },
  "time": {
    "samples": {
      "AcquisitionNumber": [1, 3, 9, 10, 12, 13, 14, 17, 22, 23, 25, 26, 27, 29, 30, 32, 34, 37, 38, 43, 45, 46, 47, 48, 50, 51, 52, 54, 56, 58, 61, 62, 63, 64, 65, 70, 71, 72, 73, 76, 77, 78, 80, 82, 83, 84, 85, 86, 87, 91, 97, 98, 99, 101, 102, 103, 105, 106, 107, 108, 112, 113, 117, 121, 124, 127, 130, 131, 132, 133, 134, 135, 136, 138, 139, 140, 144, 146, 147, 148, 150, 151, 152, 154],
      "AcquisitionTime": ["163622.300000", "163626.300000", "163638.300000", "163640.300000", "163644.300000", "163646.300000", "163648.300000", "163654.300000", "163704.300000", "163706.300000", "163710.300000", "163712.300000", "163714.300000", "163718.300000", "163720.300000", "163724.300000", "163728.300000", "163734.300000", "163736.300000", "163746.300000", "163750.300000", "163752.300000", "163754.300000", "163756.300000", "163800.300000", "163802.300000", "163804.300000", "163808.300000", "163812.300000", "163816.300000", "163822.300000", "163824.300000", "163826.300000", "163828.300000", "163830.300000", "163840.300000", "163842.300000", "163844.300000", "163846.300000", "163852.300000", "163854.300000", "163856.300000", "163900.300000", "163904.300000", "163906.300000", "163908.300000", "163910.300000", "163912.300000", "163914.300000", "163922.300000", "163934.300000", "163936.300000", "163938.300000", "163942.300000", "163944.300000", "163946.300000", "163950.300000", "163952.300000", "163954.300000", "163956.300000", "164004.300000", "164006.300000", "164014.300000", "164022.300000", "164028.300000", "164034.300000", "164040.300000", "164042.300000", "164044.300000", "164046.300000", "164048.300000", "164050.300000", "164052.300000", "164056.300000", "164058.300000", "164100.300000", "164108.300000", "164112.300000", "164114.300000", "164116.300000", "164120.300000", "164122.300000", "164124.300000", "164128.300000"],
      "ContentTime": ["163706.754000", "163706.760000", "163706.786000", "163706.789000", "163706.794000", "163706.797000", "163706.799000", "163706.808000", "163706.821000", "163746.748000", "163746.753000", "163746.756000", "163746.759000", "163746.768000", "163746.771000", "163746.777000", "163746.782000", "163746.790000", "163746.794000", "163826.749000", "163826.755000", "163826.757000", "163826.760000", "163826.763000", "163826.768000", "163826.771000", "163826.773000", "163826.779000", "163826.784000", "163826.790000", "163826.798000", "163826.801000", "163906.749000", "163906.752000", "163906.755000", "163906.769000", "163906.771000", "163906.774000", "163906.777000", "163906.785000", "163906.788000", "163906.791000", "163906.797000", "163906.802000", "163946.749000", "163946.752000", "163946.755000", "163946.758000", "163946.761000", "163946.772000", "163946.788000", "163946.791000", "163946.794000", "163946.799000", "163946.802000", "164026.749000", "164026.755000", "164026.758000", "164026.760000", "164026.763000", "164026.774000", "164026.777000", "164026.788000", "164026.800000", "164106.756000", "164106.764000", "164106.772000", "164106.775000", "164106.778000", "164106.780000", "164106.783000", "164106.786000", "164106.788000", "164106.794000", "164106.797000", "164106.799000", "164130.879000", "164130.885000", "164130.887000", "164130.891000", "164130.897000", "164130.900000", "164130.903000", "164130.909000"],
      "InstanceCreationTime": ["163706.754000", "163706.760000", "163706.786000", "163706.789000", "163706.794000", "163706.797000", "163706.799000", "163706.808000", "163706.821000", "163746.748000", "163746.753000", "163746.756000", "163746.759000", "163746.768000", "163746.771000", "163746.777000", "163746.782000", "163746.790000", "163746.794000", "163826.749000", "163826.755000", "163826.757000", "163826.760000", "163826.763000", "163826.768000", "163826.771000", "163826.773000", "163826.779000", "163826.784000", "163826.790000", "163826.798000", "163826.801000", "163906.749000", "163906.752000", "163906.755000", "163906.769000", "163906.771000", "163906.774000", "163906.777000", "163906.785000", "163906.788000", "163906.791000", "163906.797000", "163906.802000", "163946.749000", "163946.752000", "163946.755000", "163946.758000", "163946.761000", "163946.772000", "163946.788000", "163946.791000", "163946.794000", "163946.799000", "163946.802000", "164026.749000", "164026.755000", "164026.758000", "164026.760000", "164026.763000", "164026.774000", "164026.777000", "164026.788000", "164026.800000", "164106.756000", "164106.764000", "164106.772000", "164106.775000", "164106.778000", "164106.780000", "164106.783000", "164106.786000", "164106.788000", "164106.794000", "164106.797000", "164106.799000", "164130.879000", "164130.885000", "164130.887000", "164130.891000", "164130.897000", "164130.900000", "164130.903000", "164130.909000"],
      "InstanceNumber": [1, 3, 9, 10, 12, 13, 14, 17, 22, 23, 25, 26, 27, 29, 30, 32, 34, 37, 38, 43, 45, 46, 47, 48, 50, 51, 52, 54, 56, 58, 61, 62, 63, 64, 65, 70, 71, 72, 73, 76, 77, 78, 80, 82, 83, 84, 85, 86, 87, 91, 97, 98, 99, 101, 102, 103, 105, 106, 107, 108, 112, 113, 117, 121, 124, 127, 130, 131, 132, 133, 134, 135, 136, 138, 139, 140, 144, 146, 147, 148, 150, 151, 152, 154],
      "LargestImagePixelValue": [761, 747, 704, 748, 706, 686, 744, 696, 674, 711, 804, 720, 690, 732, 688, 695, 686, 685, 695, 755, 738, 675, 698, 671, 680, 678, 724, 676, 686, 670, 675, 742, 842, 677, 660, 657, 702, 707, 697, 765, 806, 656, 679, 751, 691, 660, 667, 712, 833, 683, 663, 703, 666, 664, 637, 734, 664, 716, 658, 714, 673, 654, 682, 696, 697, 706, 644, 738, 648, 637, 668, 864, 840, 666, 672, 690, 741, 725, 676, 695, 661, 723, 660, 771],
      "WindowCenter": [374.0, 372.0, 371.0, 372.0, 372.0, 371.0, 373.0, 372.0, 371.0, 372.0, 373.0, 372.0, 372.0, 372.0, 371.0, 372.0, 371.0, 370.0, 370.0, 372.0, 372.0, 371.0, 371.0, 371.0, 371.0, 371.0, 372.0, 371.0, 371.0, 371.0, 372.0, 372.0, 373.0, 371.0, 371.0, 371.0, 372.0, 371.0, 371.0, 373.0, 372.0, 370.0, 370.0, 372.0, 370.0, 370.0, 371.0, 372.0, 372.0, 370.0, 370.0, 371.0, 371.0, 371.0, 371.0, 373.0, 371.0, 372.0, 371.0, 372.0, 370.0, 370.0, 371.0, 372.0, 370.0, 371.0, 371.0, 371.0, 370.0, 371.0, 372.0, 374.0, 373.0, 370.0, 370.0, 371.0, 371.0, 370.0, 370.0, 370.0, 371.0, 372.0, 371.0, 373.0],
      "WindowWidth": [795.0, 790.0, 789.0, 790.0, 791.0, 789.0, 792.0, 790.0, 789.0, 792.0, 793.0, 791.0, 790.0, 790.0, 789.0, 790.0, 789.0, 788.0, 787.0, 790.0, 790.0, 789.0, 789.0, 789.0, 789.0, 789.0, 791.0, 789.0, 789.0, 789.0, 790.0, 791.0, 792.0, 789.0, 789.0, 789.0, 790.0, 789.0, 790.0, 791.0, 790.0, 788.0, 787.0, 790.0, 787.0, 787.0, 789.0, 790.0, 791.0, 788.0, 788.0, 790.0, 789.0, 789.0, 790.0, 792.0, 789.0, 790.0, 789.0, 790.0, 787.0, 787.0, 789.0, 790.0, 788.0, 789.0, 789.0, 790.0, 788.0, 789.0, 791.0, 794.0, 792.0, 788.0, 788.0, 789.0, 788.0, 787.0, 787.0, 787.0, 789.0, 791.0, 790.0, 793.0]
    },
    "slices": {}
  }
}