{
  "AcquisitionMatrixPE": 64,
  "AcquisitionNumber": 3,
  "AcquisitionTime": "16:20:20.835000",
  "BandwidthPerPixelPhaseEncode": 40.064,
  "BaseResolution": 64,
  "BodyPartExamined": "BRAIN",
  "ConsistencyInfo": "N4_VD13D_LATEST_20130810",
  "ConversionSoftware": "dcm2niix",
  "ConversionSoftwareVersion": "v1.0.20191031",
  "DerivedVendorReportedEchoSpacing": 0.000780002,
  "DeviceSerialNumber": "67007",
  "DwellTime": 5.3e-06,
  "EchoTime": 0.03,
  "EchoTrainLength": 31,
  "EffectiveEchoSpacing": 0.000390001,
  "FlipAngle": 75,
  "ImageOrientationPatientDICOM": [1, -2.00395e-10, 4.3693e-11, 2.05103e-10, 0.977046, -0.21303],
  "ImageType": [
    "ORIGINAL",
    "PRIMARY",
    "M",
    "ND",
    "NORM",
    "MOSAIC"
],
  "ImagingFrequency": 123.211,
  "InPlanePhaseEncodingDirectionDICOM": "ROW",
  "InstitutionAddress": "Perth_Drive_100_London_Ontario_CA_N6A_5K8",
  "InstitutionName": "Robarts-CFMM",
  "InstitutionalDepartmentName": "CFMM",
  "MRAcquisitionType": "2D",
  "MagneticFieldStrength": 3,
  "Manufacturer": "Siemens",
  "ManufacturersModelName": "Prisma_fit",
  "Modality": "MR",
  "ParallelReductionFactorInPlane": 2,
  "PartialFourier": 1,
  "PatientPosition": "HFS",
  "PercentPhaseFOV": 100,
  "PhaseEncodingDirection": "i",
  "PhaseEncodingSteps": 63,
  "PhaseResolution": 1,
  "PixelBandwidth": 1475,
  "ProcedureStepDescription": "Owen_Naci",
  "ProtocolName": "Taken",
  "PulseSequenceDetails": "%SiemensSeq%_ep2d_bold",
  "ReceiveCoilActiveElements": "HEA;HEP",
  "ReceiveCoilName": "Head_32",
  "ReconMatrixPE": 64,
  "RefLinesPE": 24,
  "RepetitionTime": 2,
  "SAR": 0.0811923,
  "ScanOptions": "FS",
  "ScanningSequence": "EP",
  "SequenceName": "_epfid2d1_64",
  "SequenceVariant": "SK",
  "SeriesDescription": "Taken",
  "SeriesNumber": 5,
  "ShimSetting": [5242, -6117, -3817, 297, -14, 115, -82, 6],
  "SliceThickness": 3,
  "SliceTiming": [1.92, 1.86, 1.8, 1.74, 1.68, 1.62, 1.56, 1.5, 1.44, 1.38, 1.32, 1.26, 1.2, 1.14, 1.08, 1.02, 0.96, 0.9, 0.84, 0.78, 0.72, 0.66, 0.6, 0.54, 0.48, 0.42, 0.36, 0.3, 0.24, 0.18, 0.12, 0.06, 0],
  "SoftwareVersions": "syngo_MR_D13D",
  "SpacingBetweenSlices": 3.75,
  "StationName": "AWP67007",
  "TaskName": "movie",
  "TotalReadoutTime": 0.0245701,
  "TxRefAmp": 257.03,
  "dcmmeta_affine": [
    [-3.0, 6.153090259530813e-10, -6.51852468707472e-16, 99.65092468261719],
    [6.01184990678405e-10, 2.9311366081237793, -0.7988640069961548, -67.37769317626953],
    [1.31078994880518e-10, 0.6390911936759949, 3.6639208793640137, -56.40758514404297],
    [0.0, 0.0, 0.0, 1.0]
],
  "dcmmeta_reorient_transform": [
    [0.0, -1.0, 0.0, 63.0],
    [1.0, 0.0, 0.0, 0.0],
    [0.0, 0.0, 1.0, 0.0],
    [0.0, 0.0, 0.0, 1.0]
],
  "dcmmeta_shape": [64, 64, 33, 83],
  "dcmmeta_slice_dim": 2,
  "dcmmeta_version": 0.6,
  "global": {
    "const": {
      "AcquisitionMatrix": [0, 64, 64, 0],
      "AngioFlag": "N",
      "BitsAllocated": 16,
      "BitsStored": 12,
      "BodyPartExamined": "BRAIN",
      "Columns": 384,
      "EchoNumbers": 1,
      "EchoTime": 30.0,
      "EchoTrainLength": 31,
      "FlipAngle": 75.0,
      "HighBit": 11,
      "ImageOrientationPatient": [1.0, -2.00395e-10, 4.3693e-11, 2.05103e-10, 0.97704557251007, -0.2130303951047],
      "ImagePositionPatient": [-579.65092718494, -586.2657984785, 86.109751024373],
      "ImageType": [
        "ORIGINAL",
        "PRIMARY",
        "M",
        "ND",
        "NORM",
        "MOSAIC"
],
      "ImagedNucleus": "1H",
      "ImagingFrequency": 123.210981,
      "InPlanePhaseEncodingDirection": "ROW",
      "MRAcquisitionType": "2D",
      "MagneticFieldStrength": 3.0,
      "Manufacturer": "SIEMENS",
      "ManufacturerModelName": "Prisma_fit",
      "Modality": "MR",
      "NumberOfAverages": 1.0,
      "NumberOfPhaseEncodingSteps": 63,
      "PercentPhaseFieldOfView": 100.0,
      "PercentSampling": 100.0,
      "PerformedProcedureStepStartTime": "150817.850000",
      "PhotometricInterpretation": "MONOCHROME2",
      "PixelBandwidth": 1475.0,
      "PixelRepresentation": 0,
      "PixelSpacing": [3.0, 3.0],
      "ProtocolName": "Taken",
      "RepetitionTime": 2000.0,
      "Rows": 384,
      "SAR": 0.08119231582983,
      "SamplesPerPixel": 1,
      "ScanOptions": "FS",
      "ScanningSequence": "EP",
      "SequenceName": "*epfid2d1_64",
      "SequenceVariant": "SK",
      "SeriesDescription": "Taken",
      "SeriesNumber": 5,
      "SeriesTime": "162102.630000",
      "SliceLocation": -40.759283697934,
      "SliceThickness": 3.0,
      "SmallestImagePixelValue": 0,
      "SoftwareVersions": "syngo MR D13D",
      "SpacingBetweenSlices": 3.7499999803191,
      "SpecificCharacterSet": "ISO_IR 100",
      "StudyID": "1",
      "StudyTime": "150817.803000",
      "TimeOfLastCalibration": ["123723.000000", "123723.000000"],
      "TransmitCoilName": "Body",
      "VariableFlipAngleFlag": "N",
      "WindowCenterWidthExplanation": "Algo1",
      "dBdt": 0.0},
    "slices": {}
  },
  "time": {
    "samples": {
      "AcquisitionNumber": [3, 4, 6, 8, 9, 10, 12, 13, 18, 20, 22, 23, 24, 28, 30, 32, 33, 36, 37, 39, 40, 41, 42, 43, 46, 48, 49, 51, 53, 54, 55, 58, 59, 62, 64, 65, 66, 70, 71, 72, 73, 74, 79, 80, 81, 82, 84, 85, 88, 89, 90, 92, 94, 95, 98, 100, 101, 102, 103, 107, 112, 113, 115, 117, 118, 123, 124, 125, 126, 132, 133, 135, 137, 139, 141, 143, 144, 147, 148, 149, 151, 154, 155],
      "AcquisitionTime": ["162020.835000", "162022.835000", "162026.835000", "162030.835000", "162032.835000", "162034.835000", "162038.835000", "162040.835000", "162050.835000", "162054.835000", "162058.835000", "162100.835000", "162102.835000", "162110.835000", "162114.835000", "162118.835000", "162120.835000", "162126.835000", "162128.835000", "162132.835000", "162134.835000", "162136.835000", "162138.835000", "162140.835000", "162146.835000", "162150.835000", "162152.835000", "162156.835000", "162200.835000", "162202.835000", "162204.835000", "162210.835000", "162212.835000", "162218.835000", "162222.835000", "162224.835000", "162226.835000", "162234.835000", "162236.835000", "162238.835000", "162240.835000", "162242.835000", "162252.835000", "162254.837500", "162256.837500", "162258.837500", "162302.837500", "162304.837500", "162310.837500", "162312.837500", "162314.837500", "162318.837500", "162322.837500", "162324.837500", "162330.837500", "162334.837500", "162336.837500", "162338.837500", "162340.837500", "162348.837500", "162358.837500", "162400.837500", "162404.837500", "162408.837500", "162410.837500", "162420.837500", "162422.837500", "162424.837500", "162426.837500", "162438.837500", "162440.837500", "162444.837500", "162448.837500", "162452.837500", "162456.837500", "162500.837500", "162502.837500", "162508.837500", "162510.837500", "162512.837500", "162516.837500", "162522.837500", "162524.837500"],
      "ContentTime": ["162102.642000", "162102.645000", "162102.651000", "162102.656000", "162102.659000", "162102.662000", "162102.668000", "162102.671000", "162102.685000", "162102.691000", "162102.702000", "162102.705000", "162142.628000", "162142.640000", "162142.646000", "162142.651000", "162142.656000", "162142.664000", "162142.675000", "162142.681000", "162142.684000", "162142.687000", "162142.689000", "162142.692000", "162222.637000", "162222.643000", "162222.645000", "162222.651000", "162222.656000", "162222.659000", "162222.662000", "162222.670000", "162222.673000", "162222.682000", "162302.629000", "162302.633000", "162302.636000", "162302.647000", "162302.650000", "162302.653000", "162302.656000", "162302.659000", "162302.674000", "162302.677000", "162302.680000", "162302.682000", "162342.627000", "162342.630000", "162342.639000", "162342.642000", "162342.644000", "162342.650000", "162342.655000", "162342.658000", "162342.667000", "162342.673000", "162342.675000", "162342.678000", "162342.681000", "162422.637000", "162422.652000", "162422.655000", "162422.661000", "162422.667000", "162422.669000", "162422.684000", "162502.628000", "162502.632000", "162502.635000", "162502.652000", "162502.655000", "162502.660000", "162502.666000", "162502.672000", "162502.678000", "162502.684000", "162525.353000", "162525.362000", "162525.365000", "162525.368000", "162525.374000", "162525.386000", "162525.390000"],
      "InstanceCreationTime": ["162102.642000", "162102.645000", "162102.651000", "162102.656000", "162102.659000", "162102.662000", "162102.668000", "162102.671000", "162102.685000", "162102.691000", "162102.702000", "162102.705000", "162142.628000", "162142.640000", "162142.646000", "162142.651000", "162142.656000", "162142.664000", "162142.675000", "162142.681000", "162142.684000", "162142.687000", "162142.689000", "162142.692000", "162222.637000", "162222.643000", "162222.645000", "162222.651000", "162222.656000", "162222.659000", "162222.662000", "162222.670000", "162222.673000", "162222.682000", "162302.629000", "162302.633000", "162302.636000", "162302.647000", "162302.650000", "162302.653000", "162302.656000", "162302.659000", "162302.674000", "162302.677000", "162302.680000", "162302.682000", "162342.627000", "162342.630000", "162342.639000", "162342.642000", "162342.644000", "162342.650000", "162342.655000", "162342.658000", "162342.667000", "162342.673000", "162342.675000", "162342.678000", "162342.681000", "162422.637000", "162422.652000", "162422.655000", "162422.661000", "162422.667000", "162422.669000", "162422.684000", "162502.628000", "162502.632000", "162502.635000", "162502.652000", "162502.655000", "162502.660000", "162502.666000", "162502.672000", "162502.678000", "162502.684000", "162525.353000", "162525.362000", "162525.365000", "162525.368000", "162525.374000", "162525.386000", "162525.390000"],
      "InstanceNumber": [3, 4, 6, 8, 9, 10, 12, 13, 18, 20, 22, 23, 24, 28, 30, 32, 33, 36, 37, 39, 40, 41, 42, 43, 46, 48, 49, 51, 53, 54, 55, 58, 59, 62, 64, 65, 66, 70, 71, 72, 73, 74, 79, 80, 81, 82, 84, 85, 88, 89, 90, 92, 94, 95, 98, 100, 101, 102, 103, 107, 112, 113, 115, 117, 118, 123, 124, 125, 126, 132, 133, 135, 137, 139, 141, 143, 144, 147, 148, 149, 151, 154, 155],
      "LargestImagePixelValue": [809, 817, 847, 753, 817, 833, 800, 817, 823, 847, 858, 826, 934, 909, 785, 823, 878, 837, 962, 796, 828, 899, 806, 835, 831, 841, 851, 845, 789, 807, 925, 809, 880, 820, 758, 762, 884, 796, 876, 795, 749, 932, 778, 863, 781, 777, 853, 785, 983, 798, 768, 870, 766, 788, 821, 905, 823, 843, 840, 825, 797, 755, 770, 787, 852, 867, 814, 932, 782, 917, 757, 796, 778, 780, 896, 827, 924, 772, 901, 816, 848, 919, 783],
      "WindowCenter": [436.0, 436.0, 435.0, 436.0, 437.0, 438.0, 437.0, 438.0, 438.0, 438.0, 438.0, 438.0, 438.0, 437.0, 436.0, 435.0, 437.0, 436.0, 437.0, 436.0, 436.0, 437.0, 436.0, 437.0, 436.0, 437.0, 437.0, 437.0, 435.0, 435.0, 436.0, 436.0, 437.0, 436.0, 436.0, 436.0, 437.0, 436.0, 437.0, 437.0, 435.0, 438.0, 436.0, 436.0, 436.0, 436.0, 436.0, 436.0, 437.0, 435.0, 435.0, 435.0, 435.0, 435.0, 435.0, 435.0, 434.0, 435.0, 435.0, 434.0, 435.0, 435.0, 436.0, 436.0, 436.0, 437.0, 436.0, 438.0, 436.0, 437.0, 436.0, 436.0, 436.0, 436.0, 438.0, 437.0, 438.0, 436.0, 437.0, 436.0, 435.0, 438.0, 436.0],
      "WindowWidth": [913.0, 913.0, 912.0, 913.0, 915.0, 916.0, 915.0, 917.0, 916.0, 917.0, 917.0, 916.0, 916.0, 916.0, 914.0, 912.0, 914.0, 913.0, 915.0, 913.0, 913.0, 914.0, 913.0, 915.0, 914.0, 914.0, 915.0, 914.0, 912.0, 911.0, 913.0, 914.0, 914.0, 912.0, 914.0, 914.0, 915.0, 913.0, 914.0, 915.0, 912.0, 915.0, 913.0, 913.0, 914.0, 914.0, 913.0, 912.0, 915.0, 912.0, 911.0, 910.0, 911.0, 911.0, 911.0, 912.0, 909.0, 910.0, 911.0, 909.0, 911.0, 912.0, 913.0, 913.0, 913.0, 915.0, 914.0, 915.0, 913.0, 914.0, 913.0, 914.0, 914.0, 913.0, 916.0, 915.0, 917.0, 913.0, 915.0, 914.0, 912.0, 915.0, 914.0]
    },
    "slices": {}
  }
}