{
  "AcquisitionMatrixPE": 96,
  "AcquisitionNumber": 1,
  "AcquisitionTime": "20:12:5.337500",
  "BandwidthPerPixelPhaseEncode": 18.539,
  "BaseResolution": 96,
  "BodyPartExamined": "BRAIN",
  "ConsistencyInfo": "N4_VD13D_LATEST_20130810",
  "ConversionSoftware": "dcm2niix",
  "ConversionSoftwareVersion": "v1.0.20191031",
  "DerivedVendorReportedEchoSpacing": 0.000936464,
  "DeviceSerialNumber": "67007",
  "DiffusionScheme": "Bipolar",
  "DwellTime": 2.9e-06,
  "EchoTime": 0.077,
  "EchoTrainLength": 47,
  "EffectiveEchoSpacing": 0.000561879,
  "FlipAngle": 90,
  "ImageOrientationPatientDICOM": [0.999133, 0.0414006, 0.00450159, -0.0401293, 0.98603, -0.161662],
  "ImageType": [
    "ORIGINAL",
    "PRIMARY",
    "DIFFUSION",
    "NONE",
    "ND",
    "MOSAIC"
],
  "ImagingFrequency": 123.211,
  "InPlanePhaseEncodingDirectionDICOM": "COL",
  "InstitutionAddress": "Perth_Drive_100_London_Ontario_CA_N6A_5K8",
  "InstitutionName": "Robarts_Research_Institute",
  "InstitutionalDepartmentName": "CFMM",
  "MRAcquisitionType": "2D",
  "MagneticFieldStrength": 3,
  "Manufacturer": "Siemens",
  "ManufacturersModelName": "Prisma_fit",
  "Modality": "MR",
  "ParallelReductionFactorInPlane": 2,
  "PartialFourier": 0.75,
  "PatientPosition": "HFS",
  "PercentPhaseFOV": 100,
  "PhaseEncodingDirection": "j-",
  "PhaseEncodingSteps": 94,
  "PhaseOversampling": 0.2,
  "PhaseResolution": 1,
  "PixelBandwidth": 1795,
  "ProcedureStepDescription": "Owen_Naci",
  "ProtocolName": "ax_ep2d_diff_mddw_iPAT3-32CH",
  "PulseSequenceDetails": "%SiemensSeq%_ep2d_diff",
  "ReceiveCoilActiveElements": "HEA;HEP",
  "ReceiveCoilName": "Head_32",
  "ReconMatrixPE": 96,
  "RefLinesPE": 36,
  "RepetitionTime": 9.6,
  "SAR": 0.454992,
  "ScanOptions": "PFP_SAT1_FS",
  "ScanningSequence": "EP",
  "SequenceName": "_ep_b0",
  "SequenceVariant": "SK_SP_OSP",
  "SeriesDescription": "ax_ep2d_diff_mddw_iPAT3-32CH",
  "SeriesNumber": 15,
  "ShimSetting": [5263, -6210, -3771, 390, 25, -120, 114, -11],
  "SliceThickness": 2,
  "SliceTiming": [0, 4.8525, 0.125, 4.9775, 0.25, 5.1025, 0.375, 5.225, 0.4975, 5.35, 0.6225, 5.475, 0.7475, 5.6, 0.8725, 5.7225, 0.995, 5.8475, 1.12, 5.9725, 1.245, 6.0975, 1.37, 6.22, 1.4925, 6.345, 1.6175, 6.47, 1.7425, 6.595, 1.8675, 6.7175, 1.99, 6.8425, 2.115, 6.9675, 2.24, 7.0925, 2.365, 7.2175, 2.49, 7.34, 2.6125, 7.465, 2.7375, 7.59, 2.8625, 7.715, 2.9875, 7.8375, 3.11, 7.9625, 3.235, 8.0875, 3.36, 8.2125, 3.485, 8.335, 3.6075, 8.46, 3.7325, 8.585, 3.8575, 8.71, 3.9825, 8.8325, 4.105, 8.9575, 4.23, 9.0825, 4.355, 9.2075, 4.48, 9.3325, 4.605, 9.455, 4.7275],
  "SoftwareVersions": "syngo_MR_D13D",
  "SpacingBetweenSlices": 2,
  "StationName": "AWP67007",
  "TotalReadoutTime": 0.0533785,
  "TxRefAmp": 322.304,
  "dcmmeta_affine": [
    [-1.998265027999878, -0.08025863766670227, 0.02226322889328003, 101.3363265991211],
    [-0.08280123025178909, 1.9720598459243774, -0.32268232107162476, -60.94335174560547],
    [0.009003187529742718, 0.3233240842819214, 1.9736719131469727, -65.2483901977539],
    [0.0, 0.0, 0.0, 1.0]
],
  "dcmmeta_reorient_transform": [
    [0.0, -1.0, 0.0, 95.0],
    [1.0, 0.0, 0.0, 0.0],
    [0.0, 0.0, 1.0, 0.0],
    [0.0, 0.0, 0.0, 1.0]
],
  "dcmmeta_shape": [96, 96, 77, 65],
  "dcmmeta_slice_dim": 2,
  "dcmmeta_version": 0.6,
  "global": {
    "const": {
      "AcquisitionMatrix": [96, 0, 0, 96],
      "AngioFlag": "N",
      "BitsAllocated": 16,
      "BitsStored": 12,
      "BodyPartExamined": "BRAIN",
      "Columns": 864,
      "EchoNumbers": 1,
      "EchoTime": 77.0,
      "EchoTrainLength": 47,
      "FlipAngle": 90.0,
      "HighBit": 11,
      "ImageOrientationPatient": [0.99913248611879, 0.04140061394149, 0.00450159386765, -0.0401293203183, 0.98602992929917, -0.1616620430932],
      "ImagePositionPatient": [-830.22618772529, -915.46899036701, 86.166625384278],
      "ImageType": [
        "ORIGINAL",
        "PRIMARY",
        "DIFFUSION",
        "NONE",
        "ND",
        "MOSAIC"
],
      "ImagedNucleus": "1H",
      "ImagingFrequency": 123.211186,
      "InPlanePhaseEncodingDirection": "COL",
      "MRAcquisitionType": "2D",
      "MagneticFieldStrength": 3.0,
      "Manufacturer": "SIEMENS",
      "ManufacturerModelName": "Prisma_fit",
      "Modality": "MR",
      "NumberOfAverages": 1.0,
      "NumberOfPhaseEncodingSteps": 94,
      "PercentPhaseFieldOfView": 100.0,
      "PercentSampling": 100.0,
      "PerformedProcedureStepStartTime": "183209.631000",
      "PhotometricInterpretation": "MONOCHROME2",
      "PixelBandwidth": 1795.0,
      "PixelRepresentation": 0,
      "PixelSpacing": [2.0, 2.0],
      "ProtocolName": "ax _ep2d_diff_mddw_iPAT3-32CH",
      "RepetitionTime": 9600.0,
      "Rows": 864,
      "SAR": 0.45499243737746,
      "SamplesPerPixel": 1,
      "ScanOptions": [
        "PFP",
        "SAT1",
        "FS"
],
      "ScanningSequence": "EP",
      "SequenceVariant": [
        "SK",
        "SP",
        "OSP"
],
      "SeriesDescription": "ax _ep2d_diff_mddw_iPAT3-32CH",
      "SeriesNumber": 15,
      "SeriesTime": "201322.533000",
      "SliceLocation": -53.428744559135,
      "SliceThickness": 2.0,
      "SmallestImagePixelValue": 0,
      "SoftwareVersions": "syngo MR D13D",
      "SpacingBetweenSlices": 2.0000000359589,
      "SpecificCharacterSet": "ISO_IR 100",
      "StudyID": "1",
      "StudyTime": "183209.576000",
      "TimeOfLastCalibration": ["123723.000000", "123723.000000"],
      "TransmitCoilName": "Body",
      "VariableFlipAngleFlag": "N",
      "WindowCenterWidthExplanation": "Algo1",
      "dBdt": 0.0},
