{
  "AcquisitionMatrixPE": 64,
  "AcquisitionNumber": 1,
  "AcquisitionTime": "18:45:35.460000",
  "BandwidthPerPixelPhaseEncode": 40.064,
  "BaseResolution": 64,
  "BodyPartExamined": "BRAIN",
  "ConsistencyInfo": "N4_VD13D_LATEST_20130810",
  "ConversionSoftware": "dcm2niix",
  "ConversionSoftwareVersion": "v1.0.20191031",
  "DerivedVendorReportedEchoSpacing": 0.000780002,
  "DeviceSerialNumber": "67007",
  "DwellTime": 5.3e-06,
  "EchoTime": 0.03,
  "EchoTrainLength": 31,
  "EffectiveEchoSpacing": 0.000390001,
  "FlipAngle": 75,
  "ImageOrientationPatientDICOM": [0.999918, 0.0125148, 0.00277053, -0.0122169, 0.995918, -0.0894372],
  "ImageType": [
    "ORIGINAL",
    "PRIMARY",
    "M",
    "ND",
    "NORM",
    "MOSAIC"
],
  "ImagingFrequency": 123.211,
  "InPlanePhaseEncodingDirectionDICOM": "ROW",
  "InstitutionAddress": "Perth_Drive_100_London_Ontario_CA_N6A_5K8",
  "InstitutionName": "Robarts_Research_Institute",
  "InstitutionalDepartmentName": "CFMM",
  "MRAcquisitionType": "2D",
  "MagneticFieldStrength": 3,
  "Manufacturer": "Siemens",
  "ManufacturersModelName": "Prisma_fit",
  "Modality": "MR",
  "ParallelReductionFactorInPlane": 2,
  "PartialFourier": 1,
  "PatientPosition": "HFS",
  "PercentPhaseFOV": 100,
  "PhaseEncodingDirection": "i",
  "PhaseEncodingSteps": 63,
  "PhaseResolution": 1,
  "PixelBandwidth": 1475,
  "ProcedureStepDescription": "Owen_Naci",
  "ProtocolName": "taken_LIGHT_SED",
  "PulseSequenceDetails": "%SiemensSeq%_ep2d_bold",
  "ReceiveCoilActiveElements": "HEA;HEP",
  "ReceiveCoilName": "Head_32",
  "ReconMatrixPE": 64,
  "RefLinesPE": 24,
  "RepetitionTime": 2,
  "SAR": 0.110708,
  "ScanOptions": "FS",
  "ScanningSequence": "EP",
  "SequenceName": "_epfid2d1_64",
  "SequenceVariant": "SK",
  "SeriesDescription": "taken_LIGHT_SED",
  "SeriesNumber": 7,
  "ShimSetting": [5232, -6187, -3725, 402, -34, -48, 164, 39],
  "SliceThickness": 3,
  "SliceTiming": [1.92, 1.86, 1.8, 1.74, 1.68, 1.62, 1.56, 1.5, 1.44, 1.38, 1.32, 1.26, 1.2, 1.14, 1.08, 1.02, 0.96, 0.9, 0.84, 0.78, 0.72, 0.66, 0.6, 0.54, 0.48, 0.42, 0.36, 0.3, 0.24, 0.18, 0.12, 0.06, 0],
  "SoftwareVersions": "syngo_MR_D13D",
  "SpacingBetweenSlices": 3.75,
  "StationName": "AWP67007",
  "TaskName": "movie",
  "TotalReadoutTime": 0.0245701,
  "TxRefAmp": 305.385,
  "dcmmeta_affine": [
    [-2.999753475189209, -0.036650728434324265, 0.014544394798576832, 96.53829193115234],
    [-0.03754435479640961, 2.987752676010132, -0.33523520827293396, -73.544921875],
    [0.008311583660542965, 0.2683117389678955, 3.734957456588745, -15.257863998413086],
    [0.0, 0.0, 0.0, 1.0]
],
  "dcmmeta_reorient_transform": [
    [0.0, -1.0, 0.0, 63.0],
    [1.0, 0.0, 0.0, 0.0],
    [0.0, 0.0, 1.0, 0.0],
    [0.0, 0.0, 0.0, 1.0]
],
  "dcmmeta_shape": [64, 64, 33, 81],
  "dcmmeta_slice_dim": 2,
  "dcmmeta_version": 0.6,
  "global": {
    "const": {
      "AcquisitionMatrix": [0, 64, 64, 0],
      "AngioFlag": "N",
      "BitsAllocated": 16,
      "BitsStored": 12,
      "BodyPartExamined": "BRAIN",
      "Columns": 384,
      "EchoNumbers": 1,
      "EchoTime": 30.0,
      "EchoTrainLength": 31,
      "FlipAngle": 75.0,
      "HighBit": 11,
      "ImageOrientationPatient": [0.99991784879056, 0.0125147850803, 0.00277052782863, -0.0122169090894, 0.99591752959904, -0.0894372482227],
      "ImagePositionPatient": [-568.32574940034, -598.73100236052, 43.245801801932],
      "ImageType": [
        "ORIGINAL",
        "PRIMARY",
        "M",
        "ND",
        "NORM",
        "MOSAIC"
],
      "ImagedNucleus": "1H",
      "ImagingFrequency": 123.210946,
      "InPlanePhaseEncodingDirection": "ROW",
      "MRAcquisitionType": "2D",
      "MagneticFieldStrength": 3.0,
      "Manufacturer": "SIEMENS",
      "ManufacturerModelName": "Prisma_fit",
      "Modality": "MR",
      "NumberOfAverages": 1.0,
      "NumberOfPhaseEncodingSteps": 63,
      "PercentPhaseFieldOfView": 100.0,
      "PercentSampling": 100.0,
      "PerformedProcedureStepStartTime": "174926.300000",
      "PhotometricInterpretation": "MONOCHROME2",
      "PixelBandwidth": 1475.0,
      "PixelRepresentation": 0,
      "PixelSpacing": [3.0, 3.0],
      "ProtocolName": "taken_LIGHT SED",
      "RepetitionTime": 2000.0,
      "Rows": 384,
      "SAR": 0.11070843273823,
      "SamplesPerPixel": 1,
      "ScanOptions": "FS",
      "ScanningSequence": "EP",
      "SequenceName": "*epfid2d1_64",
      "SequenceVariant": "SK",
      "SeriesDescription": "taken_LIGHT SED",
      "SeriesNumber": 7,
      "SeriesTime": "184633.747000",
      "SliceLocation": -8.2476085545625,
      "SliceThickness": 3.0,
      "SmallestImagePixelValue": 0,
      "SoftwareVersions": "syngo MR D13D",
      "SpacingBetweenSlices": 3.7500000810215,
      "SpecificCharacterSet": "ISO_IR 100",
      "StudyID": "1",
      "StudyTime": "174926.246000",
      "TimeOfLastCalibration": ["123723.000000", "123723.000000"],
      "TransmitCoilName": "Body",
      "VariableFlipAngleFlag": "N",
      "WindowCenterWidthExplanation": "Algo1",
      "dBdt": 0.0},
    "slices": {}
  },
  "time": {
    "samples": {
      "AcquisitionNumber": [1, 3, 4, 6, 7, 8, 9, 10, 14, 15, 19, 22, 24, 25, 28, 32, 33, 34, 37, 39, 42, 43, 45, 47, 49, 50, 53, 54, 55, 57, 58, 59, 60, 61, 62, 63, 64, 67, 69, 70, 71, 74, 76, 78, 79, 82, 84, 89, 90, 91, 92, 93, 94, 96, 97, 98, 101, 104, 110, 111, 112, 113, 116, 117, 118, 119, 121, 123, 125, 129, 132, 133, 134, 135, 136, 139, 141, 143, 145, 150, 151],
      "AcquisitionTime": ["184535.460000", "184539.460000", "184541.460000", "184545.460000", "184547.460000", "184549.460000", "184551.460000", "184553.460000", "184601.460000", "184603.460000", "184611.460000", "184617.460000", "184621.460000", "184623.460000", "184629.460000", "184637.460000", "184639.460000", "184641.460000", "184647.460000", "184651.460000", "184657.460000", "184659.460000", "184703.460000", "184707.460000", "184711.460000", "184713.460000", "184719.460000", "184721.460000", "184723.460000", "184727.460000", "184729.460000", "184731.460000", "184733.460000", "184735.460000", "184737.460000", "184739.460000", "184741.460000", "184747.460000", "184751.460000", "184753.460000", "184755.460000", "184801.460000", "184805.460000", "184809.460000", "184811.460000", "184817.462500", "184821.462500", "184831.462500", "184833.462500", "184835.462500", "184837.462500", "184839.462500", "184841.462500", "184845.462500", "184847.462500", "184849.462500", "184855.462500", "184901.462500", "184913.462500", "184915.462500", "184917.462500", "184919.462500", "184925.462500", "184927.462500", "184929.462500", "184931.462500", "184935.462500", "184939.462500", "184943.462500", "184951.462500", "184957.462500", "184959.462500", "185001.462500", "185003.462500", "185005.462500", "185011.462500", "185015.462500", "185019.462500", "185023.462500", "185033.462500", "185035.462500"],
      "ContentTime": ["184633.752000", "184633.759000", "184633.762000", "184633.767000", "184633.770000", "184633.773000", "184633.776000", "184633.779000", "184633.790000", "184633.793000", "184633.805000", "184633.813000", "184633.819000", "184633.822000", "184633.831000", "184713.751000", "184713.754000", "184713.757000", "184713.765000", "184713.775000", "184713.783000", "184713.786000", "184713.791000", "184713.797000", "184713.802000", "184753.746000", "184753.755000", "184753.758000", "184753.760000", "184753.766000", "184753.769000", "184753.772000", "184753.775000", "184753.777000", "184753.780000", "184753.783000", "184753.786000", "184753.795000", "184753.801000", "184833.745000", "184833.748000", "184833.757000", "184833.762000", "184833.768000", "184833.771000", "184833.780000", "184833.785000", "184833.799000", "184913.746000", "184913.749000", "184913.752000", "184913.755000", "184913.757000", "184913.763000", "184913.766000", "184913.769000", "184913.777000", "184913.786000", "184953.746000", "184953.749000", "184953.752000", "184953.754000", "184953.763000", "184953.766000", "184953.769000", "184953.771000", "184953.777000", "184953.783000", "184953.789000", "184953.800000", "185033.750000", "185033.753000", "185033.755000", "185033.758000", "185033.761000", "185033.770000", "185033.775000", "185033.781000", "185033.787000", "185044.120000", "185044.123000"],
      "InstanceCreationTime": ["184633.752000", "184633.759000", "184633.762000", "184633.767000", "184633.770000", "184633.773000", "184633.776000", "184633.779000", "184633.790000", "184633.793000", "184633.805000", "184633.813000", "184633.819000", "184633.822000", "184633.831000", "184713.751000", "184713.754000", "184713.757000", "184713.765000", "184713.775000", "184713.783000", "184713.786000", "184713.791000", "184713.797000", "184713.802000", "184753.746000", "184753.755000", "184753.758000", "184753.760000", "184753.766000", "184753.769000", "184753.772000", "184753.775000", "184753.777000", "184753.780000", "184753.783000", "184753.786000", "184753.795000", "184753.801000", "184833.745000", "184833.748000", "184833.757000", "184833.762000", "184833.768000", "184833.771000", "184833.780000", "184833.785000", "184833.799000", "184913.746000", "184913.749000", "184913.752000", "184913.755000", "184913.757000", "184913.763000", "184913.766000", "184913.769000", "184913.777000", "184913.786000", "184953.746000", "184953.749000", "184953.752000", "184953.754000", "184953.763000", "184953.766000", "184953.769000", "184953.771000", "184953.777000", "184953.783000", "184953.789000", "184953.800000", "185033.750000", "185033.753000", "185033.755000", "185033.758000", "185033.761000", "185033.770000", "185033.775000", "185033.781000", "185033.787000", "185044.120000", "185044.123000"],
      "InstanceNumber": [1, 3, 4, 6, 7, 8, 9, 10, 14, 15, 19, 22, 24, 25, 28, 32, 33, 34, 37, 39, 42, 43, 45, 47, 49, 50, 53, 54, 55, 57, 58, 59, 60, 61, 62, 63, 64, 67, 69, 70, 71, 74, 76, 78, 79, 82, 84, 89, 90, 91, 92, 93, 94, 96, 97, 98, 101, 104, 110, 111, 112, 113, 116, 117, 118, 119, 121, 123, 125, 129, 132, 133, 134, 135, 136, 139, 141, 143, 145, 150, 151],
      "LargestImagePixelValue": [828, 828, 854, 897, 815, 845, 820, 817, 842, 848, 851, 809, 844, 825, 834, 851, 872, 813, 853, 820, 814, 873, 805, 811, 919, 819, 809, 833, 828, 816, 826, 899, 819, 815, 804, 804, 837, 854, 805, 831, 881, 806, 844, 814, 797, 808, 809, 820, 827, 800, 817, 824, 818, 872, 860, 917, 809, 823, 824, 812, 857, 845, 820, 816, 819, 840, 825, 823, 815, 814, 848, 813, 831, 814, 875, 812, 835, 811, 808, 814, 823],
      "WindowCenter": [463.0, 463.0, 463.0, 461.0, 461.0, 461.0, 461.0, 461.0, 462.0, 462.0, 461.0, 461.0, 461.0, 461.0, 462.0, 461.0, 462.0, 462.0, 461.0, 460.0, 461.0, 462.0, 461.0, 462.0, 462.0, 461.0, 460.0, 461.0, 461.0, 461.0, 461.0, 462.0, 460.0, 460.0, 460.0, 461.0, 463.0, 461.0, 461.0, 462.0, 462.0, 461.0, 462.0, 461.0, 461.0, 460.0, 461.0, 461.0, 461.0, 461.0, 462.0, 463.0, 463.0, 464.0, 465.0, 464.0, 461.0, 461.0, 460.0, 461.0, 461.0, 461.0, 461.0, 462.0, 461.0, 461.0, 461.0, 461.0, 461.0, 461.0, 461.0, 461.0, 461.0, 461.0, 462.0, 463.0, 462.0, 461.0, 462.0, 462.0, 461.0],
      "WindowWidth": [973.0, 971.0, 971.0, 968.0, 967.0, 967.0, 967.0, 968.0, 969.0, 969.0, 968.0, 968.0, 968.0, 967.0, 970.0, 968.0, 970.0, 969.0, 967.0, 967.0, 967.0, 969.0, 967.0, 970.0, 969.0, 967.0, 967.0, 968.0, 967.0, 968.0, 967.0, 969.0, 967.0, 966.0, 966.0, 968.0, 972.0, 967.0, 967.0, 969.0, 970.0, 968.0, 969.0, 968.0, 968.0, 966.0, 968.0, 968.0, 968.0, 968.0, 970.0, 971.0, 971.0, 973.0, 974.0, 974.0, 968.0, 968.0, 967.0, 967.0, 968.0, 967.0, 967.0, 969.0, 968.0, 968.0, 968.0, 968.0, 968.0, 968.0, 968.0, 968.0, 968.0, 968.0, 970.0, 971.0, 969.0, 969.0, 970.0, 969.0, 968.0]
    },
    "slices": {}
  }
}