{
  "AcquisitionMatrixPE": 96,
  "AcquisitionNumber": 1,
  "AcquisitionTime": "17:01:47.687500",
  "BandwidthPerPixelPhaseEncode": 18.539,
  "BaseResolution": 96,
  "BodyPartExamined": "BRAIN",
  "ConsistencyInfo": "N4_VD13D_LATEST_20130810",
  "ConversionSoftware": "dcm2niix",
  "ConversionSoftwareVersion": "v1.0.20191031",
  "DerivedVendorReportedEchoSpacing": 0.000936464,
  "DeviceSerialNumber": "67007",
  "DiffusionScheme": "Bipolar",
  "DwellTime": 2.9e-06,
  "EchoTime": 0.077,
  "EchoTrainLength": 47,
  "EffectiveEchoSpacing": 0.000561879,
  "FlipAngle": 90,
  "ImageOrientationPatientDICOM": [0.97852, -0.201759, 0.0423278, 0.204424, 0.976172, -0.0727948],
  "ImageType": [
    "ORIGINAL",
    "PRIMARY",
    "DIFFUSION",
    "NONE",
    "ND",
    "MOSAIC"
],
  "ImagingFrequency": 123.211,
  "InPlanePhaseEncodingDirectionDICOM": "COL",
  "InstitutionAddress": "Perth_Drive_100_London_Ontario_CA_N6A_5K8",
  "InstitutionName": "Robarts_Research_Institute",
  "InstitutionalDepartmentName": "CFMM",
  "MRAcquisitionType": "2D",
  "MagneticFieldStrength": 3,
  "Manufacturer": "Siemens",
  "ManufacturersModelName": "Prisma_fit",
  "Modality": "MR",
  "ParallelReductionFactorInPlane": 2,
  "PartialFourier": 0.75,
  "PatientPosition": "HFS",
  "PercentPhaseFOV": 100,
  "PhaseEncodingDirection": "j-",
  "PhaseEncodingSteps": 94,
  "PhaseOversampling": 0.2,
  "PhaseResolution": 1,
  "PixelBandwidth": 1795,
  "ProcedureStepDescription": "Owen_Naci",
  "ProtocolName": "ax_ep2d_diff_mddw_iPAT3-32CH",
  "PulseSequenceDetails": "%SiemensSeq%_ep2d_diff",
  "ReceiveCoilActiveElements": "HEA;HEP",
  "ReceiveCoilName": "Head_32",
  "ReconMatrixPE": 96,
  "RefLinesPE": 36,
  "RepetitionTime": 9.6,
  "SAR": 0.348732,
  "ScanOptions": "PFP_SAT1_FS",
  "ScanningSequence": "EP",
  "SequenceName": "_ep_b0",
  "SequenceVariant": "SK_SP_OSP",
  "SeriesDescription": "ax_ep2d_diff_mddw_iPAT3-32CH",
  "SeriesNumber": 15,
  "ShimSetting": [5239, -6176, -3831, 416, 41, -6, 6, 7],
  "SliceThickness": 2,
  "SliceTiming": [0, 4.8525, 0.125, 4.9775, 0.25, 5.1025, 0.375, 5.225, 0.4975, 5.35, 0.6225, 5.475, 0.7475, 5.6, 0.8725, 5.7225, 0.995, 5.8475, 1.12, 5.9725, 1.245, 6.0975, 1.37, 6.2225, 1.4925, 6.345, 1.6175, 6.47, 1.7425, 6.595, 1.8675, 6.72, 1.9925, 6.8425, 2.115, 6.9675, 2.24, 7.0925, 2.365, 7.2175, 2.49, 7.34, 2.6125, 7.465, 2.7375, 7.59, 2.8625, 7.715, 2.9875, 7.8375, 3.11, 7.9625, 3.235, 8.0875, 3.36, 8.2125, 3.485, 8.3375, 3.6075, 8.46, 3.7325, 8.585, 3.8575, 8.71, 3.9825, 8.835, 4.1075, 8.9575, 4.23, 9.0825, 4.355, 9.2075, 4.48, 9.3325, 4.605, 9.455, 4.7275],
  "SoftwareVersions": "syngo_MR_D13D",
  "SpacingBetweenSlices": 2,
  "StationName": "AWP67007",
  "TotalReadoutTime": 0.0533785,
  "TxRefAmp": 271.463,
  "dcmmeta_affine": [
    [-1.9570403099060059, 0.40884706377983093, 0.05326445400714874, 77.52774047851562],
    [0.40351760387420654, 1.9523441791534424, -0.1597679704427719, -84.93387603759766],
    [0.08465560525655746, 0.14558961987495422, 1.9928966760635376, -81.58738708496094],
    [0.0, 0.0, 0.0, 1.0]
],
  "dcmmeta_reorient_transform": [
    [0.0, -1.0, 0.0, 95.0],
    [1.0, 0.0, 0.0, 0.0],
    [0.0, 0.0, 1.0, 0.0],
    [0.0, 0.0, 0.0, 1.0]
],
  "dcmmeta_shape": [96, 96, 77, 45],
  "dcmmeta_slice_dim": 2,
  "dcmmeta_version": 0.6,
  "global": {
    "const": {
      "AcquisitionMatrix": [96, 0, 0, 96],
      "AngioFlag": "N",
      "BitsAllocated": 16,
      "BitsStored": 12,
      "BodyPartExamined": "BRAIN",
      "Columns": 864,
      "EchoNumbers": 1,
      "EchoTime": 77.0,
      "EchoTrainLength": 47,
      "FlipAngle": 90.0,
      "HighBit": 11,
      "ImageOrientationPatient": [0.97852018076119, -0.2017587987186, 0.04232780389667, 0.20442353172483, 0.97617208284819, -0.0727948098766],
      "ImagePositionPatient": [-1024.868984682, -695.28822023395, -44.35771258284],
      "ImageType": [
        "ORIGINAL",
        "PRIMARY",
        "DIFFUSION",
        "NONE",
        "ND",
        "MOSAIC"
],
      "ImagedNucleus": "1H",
      "ImagingFrequency": 123.211027,
      "InPlanePhaseEncodingDirection": "COL",
      "MRAcquisitionType": "2D",
      "MagneticFieldStrength": 3.0,
      "Manufacturer": "SIEMENS",
      "ManufacturerModelName": "Prisma_fit",
      "Modality": "MR",
      "NumberOfAverages": 1.0,
      "NumberOfPhaseEncodingSteps": 94,
      "PercentPhaseFieldOfView": 100.0,
      "PercentSampling": 100.0,
      "PerformedProcedureStepStartTime": "153227.866000",
      "PhotometricInterpretation": "MONOCHROME2",
      "PixelBandwidth": 1795.0,
      "PixelRepresentation": 0,
      "PixelSpacing": [2.0, 2.0],
      "ProtocolName": "ax _ep2d_diff_mddw_iPAT3-32CH",
      "RepetitionTime": 9600.0,
      "Rows": 864,
      "SAR": 0.3487323086992,
      "SamplesPerPixel": 1,
      "ScanOptions": [
        "PFP",
        "SAT1",
        "FS"
],
      "ScanningSequence": "EP",
      "SequenceVariant": [
        "SK",
        "SP",
        "OSP"
],
      "SeriesDescription": "ax _ep2d_diff_mddw_iPAT3-32CH",
      "SeriesNumber": 15,
      "SeriesTime": "170513.748000",
      "SliceLocation": -72.448022052867,
      "SliceThickness": 2.0,
      "SmallestImagePixelValue": 0,
      "SoftwareVersions": "syngo MR D13D",
      "SpacingBetweenSlices": 1.9999999750091,
      "SpecificCharacterSet": "ISO_IR 100",
      "StudyID": "1",
      "StudyTime": "153227.809000",
      "TimeOfLastCalibration": ["123723.000000", "123723.000000"],
      "TransmitCoilName": "Body",
      "VariableFlipAngleFlag": "N",
      "WindowCenterWidthExplanation": "Algo1",
      "dBdt": 0.0},
    "slices": {}
  },
  "time": {
    "samples": {
      "AcquisitionNumber": [1, 2, 3, 4, 6, 7, 9, 10, 12, 13, 14, 15, 16, 17, 18, 20, 21, 24, 25, 26, 27, 28, 30, 32, 33, 34, 35, 40, 41, 43, 44, 45, 46, 48, 50, 51, 53, 54, 55, 56, 57, 58, 59, 62, 63],
      "AcquisitionTime": ["170147.687500", "170157.287500", "170206.887500", "170216.487500", "170235.687500", "170245.287500", "170304.487500", "170314.087500", "170333.287500", "170342.887500", "170352.487500", "170402.087500", "170411.687500", "170421.287500", "170430.887500", "170450.087500", "170459.687500", "170528.487500", "170538.087500", "170547.687500", "170557.287500", "170606.887500", "170626.087500", "170645.287500", "170654.887500", "170704.487500", "170714.087500", "170802.087500", "170811.687500", "170830.887500", "170840.490000", "170850.090000", "170859.690000", "170918.890000", "170938.090000", "170947.690000", "171006.890000", "171016.490000", "171026.090000", "171035.690000", "171045.290000", "171054.890000", "171104.490000", "171133.290000", "171142.890000"],
      "ContentTime": ["170513.753000", "170513.759000", "170513.763000", "170513.767000", "170513.775000", "170513.778000", "170513.786000", "170513.790000", "170513.798000", "170513.802000", "170513.806000", "170513.810000", "170513.814000", "170513.818000", "170513.822000", "170513.830000", "170513.833000", "170833.754000", "170833.758000", "170833.762000", "170833.766000", "170833.770000", "170833.778000", "170833.786000", "170833.806000", "170833.810000", "170833.814000", "170833.834000", "170833.837000", "170913.746000", "170913.750000", "170913.753000", "170913.757000", "171213.750000", "171213.758000", "171213.762000", "171213.769000", "171213.773000", "171213.777000", "171213.780000", "171213.784000", "171213.789000", "171213.792000", "171213.803000", "171213.807000"],
      "InstanceCreationTime": ["170513.753000", "170513.759000", "170513.763000", "170513.767000", "170513.775000", "170513.778000", "170513.786000", "170513.790000", "170513.798000", "170513.802000", "170513.806000", "170513.810000", "170513.814000", "170513.818000", "170513.822000", "170513.830000", "170513.833000", "170833.754000", "170833.758000", "170833.762000", "170833.766000", "170833.770000", "170833.778000", "170833.786000", "170833.806000", "170833.810000", "170833.814000", "170833.834000", "170833.837000", "170913.746000", "170913.750000", "170913.753000", "170913.757000", "171213.750000", "171213.758000", "171213.762000", "171213.769000", "171213.773000", "171213.777000", "171213.780000", "171213.784000", "171213.789000", "171213.792000", "171213.803000", "171213.807000"],
      "InstanceNumber": [1, 2, 3, 4, 6, 7, 9, 10, 12, 13, 14, 15, 16, 17, 18, 20, 21, 24, 25, 26, 27, 28, 30, 32, 33, 34, 35, 40, 41, 43, 44, 45, 46, 48, 50, 51, 53, 54, 55, 56, 57, 58, 59, 62, 63],
      "LargestImagePixelValue": [2439, 669, 634, 668, 681, 675, 708, 683, 666, 680, 698, 677, 743, 700, 700, 672, 685, 674, 695, 723, 680, 667, 697, 698, 719, 720, 706, 710, 690, 702, 674, 700, 664, 680, 690, 688, 697, 697, 696, 688, 665, 689, 685, 706, 715],
      "SequenceName": [
        "*ep_b0",
        "*ep_b700#1",
        "*ep_b700#2",
        "*ep_b700#3",
        "*ep_b700#5",
        "*ep_b700#6",
        "*ep_b700#8",
        "*ep_b700#9",
        "*ep_b700#11",
        "*ep_b700#12",
        "*ep_b700#13",
        "*ep_b700#14",
        "*ep_b700#15",
        "*ep_b700#16",
        "*ep_b700#17",
        "*ep_b700#19",
        "*ep_b700#20",
        "*ep_b700#23",
        "*ep_b700#24",
        "*ep_b700#25",
        "*ep_b700#26",
        "*ep_b700#27",
        "*ep_b700#29",
        "*ep_b700#31",
        "*ep_b700#32",
        "*ep_b700#33",
        "*ep_b700#34",
        "*ep_b700#39",
        "*ep_b700#40",
        "*ep_b700#42",
        "*ep_b700#43",
        "*ep_b700#44",
        "*ep_b700#45",
        "*ep_b700#47",
        "*ep_b700#49",
        "*ep_b700#50",
        "*ep_b700#52",
        "*ep_b700#53",
        "*ep_b700#54",
        "*ep_b700#55",
        "*ep_b700#56",
        "*ep_b700#57",
        "*ep_b700#58",
        "*ep_b700#61",
        "*ep_b700#62"
],
      "WindowCenter": [407.0, 189.0, 189.0, 189.0, 190.0, 191.0, 192.0, 191.0, 191.0, 191.0, 191.0, 191.0, 192.0, 191.0, 191.0, 192.0, 191.0, 191.0, 192.0, 191.0, 191.0, 191.0, 191.0, 191.0, 191.0, 191.0, 190.0, 191.0, 191.0, 191.0, 190.0, 191.0, 190.0, 192.0, 191.0, 190.0, 191.0, 192.0, 191.0, 190.0, 191.0, 190.0, 191.0, 191.0, 191.0],
      "WindowWidth": [920.0, 444.0, 445.0, 446.0, 447.0, 449.0, 452.0, 448.0, 450.0, 449.0, 449.0, 450.0, 450.0, 450.0, 449.0, 450.0, 449.0, 448.0, 451.0, 448.0, 449.0, 448.0, 449.0, 449.0, 448.0, 448.0, 446.0, 449.0, 449.0, 448.0, 447.0, 449.0, 448.0, 450.0, 448.0, 446.0, 448.0, 450.0, 448.0, 447.0, 449.0, 447.0, 448.0, 449.0, 448.0]
    },
    "slices": {}
  }
}