{
  "AcquisitionMatrixPE": 64,
  "AcquisitionNumber": 2,
  "AcquisitionTime": "17:39:29.200000",
  "BandwidthPerPixelPhaseEncode": 40.064,
  "BaseResolution": 64,
  "BodyPartExamined": "BRAIN",
  "ConsistencyInfo": "N4_VD13D_LATEST_20130810",
  "ConversionSoftware": "dcm2niix",
  "ConversionSoftwareVersion": "v1.0.20191031",
  "DerivedVendorReportedEchoSpacing": 0.000780002,
  "DeviceSerialNumber": "67007",
  "DwellTime": 5.3e-06,
  "EchoTime": 0.03,
  "EchoTrainLength": 31,
  "EffectiveEchoSpacing": 0.000390001,
  "FlipAngle": 75,
  "ImageOrientationPatientDICOM": [0.999984, -0.00335999, 0.00465511, 0.00349061, 0.999592, -0.0283416],
  "ImageType": [
    "ORIGINAL",
    "PRIMARY",
    "M",
    "ND",
    "NORM",
    "MOSAIC"
],
  "ImagingFrequency": 123.211,
  "InPlanePhaseEncodingDirectionDICOM": "ROW",
  "InstitutionAddress": "Perth_Drive_100_London_Ontario_CA_N6A_5K8",
  "InstitutionName": "Robarts_Research_Institute",
  "InstitutionalDepartmentName": "CFMM",
  "MRAcquisitionType": "2D",
  "MagneticFieldStrength": 3,
  "Manufacturer": "Siemens",
  "ManufacturersModelName": "Prisma_fit",
  "Modality": "MR",
  "ParallelReductionFactorInPlane": 2,
  "PartialFourier": 1,
  "PatientPosition": "HFS",
  "PercentPhaseFOV": 100,
  "PhaseEncodingDirection": "i",
  "PhaseEncodingSteps": 63,
  "PhaseResolution": 1,
  "PixelBandwidth": 1475,
  "ProcedureStepDescription": "Owen_Naci",
  "ProtocolName": "taken_recovery",
  "PulseSequenceDetails": "%SiemensSeq%_ep2d_bold",
  "ReceiveCoilActiveElements": "HEA;HEP",
  "ReceiveCoilName": "Head_32",
  "ReconMatrixPE": 64,
  "RefLinesPE": 24,
  "RepetitionTime": 2,
  "SAR": 0.132708,
  "ScanOptions": "FS",
  "ScanningSequence": "EP",
  "SequenceName": "_epfid2d1_64",
  "SequenceVariant": "SK",
  "SeriesDescription": "taken_recovery",
  "SeriesNumber": 20,
  "ShimSetting": [5255, -6234, -3772, 399, 16, -109, -48, 23],
  "SliceThickness": 3,
  "SliceTiming": [1.92, 1.86, 1.8, 1.74, 1.68, 1.62, 1.56, 1.5, 1.44, 1.38, 1.32, 1.26, 1.2, 1.14, 1.08, 1.02, 0.96, 0.9, 0.84, 0.78, 0.72, 0.66, 0.6, 0.54, 0.48, 0.42, 0.36, 0.3, 0.24, 0.18, 0.12, 0.06, 0],
  "SoftwareVersions": "syngo_MR_D13D",
  "SpacingBetweenSlices": 3.75,
  "StationName": "AWP67007",
  "TaskName": "movie",
  "TotalReadoutTime": 0.0245701,
  "TxRefAmp": 325.354,
  "dcmmeta_affine": [
    [-2.999950647354126, 0.010471844114363194, 0.017092429101467133, 92.07388305664062],
    [0.010079982690513134, 2.99877667427063, -0.10634028911590576, -77.77133178710938],
    [0.013965321704745293, 0.0850248858332634, 3.74845290184021, -17.93732452392578],
    [0.0, 0.0, 0.0, 1.0]
],
  "dcmmeta_reorient_transform": [
    [0.0, -1.0, 0.0, 63.0],
    [1.0, 0.0, 0.0, 0.0],
    [0.0, 0.0, 1.0, 0.0],
    [0.0, 0.0, 0.0, 1.0]
],
  "dcmmeta_shape": [64, 64, 33, 81],
  "dcmmeta_slice_dim": 2,
  "dcmmeta_version": 0.6,
  "global": {
    "const": {
      "AcquisitionMatrix": [0, 64, 64, 0],
      "AngioFlag": "N",
      "BitsAllocated": 16,
      "BitsStored": 12,
      "BodyPartExamined": "BRAIN",
      "Columns": 384,
      "EchoNumbers": 1,
      "EchoTime": 30.0,
      "EchoTrainLength": 31,
      "FlipAngle": 75.0,
      "HighBit": 11,
      "ImageOrientationPatient": [0.99998352007274, -0.003359994191, 0.00465510708477, 0.00349061483045, 0.99959220068844, -0.0283416289396],
      "ImagePositionPatient": [-574.4011940676, -589.34305374555, -1.2112263068027],
      "ImageType": [
        "ORIGINAL",
        "PRIMARY",
        "M",
        "ND",
        "NORM",
        "MOSAIC"
],
      "ImagedNucleus": "1H",
      "ImagingFrequency": 123.211176,
      "InPlanePhaseEncodingDirection": "ROW",
      "MRAcquisitionType": "2D",
      "MagneticFieldStrength": 3.0,
      "Manufacturer": "SIEMENS",
      "ManufacturerModelName": "Prisma_fit",
      "Modality": "MR",
      "NumberOfAverages": 1.0,
      "NumberOfPhaseEncodingSteps": 63,
      "PercentPhaseFieldOfView": 100.0,
      "PercentSampling": 100.0,
      "PerformedProcedureStepStartTime": "154514.560000",
      "PhotometricInterpretation": "MONOCHROME2",
      "PixelBandwidth": 1475.0,
      "PixelRepresentation": 0,
      "PixelSpacing": [3.0, 3.0],
      "ProtocolName": "taken_recovery",
      "RepetitionTime": 2000.0,
      "Rows": 384,
      "SAR": 0.13270753409921,
      "SamplesPerPixel": 1,
      "ScanOptions": "FS",
      "ScanningSequence": "EP",
      "SequenceName": "*epfid2d1_64",
      "SequenceVariant": "SK",
      "SeriesDescription": "taken_recovery",
      "SeriesNumber": 20,
      "SeriesTime": "173935.398000",
      "SliceLocation": -15.304860107223,
      "SliceThickness": 3.0,
      "SmallestImagePixelValue": 0,
      "SoftwareVersions": "syngo MR D13D",
      "SpacingBetweenSlices": 3.7500000314416,
      "SpecificCharacterSet": "ISO_IR 100",
      "StudyID": "1",
      "StudyTime": "154514.455000",
      "TimeOfLastCalibration": ["123723.000000", "123723.000000"],
      "TransmitCoilName": "Body",
      "VariableFlipAngleFlag": "N",
      "WindowCenterWidthExplanation": "Algo1",
      "dBdt": 0.0},
    "slices": {}
  },
  "time": {
    "samples": {
      "AcquisitionNumber": [2, 4, 8, 10, 11, 18, 19, 21, 23, 25, 26, 27, 29, 31, 34, 35, 36, 37, 38, 39, 40, 41, 42, 44, 45, 46, 49, 53, 56, 57, 61, 65, 66, 68, 69, 71, 76, 80, 81, 85, 86, 87, 89, 90, 92, 93, 95, 96, 97, 99, 100, 104, 107, 109, 111, 113, 115, 117, 118, 122, 123, 124, 125, 126, 128, 131, 132, 133, 138, 139, 140, 141, 142, 143, 144, 145, 147, 148, 151, 152, 155],
      "AcquisitionTime": ["173929.200000", "173933.200000", "173941.200000", "173945.200000", "173947.200000", "174001.200000", "174003.200000", "174007.200000", "174011.200000", "174015.200000", "174017.200000", "174019.200000", "174023.200000", "174027.200000", "174033.200000", "174035.200000", "174037.200000", "174039.200000", "174041.200000", "174043.200000", "174045.200000", "174047.200000", "174049.202500", "174053.202500", "174055.202500", "174057.202500", "174103.202500", "174111.202500", "174117.202500", "174119.202500", "174127.202500", "174135.202500", "174137.202500", "174141.202500", "174143.202500", "174147.202500", "174157.202500", "174205.202500", "174207.202500", "174215.202500", "174217.202500", "174219.202500", "174223.202500", "174225.202500", "174229.202500", "174231.202500", "174235.202500", "174237.202500", "174239.202500", "174243.202500", "174245.202500", "174253.202500", "174259.202500", "174303.202500", "174307.202500", "174311.202500", "174315.202500", "174319.202500", "174321.202500", "174329.202500", "174331.202500", "174333.202500", "174335.202500", "174337.202500", "174341.202500", "174347.202500", "174349.202500", "174351.202500", "174401.202500", "174403.202500", "174405.202500", "174407.202500", "174409.202500", "174411.202500", "174413.202500", "174415.202500", "174419.202500", "174421.202500", "174427.202500", "174429.202500", "174435.202500"],
      "ContentTime": ["173935.406000", "173935.412000", "174015.412000", "174015.418000", "174015.421000", "174015.440000", "174015.443000", "174015.448000", "174015.458000", "174055.395000", "174055.398000", "174055.401000", "174055.407000", "174055.412000", "174055.421000", "174055.424000", "174055.427000", "174055.430000", "174055.433000", "174055.435000", "174055.438000", "174055.441000", "174055.444000", "174055.450000", "174135.395000", "174135.399000", "174135.407000", "174135.418000", "174135.427000", "174135.430000", "174135.441000", "174215.394000", "174215.397000", "174215.403000", "174215.406000", "174215.412000", "174215.426000", "174215.437000", "174215.440000", "174255.395000", "174255.398000", "174255.401000", "174255.407000", "174255.410000", "174255.416000", "174255.418000", "174255.424000", "174255.427000", "174255.430000", "174255.436000", "174255.439000", "174255.450000", "174315.401000", "174315.407000", "174315.412000", "174315.418000", "174355.394000", "174355.400000", "174355.403000", "174355.416000", "174355.419000", "174355.422000", "174355.425000", "174355.428000", "174355.435000", "174355.444000", "174355.447000", "174355.450000", "174435.405000", "174435.407000", "174435.410000", "174435.413000", "174435.416000", "174435.419000", "174435.422000", "174435.425000", "174435.443000", "174435.446000", "174435.455000", "174435.458000", "174435.923000"],
      "InstanceCreationTime": ["173935.406000", "173935.412000", "174015.412000", "174015.418000", "174015.421000", "174015.440000", "174015.443000", "174015.448000", "174015.458000", "174055.395000", "174055.398000", "174055.401000", "174055.407000", "174055.412000", "174055.421000", "174055.424000", "174055.427000", "174055.430000", "174055.433000", "174055.435000", "174055.438000", "174055.441000", "174055.444000", "174055.450000", "174135.395000", "174135.399000", "174135.407000", "174135.418000", "174135.427000", "174135.430000", "174135.441000", "174215.394000", "174215.397000", "174215.403000", "174215.406000", "174215.412000", "174215.426000", "174215.437000", "174215.440000", "174255.395000", "174255.398000", "174255.401000", "174255.407000", "174255.410000", "174255.416000", "174255.418000", "174255.424000", "174255.427000", "174255.430000", "174255.436000", "174255.439000", "174255.450000", "174315.401000", "174315.407000", "174315.412000", "174315.418000", "174355.394000", "174355.400000", "174355.403000", "174355.416000", "174355.419000", "174355.422000", "174355.425000", "174355.428000", "174355.435000", "174355.444000", "174355.447000", "174355.450000", "174435.405000", "174435.407000", "174435.410000", "174435.413000", "174435.416000", "174435.419000", "174435.422000", "174435.425000", "174435.443000", "174435.446000", "174435.455000", "174435.458000", "174435.923000"],
      "InstanceNumber": [2, 4, 8, 10, 11, 18, 19, 21, 23, 25, 26, 27, 29, 31, 34, 35, 36, 37, 38, 39, 40, 41, 42, 44, 45, 46, 49, 53, 56, 57, 61, 65, 66, 68, 69, 71, 76, 80, 81, 85, 86, 87, 89, 90, 92, 93, 95, 96, 97, 99, 100, 104, 107, 109, 111, 113, 115, 117, 118, 122, 123, 124, 125, 126, 128, 131, 132, 133, 138, 139, 140, 141, 142, 143, 144, 145, 147, 148, 151, 152, 155],
      "LargestImagePixelValue": [1707, 1273, 955, 976, 1071, 1216, 966, 1534, 1098, 971, 1003, 1381, 955, 971, 1002, 1486, 1023, 997, 1149, 1007, 1047, 1097, 956, 1305, 957, 1620, 957, 1183, 959, 959, 955, 978, 964, 965, 1236, 963, 1279, 1321, 1426, 1204, 1642, 958, 1246, 958, 1004, 957, 957, 959, 1215, 958, 955, 954, 1141, 1518, 1448, 1008, 1323, 1063, 1170, 961, 1271, 962, 963, 968, 1458, 1483, 1293, 963, 978, 974, 985, 969, 979, 983, 989, 1235, 1507, 1374, 975, 975, 1219],
      "WindowCenter": [514.0, 508.0, 504.0, 505.0, 507.0, 507.0, 505.0, 509.0, 505.0, 502.0, 505.0, 508.0, 503.0, 505.0, 505.0, 510.0, 503.0, 503.0, 506.0, 502.0, 503.0, 504.0, 502.0, 508.0, 504.0, 509.0, 504.0, 505.0, 504.0, 503.0, 503.0, 506.0, 505.0, 506.0, 509.0, 505.0, 509.0, 509.0, 510.0, 505.0, 507.0, 501.0, 504.0, 502.0, 504.0, 503.0, 504.0, 503.0, 506.0, 504.0, 504.0, 505.0, 509.0, 510.0, 508.0, 504.0, 507.0, 505.0, 506.0, 503.0, 506.0, 502.0, 503.0, 505.0, 509.0, 509.0, 505.0, 502.0, 504.0, 504.0, 504.0, 503.0, 505.0, 507.0, 507.0, 509.0, 510.0, 508.0, 503.0, 503.0, 508.0],
      "WindowWidth": [1066.0, 1055.0, 1049.0, 1051.0, 1055.0, 1053.0, 1050.0, 1058.0, 1050.0, 1046.0, 1051.0, 1055.0, 1046.0, 1050.0, 1051.0, 1059.0, 1047.0, 1048.0, 1051.0, 1045.0, 1046.0, 1048.0, 1046.0, 1056.0, 1049.0, 1057.0, 1049.0, 1050.0, 1049.0, 1047.0, 1048.0, 1053.0, 1051.0, 1053.0, 1057.0, 1051.0, 1056.0, 1058.0, 1059.0, 1050.0, 1052.0, 1044.0, 1048.0, 1046.0, 1050.0, 1048.0, 1049.0, 1048.0, 1052.0, 1049.0, 1050.0, 1052.0, 1058.0, 1060.0, 1055.0, 1048.0, 1054.0, 1051.0, 1052.0, 1047.0, 1051.0, 1046.0, 1047.0, 1051.0, 1057.0, 1056.0, 1050.0, 1045.0, 1049.0, 1048.0, 1050.0, 1048.0, 1051.0, 1054.0, 1055.0, 1058.0, 1058.0, 1055.0, 1047.0, 1046.0, 1055.0]
    },
    "slices": {}
  }
}