{
  "AcquisitionMatrixPE": 96,
  "AcquisitionNumber": 1,
  "AcquisitionTime": "11:02:56.475000",
  "BandwidthPerPixelPhaseEncode": 18.539,
  "BaseResolution": 96,
  "BodyPartExamined": "BRAIN",
  "ConsistencyInfo": "N4_VD13D_LATEST_20130810",
  "ConversionSoftware": "dcm2niix",
  "ConversionSoftwareVersion": "v1.0.20191031",
  "DerivedVendorReportedEchoSpacing": 0.000936464,
  "DeviceSerialNumber": "67007",
  "DiffusionScheme": "Bipolar",
  "DwellTime": 2.9e-06,
  "EchoTime": 0.077,
  "EchoTrainLength": 47,
  "EffectiveEchoSpacing": 0.000561879,
  "FlipAngle": 90,
  "ImageOrientationPatientDICOM": [0.999077, 0.0208633, -0.0375509, -0.0226722, 0.99857, -0.0484084],
  "ImageType": [
    "ORIGINAL",
    "PRIMARY",
    "DIFFUSION",
    "NONE",
    "ND",
    "MOSAIC"
],
  "ImagingFrequency": 123.211,
  "InPlanePhaseEncodingDirectionDICOM": "COL",
  "InstitutionAddress": "Perth_Drive_100_London_Ontario_CA_N6A_5K8",
  "InstitutionName": "Robarts-CFMM",
  "InstitutionalDepartmentName": "CFMM",
  "MRAcquisitionType": "2D",
  "MagneticFieldStrength": 3,
  "Manufacturer": "Siemens",
  "ManufacturersModelName": "Prisma_fit",
  "Modality": "MR",
  "ParallelReductionFactorInPlane": 2,
  "PartialFourier": 0.75,
  "PatientPosition": "HFS",
  "PercentPhaseFOV": 100,
  "PhaseEncodingDirection": "j-",
  "PhaseEncodingSteps": 94,
  "PhaseOversampling": 0.2,
  "PhaseResolution": 1,
  "PixelBandwidth": 1795,
  "ProcedureStepDescription": "Owen_Naci",
  "ProtocolName": "ax_ep2d_diff_mddw_iPAT3-32CH",
  "PulseSequenceDetails": "%SiemensSeq%_ep2d_diff",
  "ReceiveCoilActiveElements": "HEA;HEP",
  "ReceiveCoilName": "Head_32",
  "ReconMatrixPE": 96,
  "RefLinesPE": 36,
  "RepetitionTime": 9.6,
  "SAR": 0.533108,
  "ScanOptions": "PFP_SAT1_FS",
  "ScanningSequence": "EP",
  "SequenceName": "_ep_b0",
  "SequenceVariant": "SK_SP_OSP",
  "SeriesDescription": "ax_ep2d_diff_mddw_iPAT3-32CH",
  "SeriesNumber": 17,
  "ShimSetting": [5237, -6137, -3925, 279, 9, 102, 119, -48],
  "SliceThickness": 2,
  "SliceTiming": [0, 4.85, 0.1225, 4.975, 0.2475, 5.1, 0.3725, 5.225, 0.4975, 5.3475, 0.62, 5.4725, 0.745, 5.5975, 0.87, 5.7225, 0.995, 5.8475, 1.12, 5.97, 1.2425, 6.095, 1.3675, 6.22, 1.4925, 6.345, 1.6175, 6.4675, 1.74, 6.5925, 1.865, 6.7175, 1.99, 6.8425, 2.115, 6.965, 2.2375, 7.09, 2.3625, 7.215, 2.4875, 7.34, 2.6125, 7.4625, 2.735, 7.5875, 2.86, 7.7125, 2.985, 7.8375, 3.11, 7.9625, 3.235, 8.085, 3.3575, 8.21, 3.4825, 8.335, 3.6075, 8.46, 3.7325, 8.5825, 3.855, 8.7075, 3.98, 8.8325, 4.105, 8.9575, 4.23, 9.08, 4.3525, 9.205, 4.4775, 9.33, 4.6025, 9.455, 4.7275],
  "SoftwareVersions": "syngo_MR_D13D",
  "SpacingBetweenSlices": 2,
  "StationName": "AWP67007",
  "TotalReadoutTime": 0.0533785,
  "TxRefAmp": 280.503,
  "dcmmeta_affine": [
    [-1.998153805732727, -0.045344430953264236, -0.07297451049089432, 102.87150573730469],
    [-0.041726674884557724, 1.9971405267715454, -0.09843011200428009, -66.14073944091797],
    [-0.0751018077135086, 0.09681675583124161, 1.9962430000305176, -54.83168411254883],
    [0.0, 0.0, 0.0, 1.0]
],
  "dcmmeta_reorient_transform": [
    [0.0, -1.0, 0.0, 95.0],
    [1.0, 0.0, 0.0, 0.0],
    [0.0, 0.0, 1.0, 0.0],
    [0.0, 0.0, 0.0, 1.0]
],
  "dcmmeta_shape": [96, 96, 77, 65],
  "dcmmeta_slice_dim": 2,
  "dcmmeta_version": 0.6,
  "global": {
    "const": {
      "AcquisitionMatrix": [96, 0, 0, 96],
      "AngioFlag": "N",
      "BitsAllocated": 16,
      "BitsStored": 12,
      "BodyPartExamined": "BRAIN",
      "Columns": 864,
      "EchoNumbers": 1,
      "EchoTime": 77.0,
      "EchoTrainLength": 47,
      "FlipAngle": 90.0,
      "HighBit": 11,
      "ImageOrientationPatient": [0.99907689930405, 0.02086333786747, -0.0375509042505, -0.0226722162555, 0.99857027764075, -0.0484083796728],
      "ImagePositionPatient": [-848.44257939297, -906.51263056973, 20.382636617353],
      "ImageType": [
        "ORIGINAL",
        "PRIMARY",
        "DIFFUSION",
        "NONE",
        "ND",
        "MOSAIC"
],
      "ImagedNucleus": "1H",
      "ImagingFrequency": 123.211111,
      "InPlanePhaseEncodingDirection": "COL",
      "MRAcquisitionType": "2D",
      "MagneticFieldStrength": 3.0,
      "Manufacturer": "SIEMENS",
      "ManufacturerModelName": "Prisma_fit",
      "Modality": "MR",
      "NumberOfAverages": 1.0,
      "NumberOfPhaseEncodingSteps": 94,
      "PercentPhaseFieldOfView": 100.0,
      "PercentSampling": 100.0,
      "PerformedProcedureStepStartTime": "093249.620000",
      "PhotometricInterpretation": "MONOCHROME2",
      "PixelBandwidth": 1795.0,
      "PixelRepresentation": 0,
      "PixelSpacing": [2.0, 2.0],
      "ProtocolName": "ax _ep2d_diff_mddw_iPAT3-32CH",
      "RepetitionTime": 9600.0,
      "Rows": 864,
      "SAR": 0.53310806495889,
      "SamplesPerPixel": 1,
      "ScanOptions": [
        "PFP",
        "SAT1",
        "FS"
],
      "ScanningSequence": "EP",
      "SequenceVariant": [
        "SK",
        "SP",
        "OSP"
],
      "SeriesDescription": "ax _ep2d_diff_mddw_iPAT3-32CH",
      "SeriesNumber": 17,
      "SeriesTime": "110317.093000",
      "SliceLocation": -55.227063840868,
      "SliceThickness": 2.0,
      "SmallestImagePixelValue": 0,
      "SoftwareVersions": "syngo MR D13D",
      "SpacingBetweenSlices": 1.9999999951763,
      "SpecificCharacterSet": "ISO_IR 100",
      "StudyID": "1",
      "StudyTime": "093249.503000",
      "TimeOfLastCalibration": ["123723.000000", "123723.000000"],
      "TransmitCoilName": "Body",
      "VariableFlipAngleFlag": "N",
      "WindowCenterWidthExplanation": "Algo1",
      "dBdt": 0.0},
