{
  "AcquisitionMatrixPE": 64,
  "AcquisitionNumber": 1,
  "AcquisitionTime": "16:53:28.330000",
  "BandwidthPerPixelPhaseEncode": 40.064,
  "BaseResolution": 64,
  "BodyPartExamined": "BRAIN",
  "ConsistencyInfo": "N4_VD13D_LATEST_20130810",
  "ConversionSoftware": "dcm2niix",
  "ConversionSoftwareVersion": "v1.0.20191031",
  "DerivedVendorReportedEchoSpacing": 0.000780002,
  "DeviceSerialNumber": "67007",
  "DwellTime": 5.3e-06,
  "EchoTime": 0.03,
  "EchoTrainLength": 31,
  "EffectiveEchoSpacing": 0.000390001,
  "FlipAngle": 75,
  "ImageOrientationPatientDICOM": [0.999024, 0.0394212, -0.0199171, -0.040125, 0.998536, -0.0362639],
  "ImageType": [
    "ORIGINAL",
    "PRIMARY",
    "M",
    "ND",
    "NORM",
    "MOSAIC"
],
  "ImagingFrequency": 123.211,
  "InPlanePhaseEncodingDirectionDICOM": "ROW",
  "InstitutionAddress": "Perth_Drive_100_London_Ontario_CA_N6A_5K8",
  "InstitutionName": "Robarts_Research_Institute",
  "InstitutionalDepartmentName": "CFMM",
  "MRAcquisitionType": "2D",
  "MagneticFieldStrength": 3,
  "Manufacturer": "Siemens",
  "ManufacturersModelName": "Prisma_fit",
  "Modality": "MR",
  "ParallelReductionFactorInPlane": 2,
  "PartialFourier": 1,
  "PatientPosition": "HFS",
  "PercentPhaseFOV": 100,
  "PhaseEncodingDirection": "i",
  "PhaseEncodingSteps": 63,
  "PhaseResolution": 1,
  "PixelBandwidth": 1475,
  "ProcedureStepDescription": "Owen_Naci",
  "ProtocolName": "taken_deep_sed",
  "PulseSequenceDetails": "%SiemensSeq%_ep2d_bold",
  "ReceiveCoilActiveElements": "HEA;HEP",
  "ReceiveCoilName": "Head_32",
  "ReconMatrixPE": 64,
  "RefLinesPE": 24,
  "RepetitionTime": 2,
  "SAR": 0.120539,
  "ScanOptions": "FS",
  "ScanningSequence": "EP",
  "SequenceName": "_epfid2d1_64",
  "SequenceVariant": "SK",
  "SeriesDescription": "taken_deep_sed",
  "SeriesNumber": 13,
  "ShimSetting": [5260, -6160, -3806, 371, 32, 31, 170, -24],
  "SliceThickness": 3,
  "SliceTiming": [1.92, 1.86, 1.8, 1.74, 1.68, 1.62, 1.56, 1.5, 1.44, 1.38, 1.32, 1.26, 1.2, 1.14, 1.08, 1.02, 0.96, 0.9, 0.84, 0.78, 0.72, 0.66, 0.6, 0.54, 0.48, 0.42, 0.36, 0.3, 0.24, 0.18, 0.12, 0.06, 0],
  "SoftwareVersions": "syngo_MR_D13D",
  "SpacingBetweenSlices": 3.75,
  "StationName": "AWP67007",
  "TaskName": "audiodeep",
  "TotalReadoutTime": 0.0245701,
  "TxRefAmp": 315.206,
  "dcmmeta_affine": [
    [-2.997072458267212, -0.12037487328052521, -0.06921909004449844, 101.59880828857422],
    [-0.11826367676258087, 2.9956092834472656, -0.1388537585735321, -70.7599868774414],
    [-0.05975142493844032, 0.10879164189100266, 3.7467892169952393, -16.97481346130371],
    [0.0, 0.0, 0.0, 1.0]
],
  "dcmmeta_reorient_transform": [
    [0.0, -1.0, 0.0, 63.0],
    [1.0, 0.0, 0.0, 0.0],
    [0.0, 0.0, 1.0, 0.0],
    [0.0, 0.0, 0.0, 1.0]
],
  "dcmmeta_shape": [64, 64, 33, 23],
  "dcmmeta_slice_dim": 2,
  "dcmmeta_version": 0.6,
  "global": {
    "const": {
      "AcquisitionMatrix": [0, 64, 64, 0],
      "AngioFlag": "N",
      "BitsAllocated": 16,
      "BitsStored": 12,
      "BodyPartExamined": "BRAIN",
      "Columns": 384,
      "EchoNumbers": 1,
      "EchoTime": 30.0,
      "EchoTrainLength": 31,
      "FlipAngle": 75.0,
      "HighBit": 11,
      "ImageOrientationPatient": [0.999024161068, 0.03942122603311, -0.019917141874, -0.0401249570133, 0.99853638831998, -0.0362638804538],
      "ImagePositionPatient": [-554.28681168223, -616.18304768989, 16.845951348273],
      "ImageType": [
        "ORIGINAL",
        "PRIMARY",
        "M",
        "ND",
        "NORM",
        "MOSAIC"
],
      "ImagedNucleus": "1H",
      "ImagingFrequency": 123.211115,
      "InPlanePhaseEncodingDirection": "ROW",
      "MRAcquisitionType": "2D",
      "MagneticFieldStrength": 3.0,
      "Manufacturer": "SIEMENS",
      "ManufacturerModelName": "Prisma_fit",
      "Modality": "MR",
      "NumberOfAverages": 1.0,
      "NumberOfPhaseEncodingSteps": 63,
      "PercentPhaseFieldOfView": 100.0,
      "PercentSampling": 100.0,
      "PerformedProcedureStepStartTime": "153823.205000",
      "PhotometricInterpretation": "MONOCHROME2",
      "PixelBandwidth": 1475.0,
      "PixelRepresentation": 0,
      "PixelSpacing": [3.0, 3.0],
      "ProtocolName": "taken_deep sed",
      "RepetitionTime": 2000.0,
      "Rows": 384,
      "SAR": 0.12053936796567,
      "SamplesPerPixel": 1,
      "ScanOptions": "FS",
      "ScanningSequence": "EP",
      "SequenceName": "*epfid2d1_64",
      "SequenceVariant": "SK",
      "SeriesDescription": "taken_deep sed",
      "SeriesNumber": 13,
      "SeriesTime": "165407.272000",
      "SliceLocation": -16.215554928003,
      "SliceThickness": 3.0,
      "SmallestImagePixelValue": 0,
      "SoftwareVersions": "syngo MR D13D",
      "SpacingBetweenSlices": 3.7500000542024,
      "SpecificCharacterSet": "ISO_IR 100",
      "StudyID": "1",
      "StudyTime": "153823.146000",
      "TimeOfLastCalibration": ["123723.000000", "123723.000000"],
      "TransmitCoilName": "Body",
      "VariableFlipAngleFlag": "N",
      "WindowCenterWidthExplanation": "Algo1",
      "dBdt": 0.0},
    "slices": {}
  },
  "time": {
    "samples": {
      "AcquisitionNumber": [1, 2, 3, 4, 5, 6, 7, 8, 9, 10, 11, 12, 13, 14, 15, 16, 17, 18, 19, 20, 21, 22, 23],
      "AcquisitionTime": ["165328.330000", "165330.330000", "165332.330000", "165334.330000", "165336.330000", "165338.330000", "165340.330000", "165342.330000", "165344.330000", "165346.330000", "165348.330000", "165350.330000", "165352.330000", "165354.330000", "165356.330000", "165358.330000", "165400.330000", "165402.330000", "165404.330000", "165406.330000", "165408.330000", "165410.330000", "165412.330000"],
      "ContentTime": ["165407.277000", "165407.281000", "165407.284000", "165407.292000", "165407.295000", "165407.298000", "165407.301000", "165407.303000", "165407.306000", "165407.309000", "165407.312000", "165407.320000", "165407.323000", "165407.326000", "165407.329000", "165407.332000", "165407.334000", "165407.337000", "165407.340000", "165407.343000", "165415.998000", "165416.002000", "165416.006000"],
      "InstanceCreationTime": ["165407.277000", "165407.281000", "165407.284000", "165407.292000", "165407.295000", "165407.298000", "165407.301000", "165407.303000", "165407.306000", "165407.309000", "165407.312000", "165407.320000", "165407.323000", "165407.326000", "165407.329000", "165407.332000", "165407.334000", "165407.337000", "165407.340000", "165407.343000", "165415.998000", "165416.002000", "165416.006000"],
      "InstanceNumber": [1, 2, 3, 4, 5, 6, 7, 8, 9, 10, 11, 12, 13, 14, 15, 16, 17, 18, 19, 20, 21, 22, 23],
      "LargestImagePixelValue": [928, 1297, 1168, 1191, 982, 1162, 1398, 882, 924, 943, 1452, 989, 1149, 1455, 891, 1315, 1111, 1169, 884, 885, 1076, 1529, 1138],
      "WindowCenter": [464.0, 466.0, 464.0, 466.0, 467.0, 466.0, 468.0, 465.0, 464.0, 470.0, 475.0, 473.0, 470.0, 472.0, 463.0, 466.0, 463.0, 465.0, 465.0, 468.0, 479.0, 471.0, 473.0],
      "WindowWidth": [970.0, 974.0, 970.0, 974.0, 977.0, 975.0, 976.0, 974.0, 971.0, 983.0, 991.0, 988.0, 983.0, 984.0, 969.0, 973.0, 969.0, 971.0, 973.0, 980.0, 1001.0, 983.0, 987.0]
    },
    "slices": {}
  }
}