{
  "AcquisitionMatrixPE": 64,
  "AcquisitionNumber": 1,
  "AcquisitionTime": "09:43:0.670000",
  "BandwidthPerPixelPhaseEncode": 40.064,
  "BaseResolution": 64,
  "BodyPartExamined": "BRAIN",
  "ConsistencyInfo": "N4_VD13D_LATEST_20130810",
  "ConversionSoftware": "dcm2niix",
  "ConversionSoftwareVersion": "v1.0.20191031",
  "DerivedVendorReportedEchoSpacing": 0.000780002,
  "DeviceSerialNumber": "67007",
  "DwellTime": 5.3e-06,
  "EchoTime": 0.03,
  "EchoTrainLength": 31,
  "EffectiveEchoSpacing": 0.000390001,
  "FlipAngle": 75,
  "ImageOrientationPatientDICOM": [0.999077, 0.0208633, -0.0375509, -0.0226722, 0.99857, -0.0484084],
  "ImageType": [
    "ORIGINAL",
    "PRIMARY",
    "M",
    "ND",
    "NORM",
    "MOSAIC"
],
  "ImagingFrequency": 123.211,
  "InPlanePhaseEncodingDirectionDICOM": "ROW",
  "InstitutionAddress": "Perth_Drive_100_London_Ontario_CA_N6A_5K8",
  "InstitutionName": "Robarts-CFMM",
  "InstitutionalDepartmentName": "CFMM",
  "MRAcquisitionType": "2D",
  "MagneticFieldStrength": 3,
  "Manufacturer": "Siemens",
  "ManufacturersModelName": "Prisma_fit",
  "Modality": "MR",
  "ParallelReductionFactorInPlane": 2,
  "PartialFourier": 1,
  "PatientPosition": "HFS",
  "PercentPhaseFOV": 100,
  "PhaseEncodingDirection": "i",
  "PhaseEncodingSteps": 63,
  "PhaseResolution": 1,
  "PixelBandwidth": 1475,
  "ProcedureStepDescription": "Owen_Naci",
  "ProtocolName": "taken",
  "PulseSequenceDetails": "%SiemensSeq%_ep2d_bold",
  "ReceiveCoilActiveElements": "HEA;HEP",
  "ReceiveCoilName": "Head_32",
  "ReconMatrixPE": 64,
  "RefLinesPE": 24,
  "RepetitionTime": 2,
  "SAR": 0.141631,
  "ScanOptions": "FS",
  "ScanningSequence": "EP",
  "SequenceName": "_epfid2d1_64",
  "SequenceVariant": "SK",
  "SeriesDescription": "taken",
  "SeriesNumber": 3,
  "ShimSetting": [5235, -6122, -3911, 329, -8, 162, 111, -51],
  "SliceThickness": 3,
  "SliceTiming": [1.92, 1.86, 1.8, 1.74, 1.68, 1.62, 1.56, 1.5, 1.44, 1.38, 1.32, 1.26, 1.2, 1.14, 1.08, 1.02, 0.96, 0.9, 0.84, 0.78, 0.72, 0.66, 0.6, 0.54, 0.48, 0.42, 0.36, 0.3, 0.24, 0.18, 0.12, 0.06, 0],
  "SoftwareVersions": "syngo_MR_D13D",
  "SpacingBetweenSlices": 3.75,
  "StationName": "AWP67007",
  "TaskName": "audio",
  "TotalReadoutTime": 0.0245701,
  "TxRefAmp": 280.503,
  "dcmmeta_affine": [
    [-2.9972307682037354, -0.06801667809486389, -0.13682721555233002, 102.08744049072266],
    [-0.06259004771709442, 2.995710849761963, -0.18455646932125092, -69.05018615722656],
    [-0.11265271157026291, 0.1452251374721527, 3.7429556846618652, -32.62803268432617],
    [0.0, 0.0, 0.0, 1.0]
],
  "dcmmeta_reorient_transform": [
    [0.0, -1.0, 0.0, 63.0],
    [1.0, 0.0, 0.0, 0.0],
    [0.0, 0.0, 1.0, 0.0],
    [0.0, 0.0, 0.0, 1.0]
],
  "dcmmeta_shape": [64, 64, 33, 38],
  "dcmmeta_slice_dim": 2,
  "dcmmeta_version": 0.6,
  "global": {
    "const": {
      "AcquisitionMatrix": [0, 64, 64, 0],
      "AngioFlag": "N",
      "BitsAllocated": 16,
      "BitsStored": 12,
      "BodyPartExamined": "BRAIN",
      "Columns": 384,
      "EchoNumbers": 1,
      "EchoTime": 30.0,
      "EchoTrainLength": 31,
      "FlipAngle": 75.0,
      "HighBit": 11,
      "ImageOrientationPatient": [0.99907689905768, 0.02086334823819, -0.0375509050435, -0.0226722267163, 0.99857027732858, -0.0484083812128],
      "ImagePositionPatient": [-566.4766314374, -609.00773698491, 17.781609018516],
      "ImageType": [
        "ORIGINAL",
        "PRIMARY",
        "M",
        "ND",
        "NORM",
        "MOSAIC"
],
      "ImagedNucleus": "1H",
      "ImagingFrequency": 123.21111,
      "InPlanePhaseEncodingDirection": "ROW",
      "MRAcquisitionType": "2D",
      "MagneticFieldStrength": 3.0,
      "Manufacturer": "SIEMENS",
      "ManufacturerModelName": "Prisma_fit",
      "Modality": "MR",
      "NumberOfAverages": 1.0,
      "NumberOfPhaseEncodingSteps": 63,
      "PercentPhaseFieldOfView": 100.0,
      "PercentSampling": 100.0,
      "PerformedProcedureStepStartTime": "093249.620000",
      "PhotometricInterpretation": "MONOCHROME2",
      "PixelBandwidth": 1475.0,
      "PixelRepresentation": 0,
      "PixelSpacing": [3.0, 3.0],
      "ProtocolName": "taken",
      "RepetitionTime": 2000.0,
      "Rows": 384,
      "SAR": 0.14163147387896,
      "SamplesPerPixel": 1,
      "ScanOptions": "FS",
      "ScanningSequence": "EP",
      "SequenceName": "*epfid2d1_64",
      "SequenceVariant": "SK",
      "SeriesDescription": "taken",
      "SeriesNumber": 3,
      "SeriesTime": "094318.271000",
      "SliceLocation": -32.893322877554,
      "SliceThickness": 3.0,
      "SmallestImagePixelValue": 0,
      "SoftwareVersions": "syngo MR D13D",
      "SpacingBetweenSlices": 3.7499999460954,
      "SpecificCharacterSet": "ISO_IR 100",
      "StudyID": "1",
      "StudyTime": "093249.503000",
      "TimeOfLastCalibration": ["123723.000000", "123723.000000"],
      "TransmitCoilName": "Body",
      "VariableFlipAngleFlag": "N",
      "WindowCenterWidthExplanation": "Algo1",
      "dBdt": 0.0},
    "slices": {}
  },
  "time": {
    "samples": {
      "AcquisitionNumber": [1, 2, 3, 4, 5, 6, 7, 8, 9, 10, 11, 12, 13, 14, 15, 16, 17, 18, 19, 20, 21, 22, 23, 24, 25, 26, 27, 28, 29, 30, 31, 32, 33, 34, 35, 36, 37, 38],
      "AcquisitionTime": ["094300.670000", "094302.670000", "094304.670000", "094306.670000", "094308.670000", "094310.670000", "094312.670000", "094314.670000", "094316.670000", "094318.670000", "094320.670000", "094322.670000", "094324.670000", "094326.670000", "094328.670000", "094330.670000", "094332.670000", "094334.670000", "094336.670000", "094338.670000", "094340.670000", "094342.670000", "094344.670000", "094346.670000", "094348.670000", "094350.670000", "094352.670000", "094354.670000", "094356.670000", "094358.670000", "094400.670000", "094402.670000", "094404.670000", "094406.670000", "094408.670000", "094410.670000", "094412.670000", "094414.670000"],
      "ContentTime": ["094318.275000", "094318.279000", "094318.282000", "094318.284000", "094318.287000", "094318.290000", "094318.300000", "094318.302000", "094358.270000", "094358.273000", "094358.276000", "094358.279000", "094358.282000", "094358.285000", "094358.288000", "094358.290000", "094358.294000", "094358.297000", "094358.300000", "094358.303000", "094358.305000", "094358.308000", "094358.311000", "094358.314000", "094358.317000", "094358.320000", "094358.322000", "094358.325000", "094419.982000", "094419.985000", "094419.988000", "094419.990000", "094419.994000", "094419.996000", "094420.000000", "094420.003000", "094420.006000", "094420.008000"],
      "InstanceCreationTime": ["094318.275000", "094318.279000", "094318.282000", "094318.284000", "094318.287000", "094318.290000", "094318.300000", "094318.302000", "094358.270000", "094358.273000", "094358.276000", "094358.279000", "094358.282000", "094358.285000", "094358.288000", "094358.290000", "094358.294000", "094358.297000", "094358.300000", "094358.303000", "094358.305000", "094358.308000", "094358.311000", "094358.314000", "094358.317000", "094358.320000", "094358.322000", "094358.325000", "094419.982000", "094419.985000", "094419.988000", "094419.990000", "094419.994000", "094419.996000", "094420.000000", "094420.003000", "094420.006000", "094420.008000"],
      "InstanceNumber": [1, 2, 3, 4, 5, 6, 7, 8, 9, 10, 11, 12, 13, 14, 15, 16, 17, 18, 19, 20, 21, 22, 23, 24, 25, 26, 27, 28, 29, 30, 31, 32, 33, 34, 35, 36, 37, 38],
      "LargestImagePixelValue": [1007, 891, 924, 974, 851, 908, 806, 962, 849, 831, 851, 934, 907, 865, 883, 1083, 1001, 865, 876, 825, 986, 851, 881, 900, 905, 1045, 866, 859, 763, 865, 1020, 983, 881, 861, 865, 897, 971, 1004],
      "WindowCenter": [426.0, 423.0, 422.0, 422.0, 421.0, 420.0, 420.0, 423.0, 421.0, 422.0, 422.0, 423.0, 424.0, 424.0, 423.0, 424.0, 423.0, 422.0, 422.0, 422.0, 424.0, 422.0, 422.0, 423.0, 424.0, 425.0, 422.0, 421.0, 420.0, 423.0, 425.0, 423.0, 421.0, 421.0, 421.0, 421.0, 422.0, 422.0],
      "WindowWidth": [899.0, 894.0, 892.0, 892.0, 889.0, 889.0, 888.0, 893.0, 891.0, 892.0, 893.0, 894.0, 895.0, 896.0, 894.0, 896.0, 893.0, 892.0, 892.0, 892.0, 895.0, 893.0, 893.0, 893.0, 895.0, 898.0, 893.0, 890.0, 889.0, 894.0, 896.0, 894.0, 890.0, 890.0, 889.0, 890.0, 892.0, 891.0]
    },
    "slices": {}
  }
}