{
  "AcquisitionMatrixPE": 64,
  "AcquisitionNumber": 1,
  "AcquisitionTime": "19:43:5.667500",
  "BandwidthPerPixelPhaseEncode": 40.064,
  "BaseResolution": 64,
  "BodyPartExamined": "BRAIN",
  "ConsistencyInfo": "N4_VD13D_LATEST_20130810",
  "ConversionSoftware": "dcm2niix",
  "ConversionSoftwareVersion": "v1.0.20191031",
  "DerivedVendorReportedEchoSpacing": 0.000780002,
  "DeviceSerialNumber": "67007",
  "DwellTime": 5.3e-06,
  "EchoTime": 0.03,
  "EchoTrainLength": 31,
  "EffectiveEchoSpacing": 0.000390001,
  "FlipAngle": 75,
  "ImageOrientationPatientDICOM": [0.999015, 0.0421427, 0.013895, -0.0401246, 0.991632, -0.122704],
  "ImageType": [
    "ORIGINAL",
    "PRIMARY",
    "M",
    "ND",
    "NORM",
    "MOSAIC"
],
  "ImagingFrequency": 123.211,
  "InPlanePhaseEncodingDirectionDICOM": "ROW",
  "InstitutionAddress": "Perth_Drive_100_London_Ontario_CA_N6A_5K8",
  "InstitutionName": "Robarts_Research_Institute",
  "InstitutionalDepartmentName": "CFMM",
  "MRAcquisitionType": "2D",
  "MagneticFieldStrength": 3,
  "Manufacturer": "Siemens",
  "ManufacturersModelName": "Prisma_fit",
  "Modality": "MR",
  "ParallelReductionFactorInPlane": 2,
  "PartialFourier": 1,
  "PatientPosition": "HFS",
  "PercentPhaseFOV": 100,
  "PhaseEncodingDirection": "i",
  "PhaseEncodingSteps": 63,
  "PhaseResolution": 1,
  "PixelBandwidth": 1475,
  "ProcedureStepDescription": "Owen_Naci",
  "ProtocolName": "taken_deep_sed",
  "PulseSequenceDetails": "%SiemensSeq%_ep2d_bold",
  "ReceiveCoilActiveElements": "HEA;HEP",
  "ReceiveCoilName": "Head_32",
  "ReconMatrixPE": 64,
  "RefLinesPE": 24,
  "RepetitionTime": 2,
  "SAR": 0.12868,
  "ScanOptions": "FS",
  "ScanningSequence": "EP",
  "SequenceName": "_epfid2d1_64",
  "SequenceVariant": "SK",
  "SeriesDescription": "taken_deep_sed",
  "SeriesNumber": 12,
  "ShimSetting": [5280, -6156, -3661, 356, 40, 51, 23, 32],
  "SliceThickness": 3,
  "SliceTiming": [1.92, 1.86, 1.8, 1.74, 1.68, 1.62, 1.56, 1.5, 1.44, 1.38, 1.32, 1.26, 1.2, 1.14, 1.08, 1.02, 0.96, 0.9, 0.84, 0.78, 0.72, 0.66, 0.6, 0.54, 0.48, 0.42, 0.36, 0.3, 0.24, 0.18, 0.12, 0.06, 0],
  "SoftwareVersions": "syngo_MR_D13D",
  "SpacingBetweenSlices": 3.75,
  "StationName": "AWP67007",
  "TaskName": "audiodeep",
  "TotalReadoutTime": 0.0245701,
  "TxRefAmp": 288.366,
  "dcmmeta_affine": [
    [-2.9970450401306152, -0.12037375569343567, 0.07106153666973114, 95.74740600585938],
    [-0.1264280378818512, 2.974895715713501, -0.4575951397418976, -68.32610321044922],
    [0.04168485477566719, 0.3681113123893738, 3.7212977409362793, 21.92043685913086],
    [0.0, 0.0, 0.0, 1.0]
],
  "dcmmeta_reorient_transform": [
    [0.0, -1.0, 0.0, 63.0],
    [1.0, 0.0, 0.0, 0.0],
    [0.0, 0.0, 1.0, 0.0],
    [0.0, 0.0, 0.0, 1.0]
],
  "dcmmeta_shape": [64, 64, 33, 47],
  "dcmmeta_slice_dim": 2,
  "dcmmeta_version": 0.6,
  "global": {
    "const": {
      "AcquisitionMatrix": [0, 64, 64, 0],
      "AngioFlag": "N",
      "BitsAllocated": 16,
      "BitsStored": 12,
      "BodyPartExamined": "BRAIN",
      "Columns": 384,
      "EchoNumbers": 1,
      "EchoTime": 30.0,
      "EchoTrainLength": 31,
      "FlipAngle": 75.0,
      "HighBit": 11,
      "ImageOrientationPatient": [0.99901497733694, 0.04214267871957, 0.01389495184673, -0.0401245848044, 0.99163188903489, -0.1227037666226],
      "ImagePositionPatient": [-548.43124436411, -615.30411326106, 97.339679312838],
      "ImageType": [
        "ORIGINAL",
        "PRIMARY",
        "M",
        "ND",
        "NORM",
        "MOSAIC"
],
      "ImagedNucleus": "1H",
      "ImagingFrequency": 123.210986,
      "InPlanePhaseEncodingDirection": "ROW",
      "MRAcquisitionType": "2D",
      "MagneticFieldStrength": 3.0,
      "Manufacturer": "SIEMENS",
      "ManufacturerModelName": "Prisma_fit",
      "Modality": "MR",
      "NumberOfAverages": 1.0,
      "NumberOfPhaseEncodingSteps": 63,
      "PercentPhaseFieldOfView": 100.0,
      "PercentSampling": 100.0,
      "PerformedProcedureStepStartTime": "180215.790000",
      "PhotometricInterpretation": "MONOCHROME2",
      "PixelBandwidth": 1475.0,
      "PixelRepresentation": 0,
      "PixelSpacing": [3.0, 3.0],
      "ProtocolName": "taken_deep sed",
      "RepetitionTime": 2000.0,
      "Rows": 384,
      "SAR": 0.12868043683394,
      "SamplesPerPixel": 1,
      "ScanOptions": "FS",
      "ScanningSequence": "EP",
      "SequenceName": "*epfid2d1_64",
      "SequenceVariant": "SK",
      "SeriesDescription": "taken_deep sed",
      "SeriesNumber": 12,
      "SeriesTime": "194323.704000",
      "SliceLocation": 31.90456591705,
      "SliceThickness": 3.0,
      "SmallestImagePixelValue": 0,
      "SoftwareVersions": "syngo MR D13D",
      "SpacingBetweenSlices": 3.7499999908182,
      "SpecificCharacterSet": "ISO_IR 100",
      "StudyID": "1",
      "StudyTime": "180215.680000",
      "TimeOfLastCalibration": ["123723.000000", "123723.000000"],
      "TransmitCoilName": "Body",
      "VariableFlipAngleFlag": "N",
      "WindowCenterWidthExplanation": "Algo1",
      "dBdt": 0.0},
    "slices": {}
  },
  "time": {
    "samples": {
      "AcquisitionNumber": [1, 2, 3, 4, 5, 6, 7, 8, 9, 10, 11, 12, 13, 14, 15, 16, 17, 18, 19, 20, 21, 22, 23, 24, 25, 26, 27, 28, 29, 30, 31, 32, 33, 34, 35, 36, 37, 38, 39, 40, 41, 42, 43, 44, 45, 46, 47],
      "AcquisitionTime": ["194305.667500", "194307.667500", "194309.667500", "194311.667500", "194313.667500", "194315.667500", "194317.667500", "194319.667500", "194321.667500", "194323.667500", "194325.667500", "194327.667500", "194329.667500", "194331.667500", "194333.667500", "194335.667500", "194337.667500", "194339.667500", "194341.667500", "194343.667500", "194345.667500", "194347.667500", "194349.667500", "194351.667500", "194353.667500", "194355.667500", "194357.667500", "194359.667500", "194401.667500", "194403.667500", "194405.667500", "194407.667500", "194409.667500", "194411.667500", "194413.667500", "194415.667500", "194417.667500", "194419.667500", "194421.667500", "194423.667500", "194425.667500", "194427.667500", "194429.667500", "194431.667500", "194433.667500", "194435.667500", "194437.667500"],
      "ContentTime": ["194323.709000", "194323.713000", "194323.715000", "194323.718000", "194323.724000", "194323.727000", "194323.738000", "194323.741000", "194323.744000", "194403.702000", "194403.706000", "194403.709000", "194403.711000", "194403.714000", "194403.717000", "194403.720000", "194403.723000", "194403.726000", "194403.728000", "194403.731000", "194403.734000", "194403.737000", "194403.740000", "194403.743000", "194403.746000", "194403.749000", "194403.752000", "194403.754000", "194403.757000", "194439.931000", "194439.935000", "194439.938000", "194439.941000", "194439.944000", "194439.947000", "194439.950000", "194439.953000", "194439.956000", "194439.970000", "194439.974000", "194439.977000", "194439.981000", "194439.984000", "194439.988000", "194439.991000", "194439.994000", "194439.997000"],
      "InstanceCreationTime": ["194323.709000", "194323.713000", "194323.715000", "194323.718000", "194323.724000", "194323.727000", "194323.738000", "194323.741000", "194323.744000", "194403.702000", "194403.706000", "194403.709000", "194403.711000", "194403.714000", "194403.717000", "194403.720000", "194403.723000", "194403.726000", "194403.728000", "194403.731000", "194403.734000", "194403.737000", "194403.740000", "194403.743000", "194403.746000", "194403.749000", "194403.752000", "194403.754000", "194403.757000", "194439.931000", "194439.935000", "194439.938000", "194439.941000", "194439.944000", "194439.947000", "194439.950000", "194439.953000", "194439.956000", "194439.970000", "194439.974000", "194439.977000", "194439.981000", "194439.984000", "194439.988000", "194439.991000", "194439.994000", "194439.997000"],
      "InstanceNumber": [1, 2, 3, 4, 5, 6, 7, 8, 9, 10, 11, 12, 13, 14, 15, 16, 17, 18, 19, 20, 21, 22, 23, 24, 25, 26, 27, 28, 29, 30, 31, 32, 33, 34, 35, 36, 37, 38, 39, 40, 41, 42, 43, 44, 45, 46, 47],
      "LargestImagePixelValue": [1184, 1238, 1313, 1032, 1162, 1270, 1027, 1023, 1043, 1141, 1226, 1036, 1049, 1058, 1202, 1023, 1046, 1117, 1062, 1200, 1047, 1283, 1129, 1168, 1037, 1254, 1044, 1211, 1061, 1128, 1123, 1036, 1073, 1040, 1248, 1005, 999, 1102, 1113, 1043, 985, 1045, 1006, 1064, 1043, 1087, 1013],
      "WindowCenter": [491.0, 490.0, 490.0, 488.0, 488.0, 488.0, 487.0, 486.0, 487.0, 488.0, 490.0, 487.0, 487.0, 487.0, 489.0, 488.0, 489.0, 491.0, 490.0, 494.0, 491.0, 492.0, 491.0, 491.0, 489.0, 492.0, 491.0, 491.0, 489.0, 489.0, 489.0, 490.0, 491.0, 488.0, 490.0, 489.0, 488.0, 491.0, 495.0, 490.0, 489.0, 486.0, 486.0, 488.0, 490.0, 486.0, 486.0],
      "WindowWidth": [1028.0, 1025.0, 1025.0, 1021.0, 1020.0, 1021.0, 1019.0, 1017.0, 1020.0, 1022.0, 1024.0, 1019.0, 1020.0, 1020.0, 1023.0, 1022.0, 1023.0, 1026.0, 1026.0, 1034.0, 1028.0, 1029.0, 1026.0, 1027.0, 1023.0, 1029.0, 1027.0, 1026.0, 1022.0, 1023.0, 1022.0, 1025.0, 1027.0, 1022.0, 1024.0, 1024.0, 1022.0, 1028.0, 1034.0, 1025.0, 1023.0, 1017.0, 1018.0, 1022.0, 1024.0, 1017.0, 1016.0]
    },
    "slices": {}
  }
}