{
  "AcquisitionMatrixPE": 64,
  "AcquisitionNumber": 3,
  "AcquisitionTime": "17:36:16.865000",
  "BandwidthPerPixelPhaseEncode": 40.064,
  "BaseResolution": 64,
  "BodyPartExamined": "BRAIN",
  "ConsistencyInfo": "N4_VD13D_LATEST_20130810",
  "ConversionSoftware": "dcm2niix",
  "ConversionSoftwareVersion": "v1.0.20191031",
  "DerivedVendorReportedEchoSpacing": 0.000780002,
  "DeviceSerialNumber": "67007",
  "DwellTime": 5.3e-06,
  "EchoTime": 0.03,
  "EchoTrainLength": 31,
  "EffectiveEchoSpacing": 0.000390001,
  "FlipAngle": 75,
  "ImageOrientationPatientDICOM": [0.999504, -0.0265632, 0.0169154, 0.0279187, 0.995929, -0.0857042],
  "ImageType": [
    "ORIGINAL",
    "PRIMARY",
    "M",
    "ND",
    "NORM",
    "MOSAIC"
],
  "ImagingFrequency": 123.211,
  "InPlanePhaseEncodingDirectionDICOM": "ROW",
  "InstitutionAddress": "Perth_Drive_100_London_Ontario_CA_N6A_5K8",
  "InstitutionName": "Robarts-CFMM",
  "InstitutionalDepartmentName": "CFMM",
  "MRAcquisitionType": "2D",
  "MagneticFieldStrength": 3,
  "Manufacturer": "Siemens",
  "ManufacturersModelName": "Prisma_fit",
  "Modality": "MR",
  "ParallelReductionFactorInPlane": 2,
  "PartialFourier": 1,
  "PatientPosition": "HFS",
  "PercentPhaseFOV": 100,
  "PhaseEncodingDirection": "i",
  "PhaseEncodingSteps": 63,
  "PhaseResolution": 1,
  "PixelBandwidth": 1475,
  "ProcedureStepDescription": "Owen_Naci",
  "ProtocolName": "Taken",
  "PulseSequenceDetails": "%SiemensSeq%_ep2d_bold",
  "ReceiveCoilActiveElements": "HEA;HEP",
  "ReceiveCoilName": "Head_32",
  "ReconMatrixPE": 64,
  "RefLinesPE": 24,
  "RepetitionTime": 2,
  "SAR": 0.0924669,
  "ScanOptions": "FS",
  "ScanningSequence": "EP",
  "SequenceName": "_epfid2d1_64",
  "SequenceVariant": "SK",
  "SeriesDescription": "Taken",
  "SeriesNumber": 5,
  "ShimSetting": [5257, -6190, -3785, 426, 25, 9, -8, 42],
  "SliceThickness": 3,
  "SliceTiming": [1.92, 1.86, 1.8, 1.74, 1.68, 1.62, 1.56, 1.5, 1.44, 1.38, 1.32, 1.26, 1.2, 1.14, 1.08, 1.02, 0.96, 0.9, 0.84, 0.78, 0.72, 0.66, 0.6, 0.54, 0.48, 0.42, 0.36, 0.3, 0.24, 0.18, 0.12, 0.06, 0],
  "SoftwareVersions": "syngo_MR_D13D",
  "SpacingBetweenSlices": 3.75,
  "StationName": "AWP67007",
  "TaskName": "movie",
  "TotalReadoutTime": 0.0245701,
  "TxRefAmp": 266.848,
  "dcmmeta_affine": [
    [-2.998512029647827, 0.08375602215528488, 0.05463742837309837, 93.5044937133789],
    [0.07968969643115997, 2.987788200378418, -0.32300230860710144, -77.36299133300781],
    [0.05074625462293625, 0.257112592458725, 3.735663890838623, -27.535425186157227],
    [0.0, 0.0, 0.0, 1.0]
],
  "dcmmeta_reorient_transform": [
    [0.0, -1.0, 0.0, 63.0],
    [1.0, 0.0, 0.0, 0.0],
    [0.0, 0.0, 1.0, 0.0],
    [0.0, 0.0, 0.0, 1.0]
],
  "dcmmeta_shape": [64, 64, 33, 81],
  "dcmmeta_slice_dim": 2,
  "dcmmeta_version": 0.6,
  "global": {
    "const": {
      "AcquisitionMatrix": [0, 64, 64, 0],
      "AngioFlag": "N",
      "BitsAllocated": 16,
      "BitsStored": 12,
      "BodyPartExamined": "BRAIN",
      "Columns": 384,
      "EchoNumbers": 1,
      "EchoTime": 30.0,
      "EchoTrainLength": 31,
      "FlipAngle": 75.0,
      "HighBit": 11,
      "ImageOrientationPatient": [0.99950400865347, -0.0265632325626, 0.01691541786268, 0.02791867365027, 0.99592938372995, -0.0857042022593],
      "ImagePositionPatient": [-591.94400748564, -576.16341480641, 21.681286421936],
      "ImageType": [
        "ORIGINAL",
        "PRIMARY",
        "M",
        "ND",
        "NORM",
        "MOSAIC"
],
      "ImagedNucleus": "1H",
      "ImagingFrequency": 123.210983,
      "InPlanePhaseEncodingDirection": "ROW",
      "MRAcquisitionType": "2D",
      "MagneticFieldStrength": 3.0,
      "Manufacturer": "SIEMENS",
      "ManufacturerModelName": "Prisma_fit",
      "Modality": "MR",
      "NumberOfAverages": 1.0,
      "NumberOfPhaseEncodingSteps": 63,
      "PercentPhaseFieldOfView": 100.0,
      "PercentSampling": 100.0,
      "PerformedProcedureStepStartTime": "171722.110000",
      "PhotometricInterpretation": "MONOCHROME2",
      "PixelBandwidth": 1475.0,
      "PixelRepresentation": 0,
      "PixelSpacing": [3.0, 3.0],
      "ProtocolName": "Taken",
      "RepetitionTime": 2000.0,
      "Rows": 384,
      "SAR": 0.09246693648445,
      "SamplesPerPixel": 1,
      "ScanOptions": "FS",
      "ScanningSequence": "EP",
      "SequenceName": "*epfid2d1_64",
      "SequenceVariant": "SK",
      "SeriesDescription": "Taken",
      "SeriesNumber": 5,
      "SeriesTime": "173707.331000",
      "SliceLocation": -19.404218324505,
      "SliceThickness": 3.0,
      "SmallestImagePixelValue": 0,
      "SoftwareVersions": "syngo MR D13D",
      "SpacingBetweenSlices": 3.7500000025786,
      "SpecificCharacterSet": "ISO_IR 100",
      "StudyID": "1",
      "StudyTime": "171722.004000",
      "TimeOfLastCalibration": ["123723.000000", "123723.000000"],
      "TransmitCoilName": "Body",
      "VariableFlipAngleFlag": "N",
      "WindowCenterWidthExplanation": "Algo1",
      "dBdt": 0.0},
    "slices": {}
  },
  "time": {
    "samples": {
      "AcquisitionNumber": [3, 5, 6, 7, 10, 11, 17, 18, 21, 22, 24, 28, 29, 30, 31, 33, 36, 37, 38, 40, 42, 43, 44, 45, 46, 48, 49, 52, 53, 56, 57, 58, 63, 64, 68, 70, 71, 72, 73, 76, 80, 81, 83, 84, 87, 88, 89, 90, 93, 94, 95, 96, 98, 101, 102, 103, 105, 107, 108, 110, 113, 114, 120, 122, 123, 126, 127, 132, 134, 138, 140, 141, 142, 145, 146, 148, 149, 150, 151, 153, 155],
      "AcquisitionTime": ["173616.865000", "173620.865000", "173622.865000", "173624.865000", "173630.865000", "173632.865000", "173644.865000", "173646.865000", "173652.865000", "173654.865000", "173658.865000", "173706.865000", "173708.865000", "173710.865000", "173712.865000", "173716.865000", "173722.865000", "173724.865000", "173726.865000", "173730.865000", "173734.865000", "173736.865000", "173738.865000", "173740.865000", "173742.865000", "173746.865000", "173748.865000", "173754.865000", "173756.865000", "173802.865000", "173804.865000", "173806.865000", "173816.865000", "173818.865000", "173826.865000", "173830.865000", "173832.865000", "173834.865000", "173836.865000", "173842.865000", "173850.865000", "173852.865000", "173856.865000", "173858.865000", "173904.865000", "173906.865000", "173908.865000", "173910.865000", "173916.865000", "173918.865000", "173920.865000", "173922.865000", "173926.865000", "173932.865000", "173934.865000", "173936.865000", "173940.865000", "173944.865000", "173946.865000", "173950.865000", "173956.865000", "173958.865000", "174010.865000", "174014.865000", "174016.865000", "174022.865000", "174024.865000", "174034.865000", "174038.865000", "174046.865000", "174050.865000", "174052.865000", "174054.865000", "174100.865000", "174102.865000", "174106.865000", "174108.865000", "174110.865000", "174112.867500", "174116.867500", "174120.867500"],
      "ContentTime": ["173707.341000", "173707.347000", "173707.349000", "173707.352000", "173707.361000", "173707.364000", "173707.383000", "173707.386000", "173707.394000", "173707.397000", "173707.402000", "173747.329000", "173747.333000", "173747.335000", "173747.338000", "173747.344000", "173747.354000", "173747.357000", "173747.360000", "173747.365000", "173747.371000", "173747.373000", "173747.376000", "173747.379000", "173747.381000", "173827.329000", "173827.332000", "173827.341000", "173827.345000", "173827.354000", "173827.357000", "173827.360000", "173827.374000", "173827.377000", "173907.329000", "173907.335000", "173907.338000", "173907.340000", "173907.343000", "173907.352000", "173907.364000", "173907.367000", "173907.373000", "173907.376000", "173907.385000", "173947.330000", "173947.334000", "173947.336000", "173947.345000", "173947.347000", "173947.350000", "173947.353000", "173947.358000", "173947.366000", "173947.369000", "173947.372000", "173947.378000", "173947.383000", "174027.329000", "174027.335000", "174027.343000", "174027.346000", "174027.363000", "174027.369000", "174027.372000", "174027.381000", "174027.384000", "174107.340000", "174107.353000", "174107.364000", "174107.370000", "174107.372000", "174107.375000", "174107.384000", "174107.387000", "174121.641000", "174121.645000", "174121.647000", "174121.650000", "174121.656000", "174121.661000"],
      "InstanceCreationTime": ["173707.341000", "173707.347000", "173707.349000", "173707.352000", "173707.361000", "173707.364000", "173707.383000", "173707.386000", "173707.394000", "173707.397000", "173707.402000", "173747.329000", "173747.333000", "173747.335000", "173747.338000", "173747.344000", "173747.354000", "173747.357000", "173747.360000", "173747.365000", "173747.371000", "173747.373000", "173747.376000", "173747.379000", "173747.381000", "173827.329000", "173827.332000", "173827.341000", "173827.345000", "173827.354000", "173827.357000", "173827.360000", "173827.374000", "173827.377000", "173907.329000", "173907.335000", "173907.338000", "173907.340000", "173907.343000", "173907.352000", "173907.364000", "173907.367000", "173907.373000", "173907.376000", "173907.385000", "173947.330000", "173947.334000", "173947.336000", "173947.345000", "173947.347000", "173947.350000", "173947.353000", "173947.358000", "173947.366000", "173947.369000", "173947.372000", "173947.378000", "173947.383000", "174027.329000", "174027.335000", "174027.343000", "174027.346000", "174027.363000", "174027.369000", "174027.372000", "174027.381000", "174027.384000", "174107.340000", "174107.353000", "174107.364000", "174107.370000", "174107.372000", "174107.375000", "174107.384000", "174107.387000", "174121.641000", "174121.645000", "174121.647000", "174121.650000", "174121.656000", "174121.661000"],
      "InstanceNumber": [3, 5, 6, 7, 10, 11, 17, 18, 21, 22, 24, 28, 29, 30, 31, 33, 36, 37, 38, 40, 42, 43, 44, 45, 46, 48, 49, 52, 53, 56, 57, 58, 63, 64, 68, 70, 71, 72, 73, 76, 80, 81, 83, 84, 87, 88, 89, 90, 93, 94, 95, 96, 98, 101, 102, 103, 105, 107, 108, 110, 113, 114, 120, 122, 123, 126, 127, 132, 134, 138, 140, 141, 142, 145, 146, 148, 149, 150, 151, 153, 155],
      "LargestImagePixelValue": [833, 860, 780, 813, 845, 924, 792, 887, 783, 806, 793, 804, 792, 801, 859, 777, 797, 822, 819, 858, 787, 889, 805, 809, 850, 842, 812, 787, 841, 850, 798, 824, 828, 823, 806, 790, 825, 807, 864, 912, 779, 802, 779, 845, 870, 776, 774, 785, 797, 907, 799, 809, 820, 861, 808, 803, 798, 910, 772, 835, 825, 793, 793, 765, 772, 791, 814, 773, 830, 801, 804, 801, 800, 787, 765, 817, 802, 815, 766, 793, 835],
      "WindowCenter": [452.0, 451.0, 449.0, 450.0, 452.0, 452.0, 451.0, 452.0, 451.0, 451.0, 452.0, 452.0, 452.0, 452.0, 453.0, 452.0, 453.0, 454.0, 454.0, 454.0, 453.0, 454.0, 454.0, 453.0, 454.0, 454.0, 453.0, 453.0, 453.0, 453.0, 452.0, 453.0, 452.0, 453.0, 452.0, 453.0, 454.0, 453.0, 452.0, 451.0, 452.0, 451.0, 450.0, 450.0, 451.0, 451.0, 450.0, 450.0, 452.0, 452.0, 451.0, 450.0, 452.0, 451.0, 450.0, 450.0, 451.0, 452.0, 450.0, 451.0, 450.0, 450.0, 450.0, 450.0, 451.0, 450.0, 450.0, 451.0, 452.0, 451.0, 450.0, 450.0, 450.0, 451.0, 450.0, 450.0, 451.0, 451.0, 450.0, 450.0, 450.0],
      "WindowWidth": [946.0, 944.0, 942.0, 943.0, 947.0, 946.0, 945.0, 947.0, 945.0, 945.0, 946.0, 947.0, 947.0, 947.0, 948.0, 947.0, 949.0, 950.0, 951.0, 949.0, 949.0, 951.0, 950.0, 949.0, 950.0, 950.0, 949.0, 949.0, 949.0, 948.0, 947.0, 949.0, 947.0, 948.0, 947.0, 949.0, 951.0, 949.0, 947.0, 945.0, 947.0, 946.0, 943.0, 943.0, 945.0, 944.0, 944.0, 944.0, 946.0, 946.0, 945.0, 944.0, 946.0, 944.0, 943.0, 943.0, 944.0, 946.0, 944.0, 945.0, 943.0, 942.0, 943.0, 943.0, 945.0, 944.0, 944.0, 945.0, 946.0, 944.0, 944.0, 943.0, 944.0, 945.0, 944.0, 943.0, 944.0, 944.0, 943.0, 943.0, 943.0]
    },
    "slices": {}
  }
}