{
  "AcquisitionMatrixPE": 64,
  "AcquisitionNumber": 1,
  "AcquisitionTime": "09:45:5.350000",
  "BandwidthPerPixelPhaseEncode": 40.064,
  "BaseResolution": 64,
  "BodyPartExamined": "BRAIN",
  "ConsistencyInfo": "N4_VD13D_LATEST_20130810",
  "ConversionSoftware": "dcm2niix",
  "ConversionSoftwareVersion": "v1.0.20191031",
  "DerivedVendorReportedEchoSpacing": 0.000780002,
  "DeviceSerialNumber": "67007",
  "DwellTime": 5.3e-06,
  "EchoTime": 0.03,
  "EchoTrainLength": 31,
  "EffectiveEchoSpacing": 0.000390001,
  "FlipAngle": 75,
  "ImageOrientationPatientDICOM": [0.999077, 0.0208633, -0.0375509, -0.0226722, 0.99857, -0.0484084],
  "ImageType": [
    "ORIGINAL",
    "PRIMARY",
    "M",
    "ND",
    "NORM",
    "MOSAIC"
],
  "ImagingFrequency": 123.211,
  "InPlanePhaseEncodingDirectionDICOM": "ROW",
  "InstitutionAddress": "Perth_Drive_100_London_Ontario_CA_N6A_5K8",
  "InstitutionName": "Robarts-CFMM",
  "InstitutionalDepartmentName": "CFMM",
  "MRAcquisitionType": "2D",
  "MagneticFieldStrength": 3,
  "Manufacturer": "Siemens",
  "ManufacturersModelName": "Prisma_fit",
  "Modality": "MR",
  "ParallelReductionFactorInPlane": 2,
  "PartialFourier": 1,
  "PatientPosition": "HFS",
  "PercentPhaseFOV": 100,
  "PhaseEncodingDirection": "i",
  "PhaseEncodingSteps": 63,
  "PhaseResolution": 1,
  "PixelBandwidth": 1475,
  "ProcedureStepDescription": "Owen_Naci",
  "ProtocolName": "taken",
  "PulseSequenceDetails": "%SiemensSeq%_ep2d_bold",
  "ReceiveCoilActiveElements": "HEA;HEP",
  "ReceiveCoilName": "Head_32",
  "ReconMatrixPE": 64,
  "RefLinesPE": 24,
  "RepetitionTime": 2,
  "SAR": 0.141631,
  "ScanOptions": "FS",
  "ScanningSequence": "EP",
  "SequenceName": "_epfid2d1_64",
  "SequenceVariant": "SK",
  "SeriesDescription": "taken",
  "SeriesNumber": 5,
  "ShimSetting": [5235, -6122, -3911, 329, -8, 162, 111, -51],
  "SliceThickness": 3,
  "SliceTiming": [1.92, 1.86, 1.8, 1.74, 1.68, 1.62, 1.56, 1.5, 1.44, 1.38, 1.32, 1.26, 1.2, 1.14, 1.08, 1.02, 0.96, 0.9, 0.84, 0.78, 0.72, 0.66, 0.6, 0.54, 0.48, 0.42, 0.36, 0.3, 0.24, 0.18, 0.12, 0.06, 0],
  "SoftwareVersions": "syngo_MR_D13D",
  "SpacingBetweenSlices": 3.75,
  "StationName": "AWP67007",
  "TaskName": "audio",
  "TotalReadoutTime": 0.0245701,
  "TxRefAmp": 280.503,
  "dcmmeta_affine": [
    [-2.9972307682037354, -0.06801667809486389, -0.13682721555233002, 102.08744049072266],
    [-0.06259004771709442, 2.995710849761963, -0.18455646932125092, -69.05018615722656],
    [-0.11265271157026291, 0.1452251374721527, 3.7429556846618652, -32.62803268432617],
    [0.0, 0.0, 0.0, 1.0]
],
  "dcmmeta_reorient_transform": [
    [0.0, -1.0, 0.0, 63.0],
    [1.0, 0.0, 0.0, 0.0],
    [0.0, 0.0, 1.0, 0.0],
    [0.0, 0.0, 0.0, 1.0]
],
  "dcmmeta_shape": [64, 64, 33, 155],
  "dcmmeta_slice_dim": 2,
  "dcmmeta_version": 0.6,
  "global": {
    "const": {
      "AcquisitionMatrix": [0, 64, 64, 0],
      "AngioFlag": "N",
      "BitsAllocated": 16,
      "BitsStored": 12,
      "BodyPartExamined": "BRAIN",
      "Columns": 384,
      "EchoNumbers": 1,
      "EchoTime": 30.0,
      "EchoTrainLength": 31,
      "FlipAngle": 75.0,
      "HighBit": 11,
      "ImageOrientationPatient": [0.99907689905768, 0.02086334823819, -0.0375509050435, -0.0226722267163, 0.99857027732858, -0.0484083812128],
      "ImagePositionPatient": [-566.4766314374, -609.00773698491, 17.781609018516],
      "ImageType": [
        "ORIGINAL",
        "PRIMARY",
        "M",
        "ND",
        "NORM",
        "MOSAIC"
],
      "ImagedNucleus": "1H",
      "ImagingFrequency": 123.211099,
      "InPlanePhaseEncodingDirection": "ROW",
      "MRAcquisitionType": "2D",
      "MagneticFieldStrength": 3.0,
      "Manufacturer": "SIEMENS",
      "ManufacturerModelName": "Prisma_fit",
      "Modality": "MR",
      "NumberOfAverages": 1.0,
      "NumberOfPhaseEncodingSteps": 63,
      "PercentPhaseFieldOfView": 100.0,
      "PercentSampling": 100.0,
      "PerformedProcedureStepStartTime": "093249.620000",
      "PhotometricInterpretation": "MONOCHROME2",
      "PixelBandwidth": 1475.0,
      "PixelRepresentation": 0,
      "PixelSpacing": [3.0, 3.0],
      "ProtocolName": "taken",
      "RepetitionTime": 2000.0,
      "Rows": 384,
      "SAR": 0.14163147387896,
      "SamplesPerPixel": 1,
      "ScanOptions": "FS",
      "ScanningSequence": "EP",
      "SequenceName": "*epfid2d1_64",
      "SequenceVariant": "SK",
      "SeriesDescription": "taken",
      "SeriesNumber": 5,
      "SeriesTime": "094557.093000",
      "SliceLocation": -32.893322877554,
      "SliceThickness": 3.0,
      "SmallestImagePixelValue": 0,
      "SoftwareVersions": "syngo MR D13D",
      "SpacingBetweenSlices": 3.7499999460954,
      "SpecificCharacterSet": "ISO_IR 100",
      "StudyID": "1",
      "StudyTime": "093249.503000",
      "TimeOfLastCalibration": ["123723.000000", "123723.000000"],
      "TransmitCoilName": "Body",
      "VariableFlipAngleFlag": "N",
      "WindowCenterWidthExplanation": "Algo1",
      "dBdt": 0.0},
