{
  "AcquisitionMatrixPE": 64,
  "AcquisitionNumber": 2,
  "AcquisitionTime": "10:17:56.922500",
  "BandwidthPerPixelPhaseEncode": 40.064,
  "BaseResolution": 64,
  "BodyPartExamined": "BRAIN",
  "ConsistencyInfo": "N4_VD13D_LATEST_20130810",
  "ConversionSoftware": "dcm2niix",
  "ConversionSoftwareVersion": "v1.0.20191031",
  "DerivedVendorReportedEchoSpacing": 0.000780002,
  "DeviceSerialNumber": "67007",
  "DwellTime": 5.3e-06,
  "EchoTime": 0.03,
  "EchoTrainLength": 31,
  "EffectiveEchoSpacing": 0.000390001,
  "FlipAngle": 75,
  "ImageOrientationPatientDICOM": [0.999077, 0.0208633, -0.0375509, -0.0226722, 0.99857, -0.0484084],
  "ImageType": [
    "ORIGINAL",
    "PRIMARY",
    "M",
    "ND",
    "NORM",
    "MOSAIC"
],
  "ImagingFrequency": 123.211,
  "InPlanePhaseEncodingDirectionDICOM": "ROW",
  "InstitutionAddress": "Perth_Drive_100_London_Ontario_CA_N6A_5K8",
  "InstitutionName": "Robarts-CFMM",
  "InstitutionalDepartmentName": "CFMM",
  "MRAcquisitionType": "2D",
  "MagneticFieldStrength": 3,
  "Manufacturer": "Siemens",
  "ManufacturersModelName": "Prisma_fit",
  "Modality": "MR",
  "ParallelReductionFactorInPlane": 2,
  "PartialFourier": 1,
  "PatientPosition": "HFS",
  "PercentPhaseFOV": 100,
  "PhaseEncodingDirection": "i",
  "PhaseEncodingSteps": 63,
  "PhaseResolution": 1,
  "PixelBandwidth": 1475,
  "ProcedureStepDescription": "Owen_Naci",
  "ProtocolName": "taken",
  "PulseSequenceDetails": "%SiemensSeq%_ep2d_bold",
  "ReceiveCoilActiveElements": "HEA;HEP",
  "ReceiveCoilName": "Head_32",
  "ReconMatrixPE": 64,
  "RefLinesPE": 24,
  "RepetitionTime": 2,
  "SAR": 0.141631,
  "ScanOptions": "FS",
  "ScanningSequence": "EP",
  "SequenceName": "_epfid2d1_64",
  "SequenceVariant": "SK",
  "SeriesDescription": "taken",
  "SeriesNumber": 9,
  "ShimSetting": [5235, -6122, -3911, 329, -8, 162, 111, -51],
  "SliceThickness": 3,
  "SliceTiming": [1.9175, 1.8575, 1.7975, 1.7375, 1.6775, 1.6175, 1.5575, 1.4975, 1.4375, 1.3775, 1.3175, 1.2575, 1.1975, 1.1375, 1.0775, 1.0175, 0.9575, 0.8975, 0.8375, 0.7775, 0.7175, 0.6575, 0.5975, 0.5375, 0.4775, 0.4175, 0.3575, 0.2975, 0.24, 0.18, 0.12, 0.06, 0],
  "SoftwareVersions": "syngo_MR_D13D",
  "SpacingBetweenSlices": 3.75,
  "StationName": "AWP67007",
  "TaskName": "movie",
  "TotalReadoutTime": 0.0245701,
  "TxRefAmp": 280.503,
  "dcmmeta_affine": [
    [-2.9972307682037354, -0.06801667809486389, -0.13682721555233002, 102.08744049072266],
    [-0.06259004771709442, 2.995710849761963, -0.18455646932125092, -69.05018615722656],
    [-0.11265271157026291, 0.1452251374721527, 3.7429556846618652, -32.62803268432617],
    [0.0, 0.0, 0.0, 1.0]
],
  "dcmmeta_reorient_transform": [
    [0.0, -1.0, 0.0, 63.0],
    [1.0, 0.0, 0.0, 0.0],
    [0.0, 0.0, 1.0, 0.0],
    [0.0, 0.0, 0.0, 1.0]
],
  "dcmmeta_shape": [64, 64, 33, 83],
  "dcmmeta_slice_dim": 2,
  "dcmmeta_version": 0.6,
  "global": {
    "const": {
      "AcquisitionMatrix": [0, 64, 64, 0],
      "AngioFlag": "N",
      "BitsAllocated": 16,
      "BitsStored": 12,
      "BodyPartExamined": "BRAIN",
      "Columns": 384,
      "EchoNumbers": 1,
      "EchoTime": 30.0,
      "EchoTrainLength": 31,
      "FlipAngle": 75.0,
      "HighBit": 11,
      "ImageOrientationPatient": [0.99907689905768, 0.02086334823819, -0.0375509050435, -0.0226722267163, 0.99857027732858, -0.0484083812128],
      "ImagePositionPatient": [-566.4766314374, -609.00773698491, 17.781609018516],
      "ImageType": [
        "ORIGINAL",
        "PRIMARY",
        "M",
        "ND",
        "NORM",
        "MOSAIC"
],
      "ImagedNucleus": "1H",
      "ImagingFrequency": 123.211102,
      "InPlanePhaseEncodingDirection": "ROW",
      "MRAcquisitionType": "2D",
      "MagneticFieldStrength": 3.0,
      "Manufacturer": "SIEMENS",
      "ManufacturerModelName": "Prisma_fit",
      "Modality": "MR",
      "NumberOfAverages": 1.0,
      "NumberOfPhaseEncodingSteps": 63,
      "PercentPhaseFieldOfView": 100.0,
      "PercentSampling": 100.0,
      "PerformedProcedureStepStartTime": "093249.620000",
      "PhotometricInterpretation": "MONOCHROME2",
      "PixelBandwidth": 1475.0,
      "PixelRepresentation": 0,
      "PixelSpacing": [3.0, 3.0],
      "ProtocolName": "taken",
      "RepetitionTime": 2000.0,
      "Rows": 384,
      "SAR": 0.14163147387896,
      "SamplesPerPixel": 1,
      "ScanOptions": "FS",
      "ScanningSequence": "EP",
      "SequenceName": "*epfid2d1_64",
      "SequenceVariant": "SK",
      "SeriesDescription": "taken",
      "SeriesNumber": 9,
      "SeriesTime": "101838.274000",
      "SliceLocation": -32.893322877554,
      "SliceThickness": 3.0,
      "SmallestImagePixelValue": 0,
      "SoftwareVersions": "syngo MR D13D",
      "SpacingBetweenSlices": 3.7499999460954,
      "SpecificCharacterSet": "ISO_IR 100",
      "StudyID": "1",
      "StudyTime": "093249.503000",
      "TimeOfLastCalibration": ["123723.000000", "123723.000000"],
      "TransmitCoilName": "Body",
      "VariableFlipAngleFlag": "N",
      "WindowCenterWidthExplanation": "Algo1",
      "dBdt": 0.0},
    "slices": {}
  },
  "time": {
    "samples": {
      "AcquisitionNumber": [2, 5, 7, 9, 11, 12, 14, 15, 17, 18, 19, 20, 22, 24, 25, 27, 28, 29, 30, 31, 32, 33, 35, 36, 40, 42, 43, 44, 48, 49, 52, 53, 56, 57, 58, 62, 65, 66, 69, 70, 72, 73, 78, 79, 80, 81, 82, 84, 86, 88, 89, 91, 92, 96, 97, 103, 109, 111, 112, 114, 115, 118, 120, 122, 123, 126, 127, 128, 129, 131, 132, 134, 137, 139, 142, 144, 145, 148, 149, 150, 151, 152, 154],
      "AcquisitionTime": ["101756.922500", "101802.922500", "101806.922500", "101810.922500", "101814.922500", "101816.922500", "101820.922500", "101822.922500", "101826.922500", "101828.922500", "101830.922500", "101832.922500", "101836.922500", "101840.922500", "101842.922500", "101846.922500", "101848.922500", "101850.922500", "101852.925000", "101854.925000", "101856.925000", "101858.925000", "101902.925000", "101904.925000", "101912.925000", "101916.925000", "101918.925000", "101920.925000", "101928.925000", "101930.925000", "101936.925000", "101938.925000", "101944.925000", "101946.925000", "101948.925000", "101956.925000", "102002.925000", "102004.925000", "102010.925000", "102012.925000", "102016.925000", "102018.925000", "102028.925000", "102030.925000", "102032.925000", "102034.925000", "102036.925000", "102040.925000", "102044.925000", "102048.925000", "102050.925000", "102054.925000", "102056.925000", "102104.925000", "102106.925000", "102118.925000", "102130.925000", "102134.925000", "102136.925000", "102140.925000", "102142.925000", "102148.925000", "102152.925000", "102156.925000", "102158.925000", "102204.925000", "102206.925000", "102208.925000", "102210.925000", "102214.925000", "102216.925000", "102220.925000", "102226.925000", "102230.925000", "102236.925000", "102240.925000", "102242.925000", "102248.925000", "102250.925000", "102252.925000", "102254.925000", "102256.925000", "102300.925000"],
      "ContentTime": ["101838.291000", "101838.302000", "101838.313000", "101838.319000", "101838.325000", "101838.328000", "101838.334000", "101838.337000", "101838.343000", "101838.345000", "101838.348000", "101838.350000", "101918.274000", "101918.280000", "101918.282000", "101918.288000", "101918.290000", "101918.293000", "101918.296000", "101918.299000", "101918.301000", "101918.304000", "101918.310000", "101918.313000", "101918.324000", "101958.273000", "101958.276000", "101958.279000", "101958.290000", "101958.292000", "101958.301000", "101958.304000", "101958.313000", "101958.316000", "101958.319000", "102038.272000", "102038.287000", "102038.290000", "102038.299000", "102038.302000", "102038.308000", "102038.310000", "102038.324000", "102038.327000", "102038.331000", "102118.270000", "102118.273000", "102118.279000", "102118.284000", "102118.289000", "102118.292000", "102118.298000", "102118.301000", "102118.313000", "102118.315000", "102158.276000", "102158.292000", "102158.298000", "102158.301000", "102158.307000", "102158.309000", "102158.318000", "102158.323000", "102238.273000", "102238.276000", "102238.284000", "102238.287000", "102238.290000", "102238.292000", "102238.298000", "102238.301000", "102238.307000", "102238.315000", "102238.321000", "102306.401000", "102306.408000", "102306.412000", "102306.421000", "102306.424000", "102306.427000", "102306.431000", "102306.437000", "102306.443000"],
      "InstanceCreationTime": ["101838.291000", "101838.302000", "101838.313000", "101838.319000", "101838.325000", "101838.328000", "101838.334000", "101838.337000", "101838.343000", "101838.345000", "101838.348000", "101838.350000", "101918.274000", "101918.280000", "101918.282000", "101918.288000", "101918.290000", "101918.293000", "101918.296000", "101918.299000", "101918.301000", "101918.304000", "101918.310000", "101918.313000", "101918.324000", "101958.273000", "101958.276000", "101958.279000", "101958.290000", "101958.292000", "101958.301000", "101958.304000", "101958.313000", "101958.316000", "101958.319000", "102038.272000", "102038.287000", "102038.290000", "102038.299000", "102038.302000", "102038.308000", "102038.310000", "102038.324000", "102038.327000", "102038.331000", "102118.270000", "102118.273000", "102118.279000", "102118.284000", "102118.289000", "102118.292000", "102118.298000", "102118.301000", "102118.313000", "102118.315000", "102158.276000", "102158.292000", "102158.298000", "102158.301000", "102158.307000", "102158.309000", "102158.318000", "102158.323000", "102238.273000", "102238.276000", "102238.284000", "102238.287000", "102238.290000", "102238.292000", "102238.298000", "102238.301000", "102238.307000", "102238.315000", "102238.321000", "102306.401000", "102306.408000", "102306.412000", "102306.421000", "102306.424000", "102306.427000", "102306.431000", "102306.437000", "102306.443000"],
      "InstanceNumber": [2, 5, 7, 9, 11, 12, 14, 15, 17, 18, 19, 20, 22, 24, 25, 27, 28, 29, 30, 31, 32, 33, 35, 36, 40, 42, 43, 44, 48, 49, 52, 53, 56, 57, 58, 62, 65, 66, 69, 70, 72, 73, 78, 79, 80, 81, 82, 84, 86, 88, 89, 91, 92, 96, 97, 103, 109, 111, 112, 114, 115, 118, 120, 122, 123, 126, 127, 128, 129, 131, 132, 134, 137, 139, 142, 144, 145, 148, 149, 150, 151, 152, 154],
      "LargestImagePixelValue": [943, 963, 828, 1060, 940, 975, 889, 881, 927, 886, 883, 924, 939, 998, 1068, 924, 926, 861, 889, 919, 946, 867, 804, 815, 937, 941, 918, 894, 1029, 848, 792, 817, 807, 852, 855, 866, 1051, 1123, 971, 815, 839, 830, 806, 912, 810, 846, 828, 882, 860, 898, 1021, 1137, 1073, 1053, 824, 879, 914, 933, 956, 982, 948, 965, 972, 950, 973, 877, 890, 1075, 880, 932, 1000, 1007, 1009, 906, 1018, 982, 902, 834, 977, 941, 924, 930, 901],
      "WindowCenter": [429.0, 427.0, 431.0, 429.0, 424.0, 423.0, 422.0, 423.0, 424.0, 426.0, 425.0, 426.0, 431.0, 431.0, 428.0, 424.0, 425.0, 425.0, 425.0, 426.0, 429.0, 427.0, 427.0, 428.0, 431.0, 428.0, 427.0, 428.0, 429.0, 425.0, 426.0, 427.0, 425.0, 427.0, 427.0, 430.0, 429.0, 427.0, 422.0, 422.0, 424.0, 425.0, 426.0, 428.0, 426.0, 427.0, 427.0, 428.0, 431.0, 436.0, 433.0, 433.0, 426.0, 426.0, 424.0, 428.0, 428.0, 428.0, 428.0, 428.0, 428.0, 429.0, 429.0, 429.0, 429.0, 429.0, 429.0, 430.0, 426.0, 427.0, 427.0, 427.0, 425.0, 424.0, 426.0, 426.0, 425.0, 424.0, 427.0, 426.0, 426.0, 426.0, 425.0],
      "WindowWidth": [905.0, 901.0, 910.0, 905.0, 895.0, 893.0, 892.0, 893.0, 896.0, 899.0, 899.0, 900.0, 910.0, 909.0, 903.0, 897.0, 897.0, 897.0, 899.0, 900.0, 906.0, 901.0, 902.0, 903.0, 908.0, 904.0, 902.0, 904.0, 904.0, 899.0, 900.0, 901.0, 898.0, 901.0, 902.0, 909.0, 905.0, 901.0, 892.0, 892.0, 897.0, 898.0, 901.0, 903.0, 901.0, 902.0, 903.0, 904.0, 911.0, 919.0, 913.0, 913.0, 900.0, 899.0, 896.0, 903.0, 905.0, 903.0, 904.0, 904.0, 903.0, 905.0, 905.0, 905.0, 906.0, 905.0, 906.0, 906.0, 900.0, 901.0, 902.0, 901.0, 898.0, 896.0, 899.0, 899.0, 899.0, 897.0, 901.0, 900.0, 899.0, 899.0, 899.0]
    },
    "slices": {}
  }
}