{
  "AcquisitionMatrixPE": 64,
  "AcquisitionNumber": 1,
  "AcquisitionTime": "10:46:16.197500",
  "BandwidthPerPixelPhaseEncode": 40.064,
  "BaseResolution": 64,
  "BodyPartExamined": "BRAIN",
  "ConsistencyInfo": "N4_VD13D_LATEST_20130810",
  "ConversionSoftware": "dcm2niix",
  "ConversionSoftwareVersion": "v1.0.20191031",
  "DerivedVendorReportedEchoSpacing": 0.000780002,
  "DeviceSerialNumber": "67007",
  "DwellTime": 5.3e-06,
  "EchoTime": 0.03,
  "EchoTrainLength": 31,
  "EffectiveEchoSpacing": 0.000390001,
  "FlipAngle": 75,
  "ImageOrientationPatientDICOM": [0.999077, 0.0208633, -0.0375509, -0.0226722, 0.99857, -0.0484084],
  "ImageType": [
    "ORIGINAL",
    "PRIMARY",
    "M",
    "ND",
    "NORM",
    "MOSAIC"
],
  "ImagingFrequency": 123.211,
  "InPlanePhaseEncodingDirectionDICOM": "ROW",
  "InstitutionAddress": "Perth_Drive_100_London_Ontario_CA_N6A_5K8",
  "InstitutionName": "Robarts-CFMM",
  "InstitutionalDepartmentName": "CFMM",
  "MRAcquisitionType": "2D",
  "MagneticFieldStrength": 3,
  "Manufacturer": "Siemens",
  "ManufacturersModelName": "Prisma_fit",
  "Modality": "MR",
  "ParallelReductionFactorInPlane": 2,
  "PartialFourier": 1,
  "PatientPosition": "HFS",
  "PercentPhaseFOV": 100,
  "PhaseEncodingDirection": "i",
  "PhaseEncodingSteps": 63,
  "PhaseResolution": 1,
  "PixelBandwidth": 1475,
  "ProcedureStepDescription": "Owen_Naci",
  "ProtocolName": "taken",
  "PulseSequenceDetails": "%SiemensSeq%_ep2d_bold",
  "ReceiveCoilActiveElements": "HEA;HEP",
  "ReceiveCoilName": "Head_32",
  "ReconMatrixPE": 64,
  "RefLinesPE": 24,
  "RepetitionTime": 2,
  "SAR": 0.141631,
  "ScanOptions": "FS",
  "ScanningSequence": "EP",
  "SequenceName": "_epfid2d1_64",
  "SequenceVariant": "SK",
  "SeriesDescription": "taken",
  "SeriesNumber": 13,
  "ShimSetting": [5235, -6122, -3911, 329, -8, 162, 111, -51],
  "SliceThickness": 3,
  "SliceTiming": [1.92, 1.86, 1.8, 1.74, 1.68, 1.62, 1.56, 1.5, 1.44, 1.38, 1.32, 1.26, 1.2, 1.14, 1.08, 1.02, 0.96, 0.9, 0.84, 0.78, 0.72, 0.66, 0.6, 0.54, 0.48, 0.42, 0.36, 0.3, 0.24, 0.18, 0.12, 0.06, 0],
  "SoftwareVersions": "syngo_MR_D13D",
  "SpacingBetweenSlices": 3.75,
  "StationName": "AWP67007",
  "TaskName": "movie",
  "TotalReadoutTime": 0.0245701,
  "TxRefAmp": 280.503,
  "dcmmeta_affine": [
    [-2.9972307682037354, -0.06801667809486389, -0.13682721555233002, 102.08744049072266],
    [-0.06259004771709442, 2.995710849761963, -0.18455646932125092, -69.05018615722656],
    [-0.11265271157026291, 0.1452251374721527, 3.7429556846618652, -32.62803268432617],
    [0.0, 0.0, 0.0, 1.0]
],
  "dcmmeta_reorient_transform": [
    [0.0, -1.0, 0.0, 63.0],
    [1.0, 0.0, 0.0, 0.0],
    [0.0, 0.0, 1.0, 0.0],
    [0.0, 0.0, 0.0, 1.0]
],
  "dcmmeta_shape": [64, 64, 33, 80],
  "dcmmeta_slice_dim": 2,
  "dcmmeta_version": 0.6,
  "global": {
    "const": {
      "AcquisitionMatrix": [0, 64, 64, 0],
      "AngioFlag": "N",
      "BitsAllocated": 16,
      "BitsStored": 12,
      "BodyPartExamined": "BRAIN",
      "Columns": 384,
      "EchoNumbers": 1,
      "EchoTime": 30.0,
      "EchoTrainLength": 31,
      "FlipAngle": 75.0,
      "HighBit": 11,
      "ImageOrientationPatient": [0.99907689905768, 0.02086334823819, -0.0375509050435, -0.0226722267163, 0.99857027732858, -0.0484083812128],
      "ImagePositionPatient": [-566.4766314374, -609.00773698491, 17.781609018516],
      "ImageType": [
        "ORIGINAL",
        "PRIMARY",
        "M",
        "ND",
        "NORM",
        "MOSAIC"
],
      "ImagedNucleus": "1H",
      "ImagingFrequency": 123.2111,
      "InPlanePhaseEncodingDirection": "ROW",
      "MRAcquisitionType": "2D",
      "MagneticFieldStrength": 3.0,
      "Manufacturer": "SIEMENS",
      "ManufacturerModelName": "Prisma_fit",
      "Modality": "MR",
      "NumberOfAverages": 1.0,
      "NumberOfPhaseEncodingSteps": 63,
      "PercentPhaseFieldOfView": 100.0,
      "PercentSampling": 100.0,
      "PerformedProcedureStepStartTime": "093249.620000",
      "PhotometricInterpretation": "MONOCHROME2",
      "PixelBandwidth": 1475.0,
      "PixelRepresentation": 0,
      "PixelSpacing": [3.0, 3.0],
      "ProtocolName": "taken",
      "RepetitionTime": 2000.0,
      "Rows": 384,
      "SAR": 0.14163147387896,
      "SamplesPerPixel": 1,
      "ScanOptions": "FS",
      "ScanningSequence": "EP",
      "SequenceName": "*epfid2d1_64",
      "SequenceVariant": "SK",
      "SeriesDescription": "taken",
      "SeriesNumber": 13,
      "SeriesTime": "104711.750000",
      "SliceLocation": -32.893322877554,
      "SliceThickness": 3.0,
      "SmallestImagePixelValue": 0,
      "SoftwareVersions": "syngo MR D13D",
      "SpacingBetweenSlices": 3.7499999460954,
      "SpecificCharacterSet": "ISO_IR 100",
      "StudyID": "1",
      "StudyTime": "093249.503000",
      "TimeOfLastCalibration": ["123723.000000", "123723.000000"],
      "TransmitCoilName": "Body",
      "VariableFlipAngleFlag": "N",
      "WindowCenterWidthExplanation": "Algo1",
      "dBdt": 0.0},
    "slices": {}
  },
  "time": {
    "samples": {
      "AcquisitionNumber": [1, 2, 5, 7, 9, 12, 13, 14, 17, 18, 20, 22, 23, 25, 26, 28, 31, 32, 34, 35, 37, 42, 43, 46, 47, 48, 49, 50, 52, 55, 56, 59, 60, 61, 63, 64, 65, 66, 68, 70, 73, 74, 77, 78, 81, 83, 84, 85, 87, 88, 89, 91, 93, 96, 97, 98, 100, 103, 105, 108, 112, 113, 115, 116, 117, 118, 119, 121, 122, 127, 128, 130, 132, 136, 139, 144, 148, 150, 153, 154],
      "AcquisitionTime": ["104616.197500", "104618.197500", "104624.197500", "104628.197500", "104632.197500", "104638.197500", "104640.197500", "104642.197500", "104648.197500", "104650.197500", "104654.197500", "104658.197500", "104700.197500", "104704.197500", "104706.197500", "104710.197500", "104716.197500", "104718.197500", "104722.197500", "104724.197500", "104728.197500", "104738.197500", "104740.197500", "104746.197500", "104748.197500", "104750.197500", "104752.197500", "104754.197500", "104758.197500", "104804.197500", "104806.197500", "104812.197500", "104814.197500", "104816.197500", "104820.197500", "104822.197500", "104824.197500", "104826.197500", "104830.197500", "104834.197500", "104840.197500", "104842.197500", "104848.197500", "104850.197500", "104856.197500", "104900.197500", "104902.197500", "104904.197500", "104908.197500", "104910.197500", "104912.197500", "104916.197500", "104920.200000", "104926.200000", "104928.200000", "104930.200000", "104934.200000", "104940.200000", "104944.200000", "104950.200000", "104958.200000", "105000.200000", "105004.200000", "105006.200000", "105008.200000", "105010.200000", "105012.200000", "105016.200000", "105018.200000", "105028.200000", "105030.200000", "105034.200000", "105038.200000", "105046.200000", "105052.200000", "105102.200000", "105110.200000", "105114.200000", "105120.200000", "105122.200000"],
      "ContentTime": ["104711.754000", "104711.758000", "104711.767000", "104711.774000", "104711.784000", "104711.794000", "104711.797000", "104711.800000", "104711.808000", "104711.811000", "104711.817000", "104711.833000", "104711.835000", "104711.841000", "104711.844000", "104751.752000", "104751.761000", "104751.770000", "104751.776000", "104751.779000", "104751.786000", "104751.801000", "104751.803000", "104751.812000", "104831.747000", "104831.751000", "104831.761000", "104831.765000", "104831.778000", "104831.787000", "104831.791000", "104831.800000", "104831.803000", "104831.806000", "104831.811000", "104831.815000", "104831.818000", "104831.820000", "104911.750000", "104911.756000", "104911.768000", "104911.771000", "104911.780000", "104911.783000", "104911.792000", "104911.798000", "104911.801000", "104911.804000", "104911.810000", "104951.747000", "104951.751000", "104951.759000", "104951.769000", "104951.778000", "104951.781000", "104951.784000", "104951.791000", "104951.799000", "104951.806000", "105031.751000", "105031.763000", "105031.766000", "105031.772000", "105031.775000", "105031.778000", "105031.781000", "105031.785000", "105031.791000", "105031.794000", "105111.747000", "105111.753000", "105111.759000", "105111.765000", "105111.777000", "105111.787000", "105111.801000", "105127.759000", "105127.765000", "105127.773000", "105127.777000"],
      "InstanceCreationTime": ["104711.754000", "104711.758000", "104711.767000", "104711.774000", "104711.784000", "104711.794000", "104711.797000", "104711.800000", "104711.808000", "104711.811000", "104711.817000", "104711.833000", "104711.835000", "104711.841000", "104711.844000", "104751.752000", "104751.761000", "104751.770000", "104751.776000", "104751.779000", "104751.786000", "104751.801000", "104751.803000", "104751.812000", "104831.747000", "104831.751000", "104831.761000", "104831.765000", "104831.778000", "104831.787000", "104831.791000", "104831.800000", "104831.803000", "104831.806000", "104831.811000", "104831.815000", "104831.818000", "104831.820000", "104911.750000", "104911.756000", "104911.768000", "104911.771000", "104911.780000", "104911.783000", "104911.792000", "104911.798000", "104911.801000", "104911.804000", "104911.810000", "104951.747000", "104951.751000", "104951.759000", "104951.769000", "104951.778000", "104951.781000", "104951.784000", "104951.791000", "104951.799000", "104951.806000", "105031.751000", "105031.763000", "105031.766000", "105031.772000", "105031.775000", "105031.778000", "105031.781000", "105031.785000", "105031.791000", "105031.794000", "105111.747000", "105111.753000", "105111.759000", "105111.765000", "105111.777000", "105111.787000", "105111.801000", "105127.759000", "105127.765000", "105127.773000", "105127.777000"],
      "InstanceNumber": [1, 2, 5, 7, 9, 12, 13, 14, 17, 18, 20, 22, 23, 25, 26, 28, 31, 32, 34, 35, 37, 42, 43, 46, 47, 48, 49, 50, 52, 55, 56, 59, 60, 61, 63, 64, 65, 66, 68, 70, 73, 74, 77, 78, 81, 83, 84, 85, 87, 88, 89, 91, 93, 96, 97, 98, 100, 103, 105, 108, 112, 113, 115, 116, 117, 118, 119, 121, 122, 127, 128, 130, 132, 136, 139, 144, 148, 150, 153, 154],
      "LargestImagePixelValue": [896, 950, 782, 814, 936, 808, 914, 847, 758, 945, 886, 778, 822, 785, 798, 858, 814, 842, 919, 825, 937, 830, 796, 857, 810, 919, 868, 849, 945, 855, 805, 811, 866, 954, 988, 1069, 949, 1097, 947, 919, 807, 851, 878, 811, 806, 778, 934, 933, 862, 972, 826, 762, 857, 833, 872, 911, 866, 803, 1017, 862, 888, 849, 845, 828, 867, 839, 866, 799, 855, 812, 791, 852, 786, 867, 876, 815, 889, 847, 837, 855],
      "WindowCenter": [428.0, 427.0, 423.0, 425.0, 433.0, 423.0, 423.0, 422.0, 424.0, 426.0, 425.0, 425.0, 426.0, 425.0, 426.0, 426.0, 425.0, 427.0, 427.0, 425.0, 427.0, 425.0, 425.0, 425.0, 425.0, 426.0, 425.0, 425.0, 426.0, 426.0, 425.0, 425.0, 425.0, 427.0, 437.0, 430.0, 425.0, 428.0, 421.0, 422.0, 425.0, 425.0, 425.0, 425.0, 425.0, 425.0, 427.0, 433.0, 430.0, 425.0, 424.0, 421.0, 423.0, 425.0, 426.0, 427.0, 426.0, 426.0, 427.0, 425.0, 424.0, 424.0, 425.0, 424.0, 425.0, 425.0, 425.0, 424.0, 426.0, 422.0, 423.0, 425.0, 424.0, 425.0, 425.0, 425.0, 425.0, 425.0, 425.0, 425.0],
      "WindowWidth": [904.0, 901.0, 895.0, 898.0, 915.0, 894.0, 894.0, 893.0, 896.0, 899.0, 898.0, 898.0, 899.0, 898.0, 900.0, 901.0, 899.0, 902.0, 901.0, 898.0, 902.0, 899.0, 898.0, 899.0, 898.0, 900.0, 899.0, 898.0, 899.0, 900.0, 898.0, 899.0, 898.0, 902.0, 922.0, 907.0, 897.0, 904.0, 889.0, 892.0, 898.0, 899.0, 899.0, 899.0, 899.0, 899.0, 902.0, 915.0, 909.0, 899.0, 896.0, 890.0, 894.0, 899.0, 900.0, 901.0, 900.0, 900.0, 902.0, 897.0, 895.0, 896.0, 897.0, 897.0, 899.0, 899.0, 899.0, 897.0, 900.0, 893.0, 895.0, 898.0, 896.0, 899.0, 898.0, 898.0, 899.0, 898.0, 899.0, 899.0]
    },
    "slices": {}
  }
}