{
  "AcquisitionMatrixPE": 64,
  "AcquisitionNumber": 3,
  "AcquisitionTime": "19:53:55.097500",
  "BandwidthPerPixelPhaseEncode": 40.064,
  "BaseResolution": 64,
  "BodyPartExamined": "BRAIN",
  "ConsistencyInfo": "N4_VD13D_LATEST_20130810",
  "ConversionSoftware": "dcm2niix",
  "ConversionSoftwareVersion": "v1.0.20191031",
  "DerivedVendorReportedEchoSpacing": 0.000780002,
  "DeviceSerialNumber": "67007",
  "DwellTime": 5.3e-06,
  "EchoTime": 0.03,
  "EchoTrainLength": 31,
  "EffectiveEchoSpacing": 0.000390001,
  "FlipAngle": 75,
  "ImageOrientationPatientDICOM": [0.999133, 0.0414006, 0.00450159, -0.0401293, 0.98603, -0.161662],
  "ImageType": [
    "ORIGINAL",
    "PRIMARY",
    "M",
    "ND",
    "NORM",
    "MOSAIC"
],
  "ImagingFrequency": 123.211,
  "InPlanePhaseEncodingDirectionDICOM": "ROW",
  "InstitutionAddress": "Perth_Drive_100_London_Ontario_CA_N6A_5K8",
  "InstitutionName": "Robarts_Research_Institute",
  "InstitutionalDepartmentName": "CFMM",
  "MRAcquisitionType": "2D",
  "MagneticFieldStrength": 3,
  "Manufacturer": "Siemens",
  "ManufacturersModelName": "Prisma_fit",
  "Modality": "MR",
  "ParallelReductionFactorInPlane": 2,
  "PartialFourier": 1,
  "PatientPosition": "HFS",
  "PercentPhaseFOV": 100,
  "PhaseEncodingDirection": "i",
  "PhaseEncodingSteps": 63,
  "PhaseResolution": 1,
  "PixelBandwidth": 1475,
  "ProcedureStepDescription": "Owen_Naci",
  "ProtocolName": "taken_deep_sed",
  "PulseSequenceDetails": "%SiemensSeq%_ep2d_bold",
  "ReceiveCoilActiveElements": "HEA;HEP",
  "ReceiveCoilName": "Head_32",
  "ReconMatrixPE": 64,
  "RefLinesPE": 24,
  "RepetitionTime": 2,
  "SAR": 0.120878,
  "ScanOptions": "FS",
  "ScanningSequence": "EP",
  "SequenceName": "_epfid2d1_64",
  "SequenceVariant": "SK",
  "SeriesDescription": "taken_deep_sed",
  "SeriesNumber": 11,
  "ShimSetting": [5262, -6210, -3765, 402, 28, -118, 122, -6],
  "SliceThickness": 3,
  "SliceTiming": [1.92, 1.86, 1.8, 1.74, 1.68, 1.62, 1.56, 1.5, 1.44, 1.38, 1.32, 1.26, 1.2, 1.14, 1.08, 1.02, 0.96, 0.9, 0.84, 0.78, 0.72, 0.66, 0.6, 0.54, 0.48, 0.42, 0.36, 0.3, 0.24, 0.18, 0.12, 0.06, 0],
  "SoftwareVersions": "syngo_MR_D13D",
  "SpacingBetweenSlices": 3.75,
  "StationName": "AWP67007",
  "TaskName": "movie",
  "TotalReadoutTime": 0.0245701,
  "TxRefAmp": 322.304,
  "dcmmeta_affine": [
    [-2.9973974227905273, -0.12038791924715042, 0.04174353927373886, 101.47430419921875],
    [-0.12420179694890976, 2.958089828491211, -0.605029284954071, -64.37215423583984],
    [0.01350477896630764, 0.4849861264228821, 3.700634479522705, -41.04717254638672],
    [0.0, 0.0, 0.0, 1.0]
],
  "dcmmeta_reorient_transform": [
    [0.0, -1.0, 0.0, 63.0],
    [1.0, 0.0, 0.0, 0.0],
    [0.0, 0.0, 1.0, 0.0],
    [0.0, 0.0, 0.0, 1.0]
],
  "dcmmeta_shape": [64, 64, 33, 83],
  "dcmmeta_slice_dim": 2,
  "dcmmeta_version": 0.6,
  "global": {
    "const": {
      "AcquisitionMatrix": [0, 64, 64, 0],
      "AngioFlag": "N",
      "BitsAllocated": 16,
      "BitsStored": 12,
      "BodyPartExamined": "BRAIN",
      "Columns": 384,
      "EchoNumbers": 1,
      "EchoTime": 30.0,
      "EchoTrainLength": 31,
      "FlipAngle": 75.0,
      "HighBit": 11,
      "ImageOrientationPatient": [0.99913248669789, 0.04140060004933, 0.0045015931021, -0.0401293067298, 0.9860299298234, -0.1616620432688],
      "ImagePositionPatient": [-554.21138984718, -615.15415314492, 64.943971145387],
      "ImageType": [
        "ORIGINAL",
        "PRIMARY",
        "M",
        "ND",
        "NORM",
        "MOSAIC"
],
      "ImagedNucleus": "1H",
      "ImagingFrequency": 123.211186,
      "InPlanePhaseEncodingDirection": "ROW",
      "MRAcquisitionType": "2D",
      "MagneticFieldStrength": 3.0,
      "Manufacturer": "SIEMENS",
      "ManufacturerModelName": "Prisma_fit",
      "Modality": "MR",
      "NumberOfAverages": 1.0,
      "NumberOfPhaseEncodingSteps": 63,
      "PercentPhaseFieldOfView": 100.0,
      "PercentSampling": 100.0,
      "PerformedProcedureStepStartTime": "183209.631000",
      "PhotometricInterpretation": "MONOCHROME2",
      "PixelBandwidth": 1475.0,
      "PixelRepresentation": 0,
      "PixelSpacing": [3.0, 3.0],
      "ProtocolName": "taken_deep sed",
      "RepetitionTime": 2000.0,
      "Rows": 384,
      "SAR": 0.12087839923134,
      "SamplesPerPixel": 1,
      "ScanOptions": "FS",
      "ScanningSequence": "EP",
      "SequenceName": "*epfid2d1_64",
      "SequenceVariant": "SK",
      "SeriesDescription": "taken_deep sed",
      "SeriesNumber": 11,
      "SeriesTime": "195407.820000",
      "SliceLocation": -28.991371898816,
      "SliceThickness": 3.0,
      "SmallestImagePixelValue": 0,
      "SoftwareVersions": "syngo MR D13D",
      "SpacingBetweenSlices": 3.7499999177386,
      "SpecificCharacterSet": "ISO_IR 100",
      "StudyID": "1",
      "StudyTime": "183209.576000",
      "TimeOfLastCalibration": ["123723.000000", "123723.000000"],
      "TransmitCoilName": "Body",
      "VariableFlipAngleFlag": "N",
      "WindowCenterWidthExplanation": "Algo1",
      "dBdt": 0.0},
    "slices": {}
  },
  "time": {
    "samples": {
      "AcquisitionNumber": [3, 5, 7, 8, 9, 10, 11, 15, 16, 17, 19, 21, 22, 23, 24, 27, 28, 32, 33, 35, 37, 38, 40, 42, 45, 46, 47, 48, 49, 50, 51, 54, 55, 58, 59, 60, 61, 62, 65, 66, 68, 69, 70, 71, 72, 75, 78, 79, 81, 83, 85, 86, 87, 90, 93, 94, 95, 99, 102, 103, 107, 111, 113, 117, 118, 123, 125, 128, 129, 132, 133, 135, 137, 139, 141, 144, 145, 146, 147, 150, 151, 154, 155],
      "AcquisitionTime": ["195355.097500", "195359.097500", "195403.097500", "195405.097500", "195407.097500", "195409.097500", "195411.097500", "195419.097500", "195421.097500", "195423.097500", "195427.097500", "195431.097500", "195433.097500", "195435.097500", "195437.097500", "195443.097500", "195445.097500", "195453.097500", "195455.097500", "195459.097500", "195503.097500", "195505.097500", "195509.097500", "195513.097500", "195519.097500", "195521.097500", "195523.097500", "195525.097500", "195527.097500", "195529.097500", "195531.097500", "195537.097500", "195539.097500", "195545.097500", "195547.097500", "195549.097500", "195551.097500", "195553.097500", "195559.097500", "195601.097500", "195605.097500", "195607.097500", "195609.097500", "195611.097500", "195613.097500", "195619.097500", "195625.097500", "195627.097500", "195631.097500", "195635.097500", "195639.097500", "195641.097500", "195643.097500", "195649.097500", "195655.097500", "195657.097500", "195659.097500", "195707.097500", "195713.097500", "195715.097500", "195723.097500", "195731.097500", "195735.097500", "195743.097500", "195745.097500", "195755.097500", "195759.097500", "195805.097500", "195807.097500", "195813.100000", "195815.100000", "195819.100000", "195823.100000", "195827.100000", "195831.100000", "195837.100000", "195839.100000", "195841.100000", "195843.100000", "195849.100000", "195851.100000", "195857.100000", "195859.100000"],
      "ContentTime": ["195407.831000", "195407.836000", "195407.842000", "195407.845000", "195407.847000", "195447.817000", "195447.820000", "195447.831000", "195447.834000", "195447.836000", "195447.842000", "195447.847000", "195447.850000", "195447.852000", "195447.855000", "195447.863000", "195447.866000", "195527.825000", "195527.828000", "195527.833000", "195527.839000", "195527.842000", "195527.853000", "195527.858000", "195527.867000", "195527.869000", "195527.872000", "195527.875000", "195527.878000", "195607.818000", "195607.821000", "195607.829000", "195607.832000", "195607.840000", "195607.843000", "195607.846000", "195607.849000", "195607.851000", "195607.860000", "195607.862000", "195607.868000", "195607.871000", "195647.817000", "195647.820000", "195647.823000", "195647.831000", "195647.840000", "195647.843000", "195647.849000", "195647.854000", "195647.860000", "195647.866000", "195647.869000", "195727.817000", "195727.826000", "195727.828000", "195727.831000", "195727.841000", "195727.849000", "195727.852000", "195727.863000", "195807.823000", "195807.828000", "195807.839000", "195807.842000", "195807.856000", "195807.861000", "195807.870000", "195807.873000", "195847.826000", "195847.829000", "195847.834000", "195847.840000", "195847.846000", "195847.851000", "195847.859000", "195847.862000", "195847.865000", "195847.868000", "195859.590000", "195859.594000", "195859.603000", "195859.606000"],
      "InstanceCreationTime": ["195407.831000", "195407.836000", "195407.842000", "195407.845000", "195407.847000", "195447.817000", "195447.820000", "195447.831000", "195447.834000", "195447.836000", "195447.842000", "195447.847000", "195447.850000", "195447.852000", "195447.855000", "195447.863000", "195447.866000", "195527.825000", "195527.828000", "195527.833000", "195527.839000", "195527.842000", "195527.853000", "195527.858000", "195527.867000", "195527.869000", "195527.872000", "195527.875000", "195527.878000", "195607.818000", "195607.821000", "195607.829000", "195607.832000", "195607.840000", "195607.843000", "195607.846000", "195607.849000", "195607.851000", "195607.860000", "195607.862000", "195607.868000", "195607.871000", "195647.817000", "195647.820000", "195647.823000", "195647.831000", "195647.840000", "195647.843000", "195647.849000", "195647.854000", "195647.860000", "195647.866000", "195647.869000", "195727.817000", "195727.826000", "195727.828000", "195727.831000", "195727.841000", "195727.849000", "195727.852000", "195727.863000", "195807.823000", "195807.828000", "195807.839000", "195807.842000", "195807.856000", "195807.861000", "195807.870000", "195807.873000", "195847.826000", "195847.829000", "195847.834000", "195847.840000", "195847.846000", "195847.851000", "195847.859000", "195847.862000", "195847.865000", "195847.868000", "195859.590000", "195859.594000", "195859.603000", "195859.606000"],
      "InstanceNumber": [3, 5, 7, 8, 9, 10, 11, 15, 16, 17, 19, 21, 22, 23, 24, 27, 28, 32, 33, 35, 37, 38, 40, 42, 45, 46, 47, 48, 49, 50, 51, 54, 55, 58, 59, 60, 61, 62, 65, 66, 68, 69, 70, 71, 72, 75, 78, 79, 81, 83, 85, 86, 87, 90, 93, 94, 95, 99, 102, 103, 107, 111, 113, 117, 118, 123, 125, 128, 129, 132, 133, 135, 137, 139, 141, 144, 145, 146, 147, 150, 151, 154, 155],
      "LargestImagePixelValue": [1151, 1011, 1107, 905, 968, 1020, 1165, 906, 1195, 902, 962, 941, 915, 1089, 914, 1127, 997, 987, 1198, 1142, 1113, 1067, 1126, 1170, 1009, 1077, 907, 1109, 908, 1106, 921, 1043, 906, 1026, 1137, 1052, 1012, 972, 1020, 901, 1013, 905, 1050, 961, 1038, 900, 1054, 917, 1152, 1019, 895, 1065, 886, 1075, 1013, 1017, 966, 1045, 940, 1132, 1228, 1169, 1129, 1055, 957, 1017, 940, 889, 942, 887, 894, 891, 911, 918, 951, 964, 1125, 975, 1199, 952, 1155, 1124, 1034],
      "WindowCenter": [496.0, 494.0, 495.0, 493.0, 495.0, 497.0, 498.0, 493.0, 495.0, 492.0, 492.0, 493.0, 492.0, 494.0, 492.0, 495.0, 494.0, 494.0, 496.0, 495.0, 495.0, 494.0, 495.0, 496.0, 493.0, 494.0, 492.0, 494.0, 492.0, 495.0, 493.0, 495.0, 494.0, 495.0, 497.0, 495.0, 494.0, 495.0, 494.0, 495.0, 497.0, 496.0, 498.0, 497.0, 497.0, 494.0, 499.0, 499.0, 500.0, 495.0, 492.0, 494.0, 492.0, 494.0, 494.0, 494.0, 494.0, 493.0, 492.0, 495.0, 496.0, 495.0, 495.0, 495.0, 494.0, 494.0, 494.0, 493.0, 494.0, 494.0, 495.0, 495.0, 495.0, 494.0, 495.0, 496.0, 498.0, 497.0, 499.0, 496.0, 498.0, 498.0, 498.0],
      "WindowWidth": [1029.0, 1026.0, 1027.0, 1025.0, 1029.0, 1031.0, 1032.0, 1024.0, 1027.0, 1023.0, 1023.0, 1024.0, 1022.0, 1026.0, 1022.0, 1027.0, 1025.0, 1025.0, 1028.0, 1027.0, 1026.0, 1026.0, 1028.0, 1028.0, 1023.0, 1026.0, 1022.0, 1026.0, 1022.0, 1027.0, 1023.0, 1027.0, 1026.0, 1028.0, 1030.0, 1028.0, 1026.0, 1028.0, 1026.0, 1029.0, 1032.0, 1029.0, 1033.0, 1032.0, 1030.0, 1026.0, 1034.0, 1036.0, 1036.0, 1028.0, 1022.0, 1025.0, 1022.0, 1026.0, 1026.0, 1026.0, 1025.0, 1024.0, 1023.0, 1027.0, 1028.0, 1028.0, 1028.0, 1027.0, 1027.0, 1026.0, 1026.0, 1024.0, 1026.0, 1026.0, 1028.0, 1028.0, 1028.0, 1027.0, 1029.0, 1029.0, 1033.0, 1030.0, 1034.0, 1029.0, 1033.0, 1033.0, 1033.0]
    },
    "slices": {}
  }
}